{
  "aor": 0.002500360824742268,
  "aqi": 0.011883880953608249,
  "bids_meta": {
    "AcquisitionDateTime": "2011-03-15T12:12:25.882812",
    "ConversionSoftware": "dcm2niix",
    "ConversionSoftwareVersion": "v1.0.20170207",
    "DeviceSerialNumber": "35407",
    "EchoTime": 0.02,
    "EffectiveEchoSpacing": 0.000460005,
    "FlipAngle": 80,
    "HardcopyDeviceSoftwareVersion": "syngo MR B17",
    "ImageType": [
      "ORIGINAL",
      "PRIMARY",
      "M",
      "ND",
      "MOSAIC"
    ],
    "InstitutionAddress": "Cedar Street 333, New Haven, Connecticut, US 06510",
    "InstitutionName": "Yale MRRC",
    "MagneticFieldStrength": 3,
    "Manufacturer": "Siemens",
    "ManufacturersModelName": "TrioTim",
    "PhaseEncodingDirection": "j-",
    "ProcedureStepDescription": "MRRC_Research_SiteProtocols",
    "ProtocolName": "ep2d_bold_390",
    "PulseSequenceType": " EP SK FS",
    "RepetitionTime": 2,
    "SequenceName": "epfid2d1_64",
    "SliceTiming": [
      1.005,
      0,
      1.055,
      0.05,
      1.105,
      0.1,
      1.155,
      0.15,
      1.205,
      0.2,
      1.255,
      0.25,
      1.305,
      0.3025,
      1.355,
      0.3525,
      1.405,
      0.4025,
      1.455,
      0.4525,
      1.505,
      0.5025,
      1.555,
      0.5525,
      1.6075,
      0.6025,
      1.6575,
      0.6525,
      1.7075,
      0.7025,
      1.7575,
      0.7525,
      1.8075,
      0.8025,
      1.8575,
      0.8525,
      1.9075,
      0.9025,
      1.9575,
      0.955
    ],
    "TaskName": "flavor",
    "dataset": "ds000229",
    "modality": "bold",
    "run_id": 1,
    "subject_id": "15",
    "task_id": "flavor"
  },
  "dummy_trs": 2,
  "dvars_nstd": 26.336117076692492,
  "dvars_std": 1.0898535667441869,
  "dvars_vstd": 0.9846664158656326,
  "efc": 0.5838456916807987,
  "fber": 1027.6229248046875,
  "fd_mean": 0.36656991452107984,
  "fd_num": 289,
  "fd_perc": 74.48453608247422,
  "fwhm_avg": 2.081966888888889,
  "fwhm_x": 1.855069090909091,
  "fwhm_y": 2.206274909090909,
  "fwhm_z": 2.184556666666667,
  "gcor": 0.0498213,
  "gsr_x": -0.024265171959996223,
  "gsr_y": 0.06277554482221603,
  "provenance": {
    "md5sum": "446772691c7f3bb2f2d3434b9816117a",
    "settings": {
      "fd_thres": 0.2,
      "testing": false
    },
    "software": "mriqc",
    "version": "22.0.6",
    "webapi_port": null,
    "webapi_url": "https://mriqc.nimh.nih.gov/api/v1"
  },
  "size_t": 388,
  "size_x": 64,
  "size_y": 64,
  "size_z": 40,
  "snr": 6.8810696624314165,
  "spacing_tr": 2.0,
  "spacing_x": 3.4375,
  "spacing_y": 3.4375,
  "spacing_z": 3.0,
  "summary_bg_k": 19.386279950570163,
  "summary_bg_mad": 11.646832319279447,
  "summary_bg_mean": 63.07126998901367,
  "summary_bg_median": 27.275772094726562,
  "summary_bg_n": 91477.0,
  "summary_bg_p05": 18.19587516784668,
  "summary_bg_p95": 249.2314331054687,
  "summary_bg_stdv": 94.67865753173828,
  "summary_fg_k": 1.2316697974345256,
  "summary_fg_mad": 117.26886753568544,
  "summary_fg_mean": 907.4098510742188,
  "summary_fg_median": 905.0025634765625,
  "summary_fg_n": 36994.0,
  "summary_fg_p05": 689.5022857666015,
  "summary_fg_p95": 1121.9573364257812,
  "summary_fg_stdv": 131.5188446044922,
  "tsnr": 53.2243636213243
}