{
  "aor": 0.001296881443298969,
  "aqi": 0.007242152757731958,
  "bids_meta": {
    "AcquisitionDateTime": "2011-03-15T12:12:25.882812",
    "ConversionSoftware": "dcm2niix",
    "ConversionSoftwareVersion": "v1.0.20170207",
    "DeviceSerialNumber": "35407",
    "EchoTime": 0.02,
    "EffectiveEchoSpacing": 0.000460005,
    "FlipAngle": 80,
    "HardcopyDeviceSoftwareVersion": "syngo MR B17",
    "ImageType": [
      "ORIGINAL",
      "PRIMARY",
      "M",
      "ND",
      "MOSAIC"
    ],
    "InstitutionAddress": "Cedar Street 333, New Haven, Connecticut, US 06510",
    "InstitutionName": "Yale MRRC",
    "MagneticFieldStrength": 3,
    "Manufacturer": "Siemens",
    "ManufacturersModelName": "TrioTim",
    "PhaseEncodingDirection": "j-",
    "ProcedureStepDescription": "MRRC_Research_SiteProtocols",
    "ProtocolName": "ep2d_bold_390",
    "PulseSequenceType": " EP SK FS",
    "RepetitionTime": 2,
    "SequenceName": "epfid2d1_64",
    "SliceTiming": [
      1.005,
      0,
      1.055,
      0.05,
      1.105,
      0.1,
      1.155,
      0.15,
      1.205,
      0.2,
      1.255,
      0.25,
      1.305,
      0.3025,
      1.355,
      0.3525,
      1.405,
      0.4025,
      1.455,
      0.4525,
      1.505,
      0.5025,
      1.555,
      0.5525,
      1.6075,
      0.6025,
      1.6575,
      0.6525,
      1.7075,
      0.7025,
      1.7575,
      0.7525,
      1.8075,
      0.8025,
      1.8575,
      0.8525,
      1.9075,
      0.9025,
      1.9575,
      0.955
    ],
    "TaskName": "flavor",
    "dataset": "ds000229",
    "modality": "bold",
    "run_id": 2,
    "subject_id": "04",
    "task_id": "flavor"
  },
  "dummy_trs": 2,
  "dvars_nstd": 22.126731182661494,
  "dvars_std": 1.1711903333333331,
  "dvars_vstd": 1.0192007596899226,
  "efc": 0.5378046518123364,
  "fber": 1161.6549072265625,
  "fd_mean": 0.21221526158817702,
  "fd_num": 174,
  "fd_perc": 44.845360824742265,
  "fwhm_avg": 2.0416095353535355,
  "fwhm_x": 1.8632,
  "fwhm_y": 2.166455272727273,
  "fwhm_z": 2.0951733333333333,
  "gcor": 0.112048,
  "gsr_x": -0.016490643844008446,
  "gsr_y": 0.03756080940365791,
  "provenance": {
    "md5sum": "fd70a5a385719d6d080e6d0fab492ee0",
    "settings": {
      "fd_thres": 0.2,
      "testing": false
    },
    "software": "mriqc",
    "version": "22.0.6",
    "webapi_port": null,
    "webapi_url": "https://mriqc.nimh.nih.gov/api/v1"
  },
  "size_t": 388,
  "size_x": 64,
  "size_y": 64,
  "size_z": 40,
  "snr": 7.207160790893154,
  "spacing_tr": 2.0,
  "spacing_x": 3.4375,
  "spacing_y": 3.4375,
  "spacing_z": 3.0,
  "summary_bg_k": 31.079067289037816,
  "summary_bg_mad": 11.90667116252897,
  "summary_bg_mean": 65.79357147216797,
  "summary_bg_median": 29.14690589904785,
  "summary_bg_n": 101509.0,
  "summary_bg_p05": 20.63144302368164,
  "summary_bg_p95": 229.8969024658201,
  "summary_bg_stdv": 101.07740020751953,
  "summary_fg_k": 1.3998828321339936,
  "summary_fg_mad": 127.66423108282761,
  "summary_fg_mean": 1015.3380126953125,
  "summary_fg_median": 1021.3272705078125,
  "summary_fg_n": 29345.0,
  "summary_fg_p05": 760.2541137695313,
  "summary_fg_p95": 1226.75615234375,
  "summary_fg_stdv": 141.70765686035156,
  "tsnr": 69.63660575507674
}