{
  "aor": 0.0014741752577319585,
  "aqi": 0.008114727938144332,
  "bids_meta": {
    "AcquisitionDateTime": "2011-03-15T12:12:25.882812",
    "ConversionSoftware": "dcm2niix",
    "ConversionSoftwareVersion": "v1.0.20170207",
    "DeviceSerialNumber": "35407",
    "EchoTime": 0.02,
    "EffectiveEchoSpacing": 0.000460005,
    "FlipAngle": 80,
    "HardcopyDeviceSoftwareVersion": "syngo MR B17",
    "ImageType": [
      "ORIGINAL",
      "PRIMARY",
      "M",
      "ND",
      "MOSAIC"
    ],
    "InstitutionAddress": "Cedar Street 333, New Haven, Connecticut, US 06510",
    "InstitutionName": "Yale MRRC",
    "MagneticFieldStrength": 3,
    "Manufacturer": "Siemens",
    "ManufacturersModelName": "TrioTim",
    "PhaseEncodingDirection": "j-",
    "ProcedureStepDescription": "MRRC_Research_SiteProtocols",
    "ProtocolName": "ep2d_bold_390",
    "PulseSequenceType": " EP SK FS",
    "RepetitionTime": 2,
    "SequenceName": "epfid2d1_64",
    "SliceTiming": [
      1.005,
      0,
      1.055,
      0.05,
      1.105,
      0.1,
      1.155,
      0.15,
      1.205,
      0.2,
      1.255,
      0.25,
      1.305,
      0.3025,
      1.355,
      0.3525,
      1.405,
      0.4025,
      1.455,
      0.4525,
      1.505,
      0.5025,
      1.555,
      0.5525,
      1.6075,
      0.6025,
      1.6575,
      0.6525,
      1.7075,
      0.7025,
      1.7575,
      0.7525,
      1.8075,
      0.8025,
      1.8575,
      0.8525,
      1.9075,
      0.9025,
      1.9575,
      0.955
    ],
    "TaskName": "flavor",
    "dataset": "ds000229",
    "modality": "bold",
    "run_id": 1,
    "subject_id": "04",
    "task_id": "flavor"
  },
  "dummy_trs": 2,
  "dvars_nstd": 23.576727494909534,
  "dvars_std": 1.169577473565893,
  "dvars_vstd": 1.008486438656332,
  "efc": 0.5371780175607151,
  "fber": 1159.1851806640625,
  "fd_mean": 0.2638767785632485,
  "fd_num": 236,
  "fd_perc": 60.824742268041234,
  "fwhm_avg": 2.047582909090909,
  "fwhm_x": 1.859458909090909,
  "fwhm_y": 2.1765498181818184,
  "fwhm_z": 2.10674,
  "gcor": 0.08097,
  "gsr_x": -0.016801297664642334,
  "gsr_y": 0.03773796185851097,
  "provenance": {
    "md5sum": "d4016daa9975164e895bf114f7cf8b07",
    "settings": {
      "fd_thres": 0.2,
      "testing": false
    },
    "software": "mriqc",
    "version": "22.0.6",
    "webapi_port": null,
    "webapi_url": "https://mriqc.nimh.nih.gov/api/v1"
  },
  "size_t": 388,
  "size_x": 64,
  "size_y": 64,
  "size_z": 40,
  "snr": 7.24360569419205,
  "spacing_tr": 2.0,
  "spacing_x": 3.4375,
  "spacing_y": 3.4375,
  "spacing_z": 3.0,
  "summary_bg_k": 30.07929944276888,
  "summary_bg_mad": 12.281144955908536,
  "summary_bg_mean": 65.21696472167969,
  "summary_bg_median": 29.100515365600586,
  "summary_bg_n": 101538.0,
  "summary_bg_p05": 20.090206146240234,
  "summary_bg_p95": 228.00875015258765,
  "summary_bg_stdv": 100.02261352539062,
  "summary_fg_k": 1.198034858591157,
  "summary_fg_mad": 128.7876298402518,
  "summary_fg_mean": 1014.7273559570312,
  "summary_fg_median": 1020.41748046875,
  "summary_fg_n": 29300.0,
  "summary_fg_p05": 759.5823486328125,
  "summary_fg_p95": 1226.1166076660156,
  "summary_fg_stdv": 140.86907958984375,
  "tsnr": 68.39825337100774
}