{
  "aor": 0.001892216494845361,
  "aqi": 0.006141624639175257,
  "bids_meta": {
    "AcquisitionDateTime": "2011-03-15T12:12:25.882812",
    "ConversionSoftware": "dcm2niix",
    "ConversionSoftwareVersion": "v1.0.20170207",
    "DeviceSerialNumber": "35407",
    "EchoTime": 0.02,
    "EffectiveEchoSpacing": 0.000460005,
    "FlipAngle": 80,
    "HardcopyDeviceSoftwareVersion": "syngo MR B17",
    "ImageType": [
      "ORIGINAL",
      "PRIMARY",
      "M",
      "ND",
      "MOSAIC"
    ],
    "InstitutionAddress": "Cedar Street 333, New Haven, Connecticut, US 06510",
    "InstitutionName": "Yale MRRC",
    "MagneticFieldStrength": 3,
    "Manufacturer": "Siemens",
    "ManufacturersModelName": "TrioTim",
    "PhaseEncodingDirection": "j-",
    "ProcedureStepDescription": "MRRC_Research_SiteProtocols",
    "ProtocolName": "ep2d_bold_390",
    "PulseSequenceType": " EP SK FS",
    "RepetitionTime": 2,
    "SequenceName": "epfid2d1_64",
    "SliceTiming": [
      1.005,
      0,
      1.055,
      0.05,
      1.105,
      0.1,
      1.155,
      0.15,
      1.205,
      0.2,
      1.255,
      0.25,
      1.305,
      0.3025,
      1.355,
      0.3525,
      1.405,
      0.4025,
      1.455,
      0.4525,
      1.505,
      0.5025,
      1.555,
      0.5525,
      1.6075,
      0.6025,
      1.6575,
      0.6525,
      1.7075,
      0.7025,
      1.7575,
      0.7525,
      1.8075,
      0.8025,
      1.8575,
      0.8525,
      1.9075,
      0.9025,
      1.9575,
      0.955
    ],
    "TaskName": "flavor",
    "dataset": "ds000229",
    "modality": "bold",
    "run_id": 3,
    "subject_id": "02",
    "task_id": "flavor"
  },
  "dummy_trs": 2,
  "dvars_nstd": 21.671700640490958,
  "dvars_std": 1.166392930387597,
  "dvars_vstd": 1.0129569527648576,
  "efc": 0.5668420209959314,
  "fber": 1084.4718017578125,
  "fd_mean": 0.25303098802989477,
  "fd_num": 193,
  "fd_perc": 49.74226804123711,
  "fwhm_avg": 2.118640141414142,
  "fwhm_x": 1.9085818181818182,
  "fwhm_y": 2.241495272727273,
  "fwhm_z": 2.2058433333333336,
  "gcor": 0.0623896,
  "gsr_x": -0.023008789867162704,
  "gsr_y": 0.052083563059568405,
  "provenance": {
    "md5sum": "e8bde3b9a60a5b822352990a00365c1e",
    "settings": {
      "fd_thres": 0.2,
      "testing": false
    },
    "software": "mriqc",
    "version": "22.0.6",
    "webapi_port": null,
    "webapi_url": "https://mriqc.nimh.nih.gov/api/v1"
  },
  "size_t": 388,
  "size_x": 64,
  "size_y": 64,
  "size_z": 40,
  "snr": 6.372512100754095,
  "spacing_tr": 2.0,
  "spacing_x": 3.4375,
  "spacing_y": 3.4375,
  "spacing_z": 3.0,
  "summary_bg_k": 12.542484973996034,
  "summary_bg_mad": 13.316674262314146,
  "summary_bg_mean": 76.68673706054688,
  "summary_bg_median": 29.170103073120117,
  "summary_bg_n": 97227.0,
  "summary_bg_p05": 18.25515365600586,
  "summary_bg_p95": 328.51957702636696,
  "summary_bg_stdv": 115.77680206298828,
  "summary_fg_k": 0.9388350158080874,
  "summary_fg_mad": 137.19807641578018,
  "summary_fg_mean": 984.2412109375,
  "summary_fg_median": 978.0772705078125,
  "summary_fg_n": 32815.0,
  "summary_fg_p05": 739.9855224609375,
  "summary_fg_p95": 1251.6589721679686,
  "summary_fg_stdv": 153.4814453125,
  "tsnr": 69.58048367185984
}