{
  "aor": 0.0022151288659793813,
  "aqi": 0.005231720103092783,
  "bids_meta": {
    "AcquisitionDateTime": "2011-03-15T12:12:25.882812",
    "ConversionSoftware": "dcm2niix",
    "ConversionSoftwareVersion": "v1.0.20170207",
    "DeviceSerialNumber": "35407",
    "EchoTime": 0.02,
    "EffectiveEchoSpacing": 0.000460005,
    "FlipAngle": 80,
    "HardcopyDeviceSoftwareVersion": "syngo MR B17",
    "ImageType": [
      "ORIGINAL",
      "PRIMARY",
      "M",
      "ND",
      "MOSAIC"
    ],
    "InstitutionAddress": "Cedar Street 333, New Haven, Connecticut, US 06510",
    "InstitutionName": "Yale MRRC",
    "MagneticFieldStrength": 3,
    "Manufacturer": "Siemens",
    "ManufacturersModelName": "TrioTim",
    "PhaseEncodingDirection": "j-",
    "ProcedureStepDescription": "MRRC_Research_SiteProtocols",
    "ProtocolName": "ep2d_bold_390",
    "PulseSequenceType": " EP SK FS",
    "RepetitionTime": 2,
    "SequenceName": "epfid2d1_64",
    "SliceTiming": [
      1.005,
      0,
      1.055,
      0.05,
      1.105,
      0.1,
      1.155,
      0.15,
      1.205,
      0.2,
      1.255,
      0.25,
      1.305,
      0.3025,
      1.355,
      0.3525,
      1.405,
      0.4025,
      1.455,
      0.4525,
      1.505,
      0.5025,
      1.555,
      0.5525,
      1.6075,
      0.6025,
      1.6575,
      0.6525,
      1.7075,
      0.7025,
      1.7575,
      0.7525,
      1.8075,
      0.8025,
      1.8575,
      0.8525,
      1.9075,
      0.9025,
      1.9575,
      0.955
    ],
    "TaskName": "flavor",
    "dataset": "ds000229",
    "modality": "bold",
    "run_id": 1,
    "subject_id": "02",
    "task_id": "flavor"
  },
  "dummy_trs": 2,
  "dvars_nstd": 23.225333240904405,
  "dvars_std": 1.1985501264599476,
  "dvars_vstd": 1.013503554263565,
  "efc": 0.5675467710292804,
  "fber": 1094.246826171875,
  "fd_mean": 0.25036351018974123,
  "fd_num": 202,
  "fd_perc": 52.06185567010309,
  "fwhm_avg": 2.147088484848485,
  "fwhm_x": 1.899930181818182,
  "fwhm_y": 2.226935272727273,
  "fwhm_z": 2.3144,
  "gcor": 0.0854549,
  "gsr_x": -0.02494942955672741,
  "gsr_y": 0.053329095244407654,
  "provenance": {
    "md5sum": "8eea9782daffdc4903bac32dd4bafcef",
    "settings": {
      "fd_thres": 0.2,
      "testing": false
    },
    "software": "mriqc",
    "version": "22.0.6",
    "webapi_port": null,
    "webapi_url": "https://mriqc.nimh.nih.gov/api/v1"
  },
  "size_t": 388,
  "size_x": 64,
  "size_y": 64,
  "size_z": 40,
  "snr": 6.427144687329679,
  "spacing_tr": 2.0,
  "spacing_x": 3.4375,
  "spacing_y": 3.4375,
  "spacing_z": 3.0,
  "summary_bg_k": 12.750996183975618,
  "summary_bg_mad": 12.607849473668393,
  "summary_bg_mean": 76.72813415527344,
  "summary_bg_median": 28.983245849609375,
  "summary_bg_n": 97028.0,
  "summary_bg_p05": 19.56958770751953,
  "summary_bg_p95": 329.0593994140622,
  "summary_bg_stdv": 116.23069763183594,
  "summary_fg_k": 1.0415839362354253,
  "summary_fg_mad": 137.02609854003128,
  "summary_fg_mean": 986.31640625,
  "summary_fg_median": 981.5115966796875,
  "summary_fg_n": 32864.0,
  "summary_fg_p05": 743.9335998535156,
  "summary_fg_p95": 1252.7273925781249,
  "summary_fg_stdv": 152.71115112304688,
  "tsnr": 72.48123352532275
}