{
  "aor": 0.0015064690721649486,
  "aqi": 0.00555884925257732,
  "bids_meta": {
    "AcquisitionDateTime": "2011-03-15T12:12:25.882812",
    "ConversionSoftware": "dcm2niix",
    "ConversionSoftwareVersion": "v1.0.20170207",
    "DeviceSerialNumber": "35407",
    "EchoTime": 0.02,
    "EffectiveEchoSpacing": 0.000460005,
    "FlipAngle": 80,
    "HardcopyDeviceSoftwareVersion": "syngo MR B17",
    "ImageType": [
      "ORIGINAL",
      "PRIMARY",
      "M",
      "ND",
      "MOSAIC"
    ],
    "InstitutionAddress": "Cedar Street 333, New Haven, Connecticut, US 06510",
    "InstitutionName": "Yale MRRC",
    "MagneticFieldStrength": 3,
    "Manufacturer": "Siemens",
    "ManufacturersModelName": "TrioTim",
    "PhaseEncodingDirection": "j-",
    "ProcedureStepDescription": "MRRC_Research_SiteProtocols",
    "ProtocolName": "ep2d_bold_390",
    "PulseSequenceType": " EP SK FS",
    "RepetitionTime": 2,
    "SequenceName": "epfid2d1_64",
    "SliceTiming": [
      1.005,
      0,
      1.055,
      0.05,
      1.105,
      0.1,
      1.155,
      0.15,
      1.205,
      0.2,
      1.255,
      0.25,
      1.305,
      0.3025,
      1.355,
      0.3525,
      1.405,
      0.4025,
      1.455,
      0.4525,
      1.505,
      0.5025,
      1.555,
      0.5525,
      1.6075,
      0.6025,
      1.6575,
      0.6525,
      1.7075,
      0.7025,
      1.7575,
      0.7525,
      1.8075,
      0.8025,
      1.8575,
      0.8525,
      1.9075,
      0.9025,
      1.9575,
      0.955
    ],
    "TaskName": "flavor",
    "dataset": "ds000229",
    "modality": "bold",
    "run_id": 2,
    "subject_id": "09",
    "task_id": "flavor"
  },
  "dummy_trs": 2,
  "dvars_nstd": 22.644830836925063,
  "dvars_std": 1.1785595685012915,
  "dvars_vstd": 1.0087728847803623,
  "efc": 0.5657557846304666,
  "fber": 1063.13330078125,
  "fd_mean": 0.23989023235184223,
  "fd_num": 177,
  "fd_perc": 45.618556701030926,
  "fwhm_avg": 2.1298819191919187,
  "fwhm_x": 1.927845818181818,
  "fwhm_y": 2.1761832727272727,
  "fwhm_z": 2.2856166666666664,
  "gcor": 0.0598477,
  "gsr_x": -0.024947039783000946,
  "gsr_y": 0.04845737665891647,
  "provenance": {
    "md5sum": "bb34a2374a313dd9dba13c6983f5ca61",
    "settings": {
      "fd_thres": 0.2,
      "testing": false
    },
    "software": "mriqc",
    "version": "22.0.6",
    "webapi_port": null,
    "webapi_url": "https://mriqc.nimh.nih.gov/api/v1"
  },
  "size_t": 388,
  "size_x": 64,
  "size_y": 64,
  "size_z": 40,
  "snr": 6.386330040367656,
  "spacing_tr": 2.0,
  "spacing_x": 3.4375,
  "spacing_y": 3.4375,
  "spacing_z": 3.0,
  "summary_bg_k": 12.832829719317509,
  "summary_bg_mad": 13.878379296704866,
  "summary_bg_mean": 81.6748046875,
  "summary_bg_median": 31.394329071044922,
  "summary_bg_n": 97664.0,
  "summary_bg_p05": 21.350515365600586,
  "summary_bg_p95": 348.64613800048824,
  "summary_bg_stdv": 122.03624725341797,
  "summary_fg_k": 1.1081176862949578,
  "summary_fg_mad": 150.5720822923559,
  "summary_fg_mean": 1064.613525390625,
  "summary_fg_median": 1054.97802734375,
  "summary_fg_n": 32846.0,
  "summary_fg_p05": 820.3846435546875,
  "summary_fg_p95": 1359.4026489257812,
  "summary_fg_stdv": 165.19064331054688,
  "tsnr": 76.12689937115647
}