{
  "bids_meta": {
    "AcquisitionDateTime": "2011-03-15T11:58:45.570312",
    "ConversionSoftware": "dcm2niix",
    "ConversionSoftwareVersion": "v1.0.20170207",
    "EchoTime": 0.00277,
    "FlipAngle": 7,
    "ImageType": [
      "ORIGINAL",
      "PRIMARY",
      "M",
      "ND"
    ],
    "MagneticFieldStrength": 3,
    "Manufacturer": "Siemens",
    "ManufacturersModelName": "TrioTim",
    "PhaseEncodingDirection": "i-",
    "ProcedureStepDescription": "MRRC_Research_SiteProtocols",
    "ProtocolName": "Sag_3D_MPRAGE_10_05",
    "PulseSequenceType": "T1-weighted 3D FLASH sequence",
    "RepetitionTime": 2.53,
    "SliceTiming": [
      1.005,
      0,
      1.055,
      0.05,
      1.105,
      0.1,
      1.155,
      0.15,
      1.205,
      0.2,
      1.255,
      0.25,
      1.305,
      0.3025,
      1.355,
      0.3525,
      1.405,
      0.4025,
      1.455,
      0.4525,
      1.505,
      0.5025,
      1.555,
      0.5525,
      1.6075,
      0.6025,
      1.6575,
      0.6525,
      1.7075,
      0.7025,
      1.7575,
      0.7525,
      1.8075,
      0.8025,
      1.8575,
      0.8525,
      1.9075,
      0.9025,
      1.9575,
      0.955
    ],
    "dataset": "ds000229",
    "modality": "T1w",
    "subject_id": "05"
  },
  "cjv": 0.251814967153589,
  "cnr": 5.380779686676736,
  "efc": 0.5651141192598107,
  "fber": -1.0,
  "fwhm_avg": 5.212416666666666,
  "fwhm_x": 5.11959,
  "fwhm_y": 5.69063,
  "fwhm_z": 4.82703,
  "icvs_csf": 0.24327371304231568,
  "icvs_gm": 0.4298918525457701,
  "icvs_wm": 0.3268344344119142,
  "inu_med": 0.5139129161834717,
  "inu_range": 0.18154712915420534,
  "provenance": {
    "md5sum": "e293159dcb68d2c89775e72e3037128a",
    "settings": {
      "testing": false
    },
    "software": "mriqc",
    "version": "22.0.6",
    "warnings": {
      "large_rot_frame": true,
      "small_air_mask": false
    },
    "webapi_port": null,
    "webapi_url": "https://mriqc.nimh.nih.gov/api/v1"
  },
  "qi_1": 0.0,
  "qi_2": 0.004460831491592204,
  "rpve_csf": 21.618213666870965,
  "rpve_gm": 12.425652826478924,
  "rpve_wm": 19.63665906235592,
  "size_x": 176,
  "size_y": 256,
  "size_z": 256,
  "snr_csf": 1.668785289205304,
  "snr_gm": 11.03137782170933,
  "snr_total": 13.672649313471828,
  "snr_wm": 28.31778482950085,
  "snrd_csf": 15.987630904140124,
  "snrd_gm": 64.58947324435411,
  "snrd_total": 60.76503561712568,
  "snrd_wm": 101.71800270288283,
  "spacing_x": 1.0,
  "spacing_y": 1.0,
  "spacing_z": 1.0,
  "summary_bg_k": 13.083947632753834,
  "summary_bg_mad": 0.0,
  "summary_bg_mean": 3.7901949936235018,
  "summary_bg_median": 0.0,
  "summary_bg_n": 2706888.0,
  "summary_bg_p05": 0.0,
  "summary_bg_p95": 16.728687677532434,
  "summary_bg_stdv": 6.440932152758764,
  "summary_csf_k": 0.35757017118952517,
  "summary_csf_mad": 85.94648593642441,
  "summary_csf_mean": 175.0484721058276,
  "summary_csf_median": 157.1813838109374,
  "summary_csf_n": 42100.0,
  "summary_csf_p05": 48.50181420519948,
  "summary_csf_p95": 358.13275302685776,
  "summary_csf_stdv": 94.18798095495244,
  "summary_gm_k": -0.10047486752658097,
  "summary_gm_mad": 59.086100068582304,
  "summary_gm_mean": 633.4597726422442,
  "summary_gm_median": 635.0073281675577,
  "summary_gm_n": 56477.0,
  "summary_gm_p05": 536.4332515262067,
  "summary_gm_p95": 725.0918803140521,
  "summary_gm_stdv": 57.56322705860058,
  "summary_wm_k": 0.5428021772126783,
  "summary_wm_mad": 32.833109861068294,
  "summary_wm_mean": 998.7032627281843,
  "summary_wm_median": 1000.0341213271022,
  "summary_wm_n": 180022.0,
  "summary_wm_p05": 936.9885908961296,
  "summary_wm_p95": 1054.0438844002783,
  "summary_wm_stdv": 35.31460351899952,
  "tpm_overlap_csf": 0.1550950765621305,
  "tpm_overlap_gm": 0.47322642530760367,
  "tpm_overlap_wm": 0.5084956700320133,
  "wm2max": 0.7899416115065767
}