{
  "aor": 0.0011674160206718344,
  "aqi": 0.006848645116279069,
  "bids_meta": {
    "AcquisitionDateTime": "2011-03-15T12:12:25.882812",
    "ConversionSoftware": "dcm2niix",
    "ConversionSoftwareVersion": "v1.0.20170207",
    "DeviceSerialNumber": "35407",
    "EchoTime": 0.02,
    "EffectiveEchoSpacing": 0.000460005,
    "FlipAngle": 80,
    "HardcopyDeviceSoftwareVersion": "syngo MR B17",
    "ImageType": [
      "ORIGINAL",
      "PRIMARY",
      "M",
      "ND",
      "MOSAIC"
    ],
    "InstitutionAddress": "Cedar Street 333, New Haven, Connecticut, US 06510",
    "InstitutionName": "Yale MRRC",
    "MagneticFieldStrength": 3,
    "Manufacturer": "Siemens",
    "ManufacturersModelName": "TrioTim",
    "PhaseEncodingDirection": "j-",
    "ProcedureStepDescription": "MRRC_Research_SiteProtocols",
    "ProtocolName": "ep2d_bold_390",
    "PulseSequenceType": " EP SK FS",
    "RepetitionTime": 2,
    "SequenceName": "epfid2d1_64",
    "SliceTiming": [
      1.005,
      0,
      1.055,
      0.05,
      1.105,
      0.1,
      1.155,
      0.15,
      1.205,
      0.2,
      1.255,
      0.25,
      1.305,
      0.3025,
      1.355,
      0.3525,
      1.405,
      0.4025,
      1.455,
      0.4525,
      1.505,
      0.5025,
      1.555,
      0.5525,
      1.6075,
      0.6025,
      1.6575,
      0.6525,
      1.7075,
      0.7025,
      1.7575,
      0.7525,
      1.8075,
      0.8025,
      1.8575,
      0.8525,
      1.9075,
      0.9025,
      1.9575,
      0.955
    ],
    "TaskName": "flavor",
    "dataset": "ds000229",
    "modality": "bold",
    "run_id": 3,
    "subject_id": "09",
    "task_id": "flavor"
  },
  "dummy_trs": 3,
  "dvars_nstd": 22.28247304510362,
  "dvars_std": 1.1231927375129536,
  "dvars_vstd": 0.9921288591709843,
  "efc": 0.5668602061489767,
  "fber": 1029.87744140625,
  "fd_mean": 0.23712931939738036,
  "fd_num": 165,
  "fd_perc": 42.63565891472868,
  "fwhm_avg": 2.1433799595959595,
  "fwhm_x": 1.9244072727272727,
  "fwhm_y": 2.2063592727272727,
  "fwhm_z": 2.299373333333333,
  "gcor": 0.0309834,
  "gsr_x": -0.02402747981250286,
  "gsr_y": 0.046103447675704956,
  "provenance": {
    "md5sum": "2deada7231994fad6da570f650ad83cc",
    "settings": {
      "fd_thres": 0.2,
      "testing": false
    },
    "software": "mriqc",
    "version": "22.0.6",
    "webapi_port": null,
    "webapi_url": "https://mriqc.nimh.nih.gov/api/v1"
  },
  "size_t": 387,
  "size_x": 64,
  "size_y": 64,
  "size_z": 40,
  "snr": 6.37190513118973,
  "spacing_tr": 2.0,
  "spacing_x": 3.4375,
  "spacing_y": 3.4375,
  "spacing_z": 3.0,
  "summary_bg_k": 10.97930048361481,
  "summary_bg_mad": 14.128775984483369,
  "summary_bg_mean": 82.02772521972656,
  "summary_bg_median": 31.620155334472656,
  "summary_bg_n": 97700.0,
  "summary_bg_p05": 21.186046600341797,
  "summary_bg_p95": 352.07326202392585,
  "summary_bg_stdv": 120.73676300048828,
  "summary_fg_k": 1.0944260503937944,
  "summary_fg_mad": 149.48999261163755,
  "summary_fg_mean": 1052.6702880859375,
  "summary_fg_median": 1043.326904296875,
  "summary_fg_n": 32776.0,
  "summary_fg_p05": 807.4987335205078,
  "summary_fg_p95": 1342.9884033203125,
  "summary_fg_stdv": 163.73611450195312,
  "tsnr": 68.72873050603084
}