{
  "aor": 0.0009741494845360824,
  "aqi": 0.0065063093814433,
  "bids_meta": {
    "AcquisitionDateTime": "2011-03-15T12:12:25.882812",
    "ConversionSoftware": "dcm2niix",
    "ConversionSoftwareVersion": "v1.0.20170207",
    "DeviceSerialNumber": "35407",
    "EchoTime": 0.02,
    "EffectiveEchoSpacing": 0.000460005,
    "FlipAngle": 80,
    "HardcopyDeviceSoftwareVersion": "syngo MR B17",
    "ImageType": [
      "ORIGINAL",
      "PRIMARY",
      "M",
      "ND",
      "MOSAIC"
    ],
    "InstitutionAddress": "Cedar Street 333, New Haven, Connecticut, US 06510",
    "InstitutionName": "Yale MRRC",
    "MagneticFieldStrength": 3,
    "Manufacturer": "Siemens",
    "ManufacturersModelName": "TrioTim",
    "PhaseEncodingDirection": "j-",
    "ProcedureStepDescription": "MRRC_Research_SiteProtocols",
    "ProtocolName": "ep2d_bold_390",
    "PulseSequenceType": " EP SK FS",
    "RepetitionTime": 2,
    "SequenceName": "epfid2d1_64",
    "SliceTiming": [
      1.005,
      0,
      1.055,
      0.05,
      1.105,
      0.1,
      1.155,
      0.15,
      1.205,
      0.2,
      1.255,
      0.25,
      1.305,
      0.3025,
      1.355,
      0.3525,
      1.405,
      0.4025,
      1.455,
      0.4525,
      1.505,
      0.5025,
      1.555,
      0.5525,
      1.6075,
      0.6025,
      1.6575,
      0.6525,
      1.7075,
      0.7025,
      1.7575,
      0.7525,
      1.8075,
      0.8025,
      1.8575,
      0.8525,
      1.9075,
      0.9025,
      1.9575,
      0.955
    ],
    "TaskName": "flavor",
    "dataset": "ds000229",
    "modality": "bold",
    "run_id": 1,
    "subject_id": "09",
    "task_id": "flavor"
  },
  "dummy_trs": 2,
  "dvars_nstd": 21.343985932428957,
  "dvars_std": 1.1244491805426367,
  "dvars_vstd": 0.9924219673901806,
  "efc": 0.5649130886571664,
  "fber": 1070.321533203125,
  "fd_mean": 0.22764869734535398,
  "fd_num": 157,
  "fd_perc": 40.4639175257732,
  "fwhm_avg": 2.1571210101010103,
  "fwhm_x": 1.9424290909090909,
  "fwhm_y": 2.217527272727273,
  "fwhm_z": 2.3114066666666666,
  "gcor": 0.0499191,
  "gsr_x": -0.024551918730139732,
  "gsr_y": 0.04686567932367325,
  "provenance": {
    "md5sum": "586da2f66229dc1855826a8e75a0d718",
    "settings": {
      "fd_thres": 0.2,
      "testing": false
    },
    "software": "mriqc",
    "version": "22.0.6",
    "webapi_port": null,
    "webapi_url": "https://mriqc.nimh.nih.gov/api/v1"
  },
  "size_t": 388,
  "size_x": 64,
  "size_y": 64,
  "size_z": 40,
  "snr": 6.386772012124504,
  "spacing_tr": 2.0,
  "spacing_x": 3.4375,
  "spacing_y": 3.4375,
  "spacing_z": 3.0,
  "summary_bg_k": 11.651904174250873,
  "summary_bg_mad": 13.553582156562621,
  "summary_bg_mean": 79.62771606445312,
  "summary_bg_median": 30.984535217285156,
  "summary_bg_n": 97530.0,
  "summary_bg_p05": 20.997421264648438,
  "summary_bg_p95": 340.6574691772461,
  "summary_bg_stdv": 117.91062927246094,
  "summary_fg_k": 0.9488284752271197,
  "summary_fg_mad": 149.2537209812348,
  "summary_fg_mean": 1050.2293701171875,
  "summary_fg_median": 1040.3272705078125,
  "summary_fg_n": 32917.0,
  "summary_fg_p05": 805.3143798828125,
  "summary_fg_p95": 1340.2030517578123,
  "summary_fg_stdv": 162.8853302001953,
  "tsnr": 69.29462335933931
}