{
  "bids_meta": {
    "AcquisitionDateTime": "2012-02-07T12:24:43.710938",
    "ConversionSoftware": "dcm2niix",
    "ConversionSoftwareVersion": "v1.0.20170207",
    "EchoTime": 0.00277,
    "FlipAngle": 7,
    "ImageType": [
      "ORIGINAL",
      "PRIMARY",
      "M",
      "ND"
    ],
    "MagneticFieldStrength": 3,
    "Manufacturer": "Siemens",
    "ManufacturersModelName": "TrioTim",
    "PhaseEncodingDirection": "i-",
    "ProcedureStepDescription": "MRRC_Research_SiteProtocols",
    "ProtocolName": "Sag_3D_MPRAGE_10_05",
    "PulseSequenceType": "T1-weighted 3D FLASH sequence",
    "RepetitionTime": 2.53,
    "SliceTiming": [
      1.0025,
      0,
      1.0525,
      0.05,
      1.1025,
      0.1,
      1.155,
      0.15,
      1.205,
      0.2,
      1.255,
      0.25,
      1.305,
      0.3,
      1.355,
      0.35,
      1.405,
      0.4,
      1.455,
      0.45,
      1.505,
      0.5025,
      1.555,
      0.5525,
      1.605,
      0.6025,
      1.655,
      0.6525,
      1.705,
      0.7025,
      1.755,
      0.7525,
      1.8075,
      0.8025,
      1.8575,
      0.8525,
      1.9075,
      0.9025,
      1.9575,
      0.9525
    ],
    "dataset": "ds000229",
    "modality": "T1w",
    "subject_id": "12"
  },
  "cjv": 0.28138144615568894,
  "cnr": 4.8050009922452155,
  "efc": 0.5225393226395845,
  "fber": 21597.241599999998,
  "fwhm_avg": 5.252283333333334,
  "fwhm_x": 5.36173,
  "fwhm_y": 5.37144,
  "fwhm_z": 5.02368,
  "icvs_csf": 0.2384997359424788,
  "icvs_gm": 0.43500079882947584,
  "icvs_wm": 0.32649946522804535,
  "inu_med": 0.5407735705375671,
  "inu_range": 0.21151333153247825,
  "provenance": {
    "md5sum": "e45fc51372ed36df21ce9749fedb7d5b",
    "settings": {
      "testing": false
    },
    "software": "mriqc",
    "version": "22.0.6",
    "warnings": {
      "large_rot_frame": true,
      "small_air_mask": false
    },
    "webapi_port": null,
    "webapi_url": "https://mriqc.nimh.nih.gov/api/v1"
  },
  "qi_1": 0.0,
  "qi_2": 0.0036026062086311817,
  "rpve_csf": 22.676820782433897,
  "rpve_gm": 12.751090737706757,
  "rpve_wm": 19.953391748915156,
  "size_x": 176,
  "size_y": 256,
  "size_z": 256,
  "snr_csf": 1.76711271254272,
  "snr_gm": 11.298347090658213,
  "snr_total": 12.991396075490094,
  "snr_wm": 25.908728423269352,
  "snrd_csf": 8.818062776278195,
  "snrd_gm": 36.1485245978886,
  "snrd_total": 33.271974923935666,
  "snrd_wm": 54.84933739764019,
  "spacing_x": 1.0,
  "spacing_y": 1.0,
  "spacing_z": 1.0,
  "summary_bg_k": 322.30359851689883,
  "summary_bg_mad": 0.0,
  "summary_bg_mean": 8.165262206785247,
  "summary_bg_median": 0.0,
  "summary_bg_n": 3480244.0,
  "summary_bg_p05": 0.0,
  "summary_bg_p95": 32.44363347068429,
  "summary_bg_stdv": 11.944616108223967,
  "summary_csf_k": 0.3678583730277505,
  "summary_csf_mad": 82.17591514094025,
  "summary_csf_mean": 177.94123115510965,
  "summary_csf_median": 160.77319880388677,
  "summary_csf_n": 39621.0,
  "summary_csf_p05": 55.91755651123822,
  "summary_csf_p95": 356.0347978938371,
  "summary_csf_stdv": 90.9795785867239,
  "summary_gm_k": -0.03651170437829343,
  "summary_gm_mad": 59.43909651488079,
  "summary_gm_mean": 656.7718169230855,
  "summary_gm_median": 659.0692399330437,
  "summary_gm_n": 51670.0,
  "summary_gm_p05": 557.975968580693,
  "summary_gm_p95": 748.0302281808108,
  "summary_gm_stdv": 58.33267972172333,
  "summary_wm_k": 0.46054791954148255,
  "summary_wm_mad": 36.500172834367454,
  "summary_wm_mean": 999.5304031410399,
  "summary_wm_median": 1000.027290508151,
  "summary_wm_n": 180228.0,
  "summary_wm_p05": 934.7038066461682,
  "summary_wm_p95": 1061.6429305449128,
  "summary_wm_stdv": 38.597977477996615,
  "tpm_overlap_csf": 0.16379423435905063,
  "tpm_overlap_gm": 0.4867763226538321,
  "tpm_overlap_wm": 0.5158510984353132,
  "wm2max": 0.6365200884516349
}