{
  "aor": 0.0004512628865979382,
  "aqi": 0.005306076262886598,
  "bids_meta": {
    "AcquisitionDateTime": "2011-03-15T12:12:25.882812",
    "ConversionSoftware": "dcm2niix",
    "ConversionSoftwareVersion": "v1.0.20170207",
    "DeviceSerialNumber": "35407",
    "EchoTime": 0.02,
    "EffectiveEchoSpacing": 0.000460005,
    "FlipAngle": 80,
    "HardcopyDeviceSoftwareVersion": "syngo MR B17",
    "ImageType": [
      "ORIGINAL",
      "PRIMARY",
      "M",
      "ND",
      "MOSAIC"
    ],
    "InstitutionAddress": "Cedar Street 333, New Haven, Connecticut, US 06510",
    "InstitutionName": "Yale MRRC",
    "MagneticFieldStrength": 3,
    "Manufacturer": "Siemens",
    "ManufacturersModelName": "TrioTim",
    "PhaseEncodingDirection": "j-",
    "ProcedureStepDescription": "MRRC_Research_SiteProtocols",
    "ProtocolName": "ep2d_bold_390",
    "PulseSequenceType": " EP SK FS",
    "RepetitionTime": 2,
    "SequenceName": "epfid2d1_64",
    "SliceTiming": [
      1.005,
      0,
      1.055,
      0.05,
      1.105,
      0.1,
      1.155,
      0.15,
      1.205,
      0.2,
      1.255,
      0.25,
      1.305,
      0.3025,
      1.355,
      0.3525,
      1.405,
      0.4025,
      1.455,
      0.4525,
      1.505,
      0.5025,
      1.555,
      0.5525,
      1.6075,
      0.6025,
      1.6575,
      0.6525,
      1.7075,
      0.7025,
      1.7575,
      0.7525,
      1.8075,
      0.8025,
      1.8575,
      0.8525,
      1.9075,
      0.9025,
      1.9575,
      0.955
    ],
    "TaskName": "flavor",
    "dataset": "ds000229",
    "modality": "bold",
    "run_id": 2,
    "subject_id": "13",
    "task_id": "flavor"
  },
  "dummy_trs": 2,
  "dvars_nstd": 19.258340941343658,
  "dvars_std": 1.2075865903359162,
  "dvars_vstd": 0.9864666867958658,
  "efc": 0.5361481953578743,
  "fber": 1390.2271728515625,
  "fd_mean": 0.14981988406314622,
  "fd_num": 76,
  "fd_perc": 19.587628865979383,
  "fwhm_avg": 2.1856737249087588,
  "fwhm_x": 1.9159039999999998,
  "fwhm_y": 2.2867838413929444,
  "fwhm_z": 2.3543333333333334,
  "gcor": 0.070021,
  "gsr_x": -0.029178395867347717,
  "gsr_y": 0.048156194388866425,
  "provenance": {
    "md5sum": "061d3e44937b79ac5aca83d16f1f7558",
    "settings": {
      "fd_thres": 0.2,
      "testing": false
    },
    "software": "mriqc",
    "version": "22.0.6",
    "webapi_port": null,
    "webapi_url": "https://mriqc.nimh.nih.gov/api/v1"
  },
  "size_t": 388,
  "size_x": 64,
  "size_y": 64,
  "size_z": 40,
  "snr": 7.203694618523044,
  "spacing_tr": 2.0,
  "spacing_x": 3.4375,
  "spacing_y": 3.437500238418579,
  "spacing_z": 3.0,
  "summary_bg_k": 19.728915531434826,
  "summary_bg_mad": 9.885289202955068,
  "summary_bg_mean": 61.39785385131836,
  "summary_bg_median": 25.19072151184082,
  "summary_bg_n": 100885.0,
  "summary_bg_p05": 18.0,
  "summary_bg_p95": 251.24432678222638,
  "summary_bg_stdv": 98.0273666381836,
  "summary_fg_k": 1.108165904874733,
  "summary_fg_mad": 119.4526834133219,
  "summary_fg_mean": 975.0208129882812,
  "summary_fg_median": 971.194580078125,
  "summary_fg_n": 29446.0,
  "summary_fg_p05": 749.7963409423828,
  "summary_fg_p95": 1197.8131408691406,
  "summary_fg_stdv": 134.81666564941406,
  "tsnr": 81.99542292859405
}