{
  "aor": 0.001365813953488372,
  "aqi": 0.005702923488372093,
  "bids_meta": {
    "AcquisitionDateTime": "2011-03-15T12:12:25.882812",
    "ConversionSoftware": "dcm2niix",
    "ConversionSoftwareVersion": "v1.0.20170207",
    "DeviceSerialNumber": "35407",
    "EchoTime": 0.02,
    "EffectiveEchoSpacing": 0.000460005,
    "FlipAngle": 80,
    "HardcopyDeviceSoftwareVersion": "syngo MR B17",
    "ImageType": [
      "ORIGINAL",
      "PRIMARY",
      "M",
      "ND",
      "MOSAIC"
    ],
    "InstitutionAddress": "Cedar Street 333, New Haven, Connecticut, US 06510",
    "InstitutionName": "Yale MRRC",
    "MagneticFieldStrength": 3,
    "Manufacturer": "Siemens",
    "ManufacturersModelName": "TrioTim",
    "PhaseEncodingDirection": "j-",
    "ProcedureStepDescription": "MRRC_Research_SiteProtocols",
    "ProtocolName": "ep2d_bold_390",
    "PulseSequenceType": " EP SK FS",
    "RepetitionTime": 2,
    "SequenceName": "epfid2d1_64",
    "SliceTiming": [
      1.005,
      0,
      1.055,
      0.05,
      1.105,
      0.1,
      1.155,
      0.15,
      1.205,
      0.2,
      1.255,
      0.25,
      1.305,
      0.3025,
      1.355,
      0.3525,
      1.405,
      0.4025,
      1.455,
      0.4525,
      1.505,
      0.5025,
      1.555,
      0.5525,
      1.6075,
      0.6025,
      1.6575,
      0.6525,
      1.7075,
      0.7025,
      1.7575,
      0.7525,
      1.8075,
      0.8025,
      1.8575,
      0.8525,
      1.9075,
      0.9025,
      1.9575,
      0.955
    ],
    "TaskName": "flavor",
    "dataset": "ds000229",
    "modality": "bold",
    "run_id": 3,
    "subject_id": "13",
    "task_id": "flavor"
  },
  "dummy_trs": 3,
  "dvars_nstd": 19.184321416114,
  "dvars_std": 1.1622208951813475,
  "dvars_vstd": 0.9982468393523313,
  "efc": 0.5361425690121807,
  "fber": 1366.2225341796875,
  "fd_mean": 0.17286776966075074,
  "fd_num": 111,
  "fd_perc": 28.68217054263566,
  "fwhm_avg": 2.2046540268777566,
  "fwhm_x": 1.9586094545454544,
  "fwhm_y": 2.3326892927544827,
  "fwhm_z": 2.3226633333333333,
  "gcor": 0.0520437,
  "gsr_x": -0.027873756363987923,
  "gsr_y": 0.04572641849517822,
  "provenance": {
    "md5sum": "1e70fdb27ddf0085c8ac84102314a7af",
    "settings": {
      "fd_thres": 0.2,
      "testing": false
    },
    "software": "mriqc",
    "version": "22.0.6",
    "webapi_port": null,
    "webapi_url": "https://mriqc.nimh.nih.gov/api/v1"
  },
  "size_t": 387,
  "size_x": 64,
  "size_y": 64,
  "size_z": 40,
  "snr": 7.188362800353134,
  "spacing_tr": 2.0,
  "spacing_x": 3.4375,
  "spacing_y": 3.437500238418579,
  "spacing_z": 3.0,
  "summary_bg_k": 18.77107427901665,
  "summary_bg_mad": 10.12153821064327,
  "summary_bg_mean": 60.98163986206055,
  "summary_bg_median": 25.299741744995117,
  "summary_bg_n": 101114.0,
  "summary_bg_p05": 17.837209701538086,
  "summary_bg_p95": 252.240444946289,
  "summary_bg_stdv": 95.28963470458984,
  "summary_fg_k": 1.0548094030849526,
  "summary_fg_mad": 116.91111192833304,
  "summary_fg_mean": 961.5623779296875,
  "summary_fg_median": 960.14990234375,
  "summary_fg_n": 29355.0,
  "summary_fg_p05": 731.7617919921875,
  "summary_fg_p95": 1180.2067749023438,
  "summary_fg_stdv": 133.56776428222656,
  "tsnr": 77.58310263650492
}