{
  "aor": 0.0021984278350515463,
  "aqi": 0.006453024381443298,
  "bids_meta": {
    "AcquisitionDateTime": "2011-03-15T12:12:25.882812",
    "ConversionSoftware": "dcm2niix",
    "ConversionSoftwareVersion": "v1.0.20170207",
    "DeviceSerialNumber": "35407",
    "EchoTime": 0.02,
    "EffectiveEchoSpacing": 0.000460005,
    "FlipAngle": 80,
    "HardcopyDeviceSoftwareVersion": "syngo MR B17",
    "ImageType": [
      "ORIGINAL",
      "PRIMARY",
      "M",
      "ND",
      "MOSAIC"
    ],
    "InstitutionAddress": "Cedar Street 333, New Haven, Connecticut, US 06510",
    "InstitutionName": "Yale MRRC",
    "MagneticFieldStrength": 3,
    "Manufacturer": "Siemens",
    "ManufacturersModelName": "TrioTim",
    "PhaseEncodingDirection": "j-",
    "ProcedureStepDescription": "MRRC_Research_SiteProtocols",
    "ProtocolName": "ep2d_bold_390",
    "PulseSequenceType": " EP SK FS",
    "RepetitionTime": 2,
    "SequenceName": "epfid2d1_64",
    "SliceTiming": [
      1.005,
      0,
      1.055,
      0.05,
      1.105,
      0.1,
      1.155,
      0.15,
      1.205,
      0.2,
      1.255,
      0.25,
      1.305,
      0.3025,
      1.355,
      0.3525,
      1.405,
      0.4025,
      1.455,
      0.4525,
      1.505,
      0.5025,
      1.555,
      0.5525,
      1.6075,
      0.6025,
      1.6575,
      0.6525,
      1.7075,
      0.7025,
      1.7575,
      0.7525,
      1.8075,
      0.8025,
      1.8575,
      0.8525,
      1.9075,
      0.9025,
      1.9575,
      0.955
    ],
    "TaskName": "flavor",
    "dataset": "ds000229",
    "modality": "bold",
    "run_id": 2,
    "subject_id": "06",
    "task_id": "flavor"
  },
  "dummy_trs": 2,
  "dvars_nstd": 23.87627868255814,
  "dvars_std": 1.173584857028423,
  "dvars_vstd": 0.9970370738501295,
  "efc": 0.5034499840664829,
  "fber": 1505.4989013671875,
  "fd_mean": 0.20974858625307033,
  "fd_num": 149,
  "fd_perc": 38.402061855670105,
  "fwhm_avg": 1.9835029494949497,
  "fwhm_x": 1.8016610909090909,
  "fwhm_y": 2.085821090909091,
  "fwhm_z": 2.0630266666666666,
  "gcor": 0.0588454,
  "gsr_x": -0.020482931286096573,
  "gsr_y": 0.036686889827251434,
  "provenance": {
    "md5sum": "5ae71eebe95df485a1fb52b27e94d379",
    "settings": {
      "fd_thres": 0.2,
      "testing": false
    },
    "software": "mriqc",
    "version": "22.0.6",
    "webapi_port": null,
    "webapi_url": "https://mriqc.nimh.nih.gov/api/v1"
  },
  "size_t": 388,
  "size_x": 64,
  "size_y": 64,
  "size_z": 40,
  "snr": 6.538188384658723,
  "spacing_tr": 2.0,
  "spacing_x": 3.4375,
  "spacing_y": 3.4375,
  "spacing_z": 3.0,
  "summary_bg_k": 21.190808634742293,
  "summary_bg_mad": 7.772197586573543,
  "summary_bg_mean": 54.15163040161133,
  "summary_bg_median": 23.585050582885742,
  "summary_bg_n": 106559.0,
  "summary_bg_p05": 17.891752243041992,
  "summary_bg_p95": 210.45720825195303,
  "summary_bg_stdv": 82.96485900878906,
  "summary_fg_k": 0.648664650490065,
  "summary_fg_mad": 138.80673239956766,
  "summary_fg_mean": 940.1349487304688,
  "summary_fg_median": 935.4741821289062,
  "summary_fg_n": 24479.0,
  "summary_fg_p05": 722.4806335449218,
  "summary_fg_p95": 1183.7576904296875,
  "summary_fg_stdv": 143.07557678222656,
  "tsnr": 69.27792663499713
}