{
  "aor": 0.0011684754521963823,
  "aqi": 0.011517330594315246,
  "bids_meta": {
    "AcquisitionDateTime": "2011-03-15T12:12:25.882812",
    "ConversionSoftware": "dcm2niix",
    "ConversionSoftwareVersion": "v1.0.20170207",
    "DeviceSerialNumber": "35407",
    "EchoTime": 0.02,
    "EffectiveEchoSpacing": 0.000460005,
    "FlipAngle": 80,
    "HardcopyDeviceSoftwareVersion": "syngo MR B17",
    "ImageType": [
      "ORIGINAL",
      "PRIMARY",
      "M",
      "ND",
      "MOSAIC"
    ],
    "InstitutionAddress": "Cedar Street 333, New Haven, Connecticut, US 06510",
    "InstitutionName": "Yale MRRC",
    "MagneticFieldStrength": 3,
    "Manufacturer": "Siemens",
    "ManufacturersModelName": "TrioTim",
    "PhaseEncodingDirection": "j-",
    "ProcedureStepDescription": "MRRC_Research_SiteProtocols",
    "ProtocolName": "ep2d_bold_390",
    "PulseSequenceType": " EP SK FS",
    "RepetitionTime": 2,
    "SequenceName": "epfid2d1_64",
    "SliceTiming": [
      1.005,
      0,
      1.055,
      0.05,
      1.105,
      0.1,
      1.155,
      0.15,
      1.205,
      0.2,
      1.255,
      0.25,
      1.305,
      0.3025,
      1.355,
      0.3525,
      1.405,
      0.4025,
      1.455,
      0.4525,
      1.505,
      0.5025,
      1.555,
      0.5525,
      1.6075,
      0.6025,
      1.6575,
      0.6525,
      1.7075,
      0.7025,
      1.7575,
      0.7525,
      1.8075,
      0.8025,
      1.8575,
      0.8525,
      1.9075,
      0.9025,
      1.9575,
      0.955
    ],
    "TaskName": "flavor",
    "dataset": "ds000229",
    "modality": "bold",
    "run_id": 1,
    "subject_id": "06",
    "task_id": "flavor"
  },
  "dummy_trs": 3,
  "dvars_nstd": 24.93125665971504,
  "dvars_std": 1.0554208031865286,
  "dvars_vstd": 0.9353655109585505,
  "efc": 0.5018507455383151,
  "fber": 1516.6669921875,
  "fd_mean": 0.2787363733317787,
  "fd_num": 211,
  "fd_perc": 54.52196382428941,
  "fwhm_avg": 2.032090727272727,
  "fwhm_x": 1.8420567272727273,
  "fwhm_y": 2.1284654545454544,
  "fwhm_z": 2.12575,
  "gcor": 0.0282547,
  "gsr_x": -0.019261838868260384,
  "gsr_y": 0.03636450693011284,
  "provenance": {
    "md5sum": "f59b3e8f486ea9bebc1dddf624be595f",
    "settings": {
      "fd_thres": 0.2,
      "testing": false
    },
    "software": "mriqc",
    "version": "22.0.6",
    "webapi_port": null,
    "webapi_url": "https://mriqc.nimh.nih.gov/api/v1"
  },
  "size_t": 387,
  "size_x": 64,
  "size_y": 64,
  "size_z": 40,
  "snr": 6.5472179498859875,
  "spacing_tr": 2.0,
  "spacing_x": 3.4375,
  "spacing_y": 3.4375,
  "spacing_z": 3.0,
  "summary_bg_k": 21.793643420933634,
  "summary_bg_mad": 7.773127945708004,
  "summary_bg_mean": 52.20986557006836,
  "summary_bg_median": 23.263566970825195,
  "summary_bg_n": 106595.0,
  "summary_bg_p05": 17.4160213470459,
  "summary_bg_p95": 200.0266220092773,
  "summary_bg_stdv": 78.99359893798828,
  "summary_fg_k": 0.5591740123462916,
  "summary_fg_mad": 137.20775893759293,
  "summary_fg_mean": 927.5872802734375,
  "summary_fg_median": 922.8062133789062,
  "summary_fg_n": 24515.0,
  "summary_fg_p05": 710.447314453125,
  "summary_fg_p95": 1165.94033203125,
  "summary_fg_stdv": 140.9434356689453,
  "tsnr": 49.77582220220938
}