{
  "aor": 0.0017219638242894056,
  "aqi": 0.00646502795865633,
  "bids_meta": {
    "AcquisitionDateTime": "2011-03-15T12:12:25.882812",
    "ConversionSoftware": "dcm2niix",
    "ConversionSoftwareVersion": "v1.0.20170207",
    "DeviceSerialNumber": "35407",
    "EchoTime": 0.02,
    "EffectiveEchoSpacing": 0.000460005,
    "FlipAngle": 80,
    "HardcopyDeviceSoftwareVersion": "syngo MR B17",
    "ImageType": [
      "ORIGINAL",
      "PRIMARY",
      "M",
      "ND",
      "MOSAIC"
    ],
    "InstitutionAddress": "Cedar Street 333, New Haven, Connecticut, US 06510",
    "InstitutionName": "Yale MRRC",
    "MagneticFieldStrength": 3,
    "Manufacturer": "Siemens",
    "ManufacturersModelName": "TrioTim",
    "PhaseEncodingDirection": "j-",
    "ProcedureStepDescription": "MRRC_Research_SiteProtocols",
    "ProtocolName": "ep2d_bold_390",
    "PulseSequenceType": " EP SK FS",
    "RepetitionTime": 2,
    "SequenceName": "epfid2d1_64",
    "SliceTiming": [
      1.005,
      0,
      1.055,
      0.05,
      1.105,
      0.1,
      1.155,
      0.15,
      1.205,
      0.2,
      1.255,
      0.25,
      1.305,
      0.3025,
      1.355,
      0.3525,
      1.405,
      0.4025,
      1.455,
      0.4525,
      1.505,
      0.5025,
      1.555,
      0.5525,
      1.6075,
      0.6025,
      1.6575,
      0.6525,
      1.7075,
      0.7025,
      1.7575,
      0.7525,
      1.8075,
      0.8025,
      1.8575,
      0.8525,
      1.9075,
      0.9025,
      1.9575,
      0.955
    ],
    "TaskName": "flavor",
    "dataset": "ds000229",
    "modality": "bold",
    "run_id": 3,
    "subject_id": "06",
    "task_id": "flavor"
  },
  "dummy_trs": 3,
  "dvars_nstd": 23.18039240373057,
  "dvars_std": 1.1670148473834194,
  "dvars_vstd": 1.0106979420466315,
  "efc": 0.5045101483478854,
  "fber": 1461.3492431640625,
  "fd_mean": 0.19185683371578777,
  "fd_num": 138,
  "fd_perc": 35.65891472868217,
  "fwhm_avg": 1.9826447474747475,
  "fwhm_x": 1.8060247272727274,
  "fwhm_y": 2.080506181818182,
  "fwhm_z": 2.0614033333333333,
  "gcor": 0.0353463,
  "gsr_x": -0.02064429223537445,
  "gsr_y": 0.03517676889896393,
  "provenance": {
    "md5sum": "fa806fd2f6927754db625fb18ac3457e",
    "settings": {
      "fd_thres": 0.2,
      "testing": false
    },
    "software": "mriqc",
    "version": "22.0.6",
    "webapi_port": null,
    "webapi_url": "https://mriqc.nimh.nih.gov/api/v1"
  },
  "size_t": 387,
  "size_x": 64,
  "size_y": 64,
  "size_z": 40,
  "snr": 6.5641345647450215,
  "spacing_tr": 2.0,
  "spacing_x": 3.4375,
  "spacing_y": 3.4375,
  "spacing_z": 3.0,
  "summary_bg_k": 21.620467737124255,
  "summary_bg_mad": 8.048958220280863,
  "summary_bg_mean": 54.4835319519043,
  "summary_bg_median": 23.78553009033203,
  "summary_bg_n": 106612.0,
  "summary_bg_p05": 17.927648544311523,
  "summary_bg_p95": 210.9320404052734,
  "summary_bg_stdv": 83.09159088134766,
  "summary_fg_k": 0.6560107316503729,
  "summary_fg_mad": 136.5104363853588,
  "summary_fg_mean": 932.5399169921875,
  "summary_fg_median": 928.093017578125,
  "summary_fg_n": 24447.0,
  "summary_fg_p05": 716.6359313964844,
  "summary_fg_p95": 1172.8744384765625,
  "summary_fg_stdv": 141.38558959960938,
  "tsnr": 71.35227349330671
}