{
  "bids_meta": {
    "AcquisitionDateTime": "2012-03-20T11:54:58.062500",
    "ConversionSoftware": "dcm2niix",
    "ConversionSoftwareVersion": "v1.0.20170207",
    "EchoTime": 0.00277,
    "FlipAngle": 7,
    "ImageType": [
      "ORIGINAL",
      "PRIMARY",
      "M",
      "ND"
    ],
    "MagneticFieldStrength": 3,
    "Manufacturer": "Siemens",
    "ManufacturersModelName": "TrioTim",
    "PhaseEncodingDirection": "i-",
    "ProcedureStepDescription": "MRRC_Research_SiteProtocols",
    "ProtocolName": "Sag_3D_MPRAGE_10_05",
    "PulseSequenceType": "T1-weighted 3D FLASH sequence",
    "RepetitionTime": 2.53,
    "SliceTiming": [
      1.005,
      0,
      1.055,
      0.05,
      1.105,
      0.1025,
      1.155,
      0.1525,
      1.205,
      0.2025,
      1.255,
      0.2525,
      1.305,
      0.3025,
      1.355,
      0.3525,
      1.405,
      0.4025,
      1.4575,
      0.4525,
      1.5075,
      0.5025,
      1.5575,
      0.5525,
      1.6075,
      0.6025,
      1.6575,
      0.6525,
      1.7075,
      0.7025,
      1.7575,
      0.755,
      1.8075,
      0.805,
      1.8575,
      0.855,
      1.9075,
      0.905,
      1.9575,
      0.955
    ],
    "dataset": "ds000229",
    "modality": "T1w",
    "subject_id": "13"
  },
  "cjv": 0.2903302373642333,
  "cnr": 4.598679014300986,
  "efc": 0.5021519781896224,
  "fber": -1.0,
  "fwhm_avg": 5.159666666666666,
  "fwhm_x": 5.18926,
  "fwhm_y": 5.44668,
  "fwhm_z": 4.84306,
  "icvs_csf": 0.24243090589316982,
  "icvs_gm": 0.42494659743135266,
  "icvs_wm": 0.3326224966754775,
  "inu_med": 0.5203009247779846,
  "inu_range": 0.19479769468307495,
  "provenance": {
    "md5sum": "4147386fae50eff2fad16feab0f91949",
    "settings": {
      "testing": false
    },
    "software": "mriqc",
    "version": "22.0.6",
    "warnings": {
      "large_rot_frame": true,
      "small_air_mask": false
    },
    "webapi_port": null,
    "webapi_url": "https://mriqc.nimh.nih.gov/api/v1"
  },
  "qi_1": 0.0,
  "qi_2": 0.009070663161681276,
  "rpve_csf": 22.25514658677509,
  "rpve_gm": 12.757401240071234,
  "rpve_wm": 19.338853159129656,
  "size_x": 176,
  "size_y": 256,
  "size_z": 256,
  "snr_csf": 1.737063150152903,
  "snr_gm": 11.946215627235642,
  "snr_total": 14.232997973733866,
  "snr_wm": 29.015715143813054,
  "snrd_csf": 21.03022946098455,
  "snrd_gm": 77.11270611094668,
  "snrd_total": 69.98608249874408,
  "snrd_wm": 111.81531192430103,
  "spacing_x": 1.0,
  "spacing_y": 1.0,
  "spacing_z": 1.0,
  "summary_bg_k": 9.92283833653359,
  "summary_bg_mad": 0.0,
  "summary_bg_mean": 3.8891111473612288,
  "summary_bg_median": 0.0,
  "summary_bg_n": 3561578.0,
  "summary_bg_p05": 0.0,
  "summary_bg_p95": 15.610147029161453,
  "summary_bg_stdv": 5.859240527952039,
  "summary_csf_k": -0.4349804118832208,
  "summary_csf_mad": 101.828300996742,
  "summary_csf_mean": 215.70385749918836,
  "summary_csf_median": 188.08476031851023,
  "summary_csf_n": 45236.0,
  "summary_csf_p05": 72.87236906401813,
  "summary_csf_p95": 418.32192086800933,
  "summary_csf_stdv": 108.27624854203854,
  "summary_gm_k": 0.06547621657827252,
  "summary_gm_mad": 58.10017611050677,
  "summary_gm_mean": 685.5066094414622,
  "summary_gm_median": 689.6607986753806,
  "summary_gm_n": 40164.0,
  "summary_gm_p05": 584.0296354852617,
  "summary_gm_p95": 772.2982653240673,
  "summary_gm_stdv": 57.729764352356185,
  "summary_wm_k": 0.6264389232890055,
  "summary_wm_mad": 32.007948920119595,
  "summary_wm_mean": 999.3583326130336,
  "summary_wm_median": 1000.0250440556556,
  "summary_wm_n": 185128.0,
  "summary_wm_p05": 940.5113585069776,
  "summary_wm_p95": 1054.1852496936917,
  "summary_wm_stdv": 34.464852518500926,
  "tpm_overlap_csf": 0.16077067738022646,
  "tpm_overlap_gm": 0.49007779497949466,
  "tpm_overlap_wm": 0.5227898798598769,
  "wm2max": 0.693071881826693
}