{
  "bids_meta": {
    "AcquisitionDateTime": "2012-04-20T15:34:58.031250",
    "ConversionSoftware": "dcm2niix",
    "ConversionSoftwareVersion": "v1.0.20170207",
    "EchoTime": 0.00277,
    "FlipAngle": 7,
    "ImageType": [
      "ORIGINAL",
      "PRIMARY",
      "M",
      "ND"
    ],
    "MagneticFieldStrength": 3,
    "Manufacturer": "Siemens",
    "ManufacturersModelName": "TrioTim",
    "PhaseEncodingDirection": "i-",
    "ProcedureStepDescription": "MRRC_Research_SiteProtocols",
    "ProtocolName": "Sag_3D_MPRAGE_10_05",
    "PulseSequenceType": "T1-weighted 3D FLASH sequence",
    "RepetitionTime": 2.53,
    "SliceTiming": [
      1.005,
      0,
      1.055,
      0.0525,
      1.105,
      0.1025,
      1.155,
      0.1525,
      1.205,
      0.2025,
      1.255,
      0.2525,
      1.305,
      0.3025,
      1.3575,
      0.3525,
      1.4075,
      0.4025,
      1.4575,
      0.4525,
      1.5075,
      0.5025,
      1.5575,
      0.5525,
      1.6075,
      0.6025,
      1.6575,
      0.6525,
      1.7075,
      0.705,
      1.7575,
      0.755,
      1.8075,
      0.805,
      1.8575,
      0.855,
      1.9075,
      0.905,
      1.9575,
      0.955
    ],
    "dataset": "ds000229",
    "modality": "T1w",
    "subject_id": "14"
  },
  "cjv": 0.2683832388365112,
  "cnr": 4.950123252828324,
  "efc": 0.5680776157391786,
  "fber": 30255.532871972322,
  "fwhm_avg": 5.164079999999999,
  "fwhm_x": 5.16848,
  "fwhm_y": 5.51273,
  "fwhm_z": 4.81103,
  "icvs_csf": 0.25290618953792127,
  "icvs_gm": 0.4241157609310796,
  "icvs_wm": 0.3229780495309992,
  "inu_med": 0.48111167550086975,
  "inu_range": 0.14424024224281312,
  "provenance": {
    "md5sum": "fdd1e0ec5590c094d03e1e4cec957920",
    "settings": {
      "testing": false
    },
    "software": "mriqc",
    "version": "22.0.6",
    "warnings": {
      "large_rot_frame": true,
      "small_air_mask": false
    },
    "webapi_port": null,
    "webapi_url": "https://mriqc.nimh.nih.gov/api/v1"
  },
  "qi_1": 0.0,
  "qi_2": 0.004422911710891915,
  "rpve_csf": 19.120527940743123,
  "rpve_gm": 11.467057207645487,
  "rpve_wm": 18.099416045704892,
  "size_x": 176,
  "size_y": 256,
  "size_z": 256,
  "snr_csf": 1.8529257877337824,
  "snr_gm": 11.362040619553273,
  "snr_total": 14.248572201408079,
  "snr_wm": 29.53075019693718,
  "snrd_csf": 16.565200501205208,
  "snrd_gm": 62.97692204087169,
  "snrd_total": 58.131853241602464,
  "snrd_wm": 94.85343718273049,
  "spacing_x": 1.0,
  "spacing_y": 1.0,
  "spacing_z": 1.0,
  "summary_bg_k": 8.412049859969528,
  "summary_bg_mad": 0.0,
  "summary_bg_mean": 4.4991328424566674,
  "summary_bg_median": 0.0,
  "summary_bg_n": 2803113.0,
  "summary_bg_p05": 0.0,
  "summary_bg_p95": 18.351227670907974,
  "summary_bg_stdv": 6.906991709175087,
  "summary_csf_k": 0.4211956310894234,
  "summary_csf_mad": 85.9001914949928,
  "summary_csf_mean": 191.4810716344474,
  "summary_csf_median": 174.644093234092,
  "summary_csf_n": 50565.0,
  "summary_csf_p05": 64.39483627304435,
  "summary_csf_p95": 374.1474783852692,
  "summary_csf_stdv": 94.25221854809885,
  "summary_gm_k": 0.04038305877955617,
  "summary_gm_mad": 58.90298845370934,
  "summary_gm_mean": 661.123366712982,
  "summary_gm_median": 663.9549846500158,
  "summary_gm_n": 49484.0,
  "summary_gm_p05": 561.2968927435577,
  "summary_gm_p95": 751.5253404043615,
  "summary_gm_stdv": 58.43565412792231,
  "summary_wm_k": 0.7552668810157392,
  "summary_wm_mad": 31.292212616033087,
  "summary_wm_mean": 999.2330456828541,
  "summary_wm_median": 1000.0236656181514,
  "summary_wm_n": 204920.0,
  "summary_wm_p05": 942.0375699363649,
  "summary_wm_p95": 1052.7834451720119,
  "summary_wm_stdv": 33.86372574051889,
  "tpm_overlap_csf": 0.16843342861687122,
  "tpm_overlap_gm": 0.484462600103432,
  "tpm_overlap_wm": 0.5241902789572191,
  "wm2max": 0.7252370425533993
}