{
  "bids_meta": {
    "AcquisitionDateTime": "2012-04-11T13:49:8.031250",
    "ConversionSoftware": "dcm2niix",
    "ConversionSoftwareVersion": "v1.0.20170207",
    "EchoTime": 0.00277,
    "FlipAngle": 7,
    "ImageType": [
      "ORIGINAL",
      "PRIMARY",
      "M",
      "ND"
    ],
    "MagneticFieldStrength": 3,
    "Manufacturer": "Siemens",
    "ManufacturersModelName": "TrioTim",
    "PhaseEncodingDirection": "i-",
    "ProcedureStepDescription": "MRRC_Research_SiteProtocols",
    "ProtocolName": "Sag_3D_MPRAGE_10_05",
    "PulseSequenceType": "T1-weighted 3D FLASH sequence",
    "RepetitionTime": 2.53,
    "SliceTiming": [
      1.005,
      0,
      1.055,
      0.05,
      1.105,
      0.1,
      1.155,
      0.15,
      1.205,
      0.2,
      1.255,
      0.25,
      1.305,
      0.3,
      1.355,
      0.3525,
      1.405,
      0.4025,
      1.455,
      0.4525,
      1.505,
      0.5025,
      1.555,
      0.5525,
      1.605,
      0.6025,
      1.6575,
      0.6525,
      1.7075,
      0.7025,
      1.7575,
      0.7525,
      1.8075,
      0.8025,
      1.8575,
      0.8525,
      1.9075,
      0.9025,
      1.9575,
      0.9525
    ],
    "dataset": "ds000229",
    "modality": "T1w",
    "subject_id": "15"
  },
  "cjv": 0.3081150157212945,
  "cnr": 4.487933128170806,
  "efc": 0.5404978963083954,
  "fber": 33438.26010975545,
  "fwhm_avg": 5.131083333333334,
  "fwhm_x": 4.9868,
  "fwhm_y": 5.55203,
  "fwhm_z": 4.85442,
  "icvs_csf": 0.22805820604080532,
  "icvs_gm": 0.39772283857418395,
  "icvs_wm": 0.3742189553850107,
  "inu_med": 0.4399149417877197,
  "inu_range": 0.1628273963928223,
  "provenance": {
    "md5sum": "b2c5f007d207decacf958e4e9172fc05",
    "settings": {
      "testing": false
    },
    "software": "mriqc",
    "version": "22.0.6",
    "warnings": {
      "large_rot_frame": true,
      "small_air_mask": false
    },
    "webapi_port": null,
    "webapi_url": "https://mriqc.nimh.nih.gov/api/v1"
  },
  "qi_1": 3.3145014409795016e-06,
  "qi_2": 0.0060965245238674024,
  "rpve_csf": 18.44417831370507,
  "rpve_gm": 10.518273843515335,
  "rpve_wm": 14.242698321796723,
  "size_x": 176,
  "size_y": 256,
  "size_z": 256,
  "snr_csf": 1.8294316662859524,
  "snr_gm": 11.267658296099999,
  "snr_total": 13.42687874094066,
  "snr_wm": 27.183546260436028,
  "snrd_csf": 32.87529724303087,
  "snrd_gm": 115.31576548111543,
  "snrd_total": 105.83679313460577,
  "snrd_wm": 169.31931667967098,
  "spacing_x": 1.0,
  "spacing_y": 1.0,
  "spacing_z": 1.0,
  "summary_bg_k": 16.137932728742882,
  "summary_bg_mad": 3.869414621416683,
  "summary_bg_mean": 4.452729805639925,
  "summary_bg_median": 2.6098805014044046,
  "summary_bg_n": 3373514.0,
  "summary_bg_p05": 0.0,
  "summary_bg_p95": 17.045060265809298,
  "summary_bg_stdv": 6.6316016828634,
  "summary_csf_k": 0.5374635651116564,
  "summary_csf_mad": 105.50147299632567,
  "summary_csf_mean": 217.1652737768491,
  "summary_csf_median": 194.1704900469631,
  "summary_csf_n": 46936.0,
  "summary_csf_p05": 71.56962127191946,
  "summary_csf_p95": 408.4462984697893,
  "summary_csf_stdv": 106.13592469950062,
  "summary_gm_k": -0.1899249707816879,
  "summary_gm_mad": 63.04063998254968,
  "summary_gm_mean": 679.1785454776038,
  "summary_gm_median": 681.0864257160574,
  "summary_gm_n": 38263.0,
  "summary_gm_p05": 577.522672014311,
  "summary_gm_p95": 774.2337536998093,
  "summary_gm_stdv": 60.44534788812062,
  "summary_wm_k": 0.46098267661527803,
  "summary_wm_mad": 35.23564287998024,
  "summary_wm_mean": 1000.2064857409084,
  "summary_wm_median": 1000.0461577903479,
  "summary_wm_n": 271995.0,
  "summary_wm_p05": 939.8803285323083,
  "summary_wm_p95": 1060.489142499864,
  "summary_wm_stdv": 36.788589312580775,
  "tpm_overlap_csf": 0.16846885346308546,
  "tpm_overlap_gm": 0.46206940596084006,
  "tpm_overlap_wm": 0.5166612855792452,
  "wm2max": 0.7554698677461005
}