{
  "aor": 0.001046056701030928,
  "aqi": 0.007201555902061855,
  "bids_meta": {
    "AcquisitionDateTime": "2011-03-15T12:12:25.882812",
    "ConversionSoftware": "dcm2niix",
    "ConversionSoftwareVersion": "v1.0.20170207",
    "DeviceSerialNumber": "35407",
    "EchoTime": 0.02,
    "EffectiveEchoSpacing": 0.000460005,
    "FlipAngle": 80,
    "HardcopyDeviceSoftwareVersion": "syngo MR B17",
    "ImageType": [
      "ORIGINAL",
      "PRIMARY",
      "M",
      "ND",
      "MOSAIC"
    ],
    "InstitutionAddress": "Cedar Street 333, New Haven, Connecticut, US 06510",
    "InstitutionName": "Yale MRRC",
    "MagneticFieldStrength": 3,
    "Manufacturer": "Siemens",
    "ManufacturersModelName": "TrioTim",
    "PhaseEncodingDirection": "j-",
    "ProcedureStepDescription": "MRRC_Research_SiteProtocols",
    "ProtocolName": "ep2d_bold_390",
    "PulseSequenceType": " EP SK FS",
    "RepetitionTime": 2,
    "SequenceName": "epfid2d1_64",
    "SliceTiming": [
      1.005,
      0,
      1.055,
      0.05,
      1.105,
      0.1,
      1.155,
      0.15,
      1.205,
      0.2,
      1.255,
      0.25,
      1.305,
      0.3025,
      1.355,
      0.3525,
      1.405,
      0.4025,
      1.455,
      0.4525,
      1.505,
      0.5025,
      1.555,
      0.5525,
      1.6075,
      0.6025,
      1.6575,
      0.6525,
      1.7075,
      0.7025,
      1.7575,
      0.7525,
      1.8075,
      0.8025,
      1.8575,
      0.8525,
      1.9075,
      0.9025,
      1.9575,
      0.955
    ],
    "TaskName": "flavor",
    "dataset": "ds000229",
    "modality": "bold",
    "run_id": 3,
    "subject_id": "04",
    "task_id": "flavor"
  },
  "dummy_trs": 2,
  "dvars_nstd": 22.729198105762258,
  "dvars_std": 1.1586461777519375,
  "dvars_vstd": 1.0058999949870802,
  "efc": 0.5379716839501143,
  "fber": 1141.3597412109375,
  "fd_mean": 0.2262580275881135,
  "fd_num": 205,
  "fd_perc": 52.83505154639175,
  "fwhm_avg": 2.045986666666667,
  "fwhm_x": 1.856416,
  "fwhm_y": 2.167104,
  "fwhm_z": 2.11444,
  "gcor": 0.151926,
  "gsr_x": -0.015513058751821518,
  "gsr_y": 0.03825010359287262,
  "provenance": {
    "md5sum": "0373590959caf26cf0e17f992fe131a3",
    "settings": {
      "fd_thres": 0.2,
      "testing": false
    },
    "software": "mriqc",
    "version": "22.0.6",
    "webapi_port": null,
    "webapi_url": "https://mriqc.nimh.nih.gov/api/v1"
  },
  "size_t": 388,
  "size_x": 64,
  "size_y": 64,
  "size_z": 40,
  "snr": 7.21360596101943,
  "spacing_tr": 2.0,
  "spacing_x": 3.4375,
  "spacing_y": 3.4375,
  "spacing_z": 3.0,
  "summary_bg_k": 32.1741463458311,
  "summary_bg_mad": 12.231468302671216,
  "summary_bg_mean": 65.08027648925781,
  "summary_bg_median": 29.391752243041992,
  "summary_bg_n": 101266.0,
  "summary_bg_p05": 20.448453903198242,
  "summary_bg_p95": 227.87499237060547,
  "summary_bg_stdv": 98.14642333984375,
  "summary_fg_k": 1.1873138096590319,
  "summary_fg_mad": 128.6711681059246,
  "summary_fg_mean": 1017.0851440429688,
  "summary_fg_median": 1023.4200439453125,
  "summary_fg_n": 29348.0,
  "summary_fg_p05": 760.2040771484375,
  "summary_fg_p95": 1230.078155517578,
  "summary_fg_stdv": 141.87115478515625,
  "tsnr": 67.77716956380755
}