{
  "aor": 0.0017058505154639175,
  "aqi": 0.007984561211340205,
  "bids_meta": {
    "AcquisitionDateTime": "2011-03-15T12:12:25.882812",
    "ConversionSoftware": "dcm2niix",
    "ConversionSoftwareVersion": "v1.0.20170207",
    "DeviceSerialNumber": "35407",
    "EchoTime": 0.02,
    "EffectiveEchoSpacing": 0.000460005,
    "FlipAngle": 80,
    "HardcopyDeviceSoftwareVersion": "syngo MR B17",
    "ImageType": [
      "ORIGINAL",
      "PRIMARY",
      "M",
      "ND",
      "MOSAIC"
    ],
    "InstitutionAddress": "Cedar Street 333, New Haven, Connecticut, US 06510",
    "InstitutionName": "Yale MRRC",
    "MagneticFieldStrength": 3,
    "Manufacturer": "Siemens",
    "ManufacturersModelName": "TrioTim",
    "PhaseEncodingDirection": "j-",
    "ProcedureStepDescription": "MRRC_Research_SiteProtocols",
    "ProtocolName": "ep2d_bold_390",
    "PulseSequenceType": " EP SK FS",
    "RepetitionTime": 2,
    "SequenceName": "epfid2d1_64",
    "SliceTiming": [
      1.005,
      0,
      1.055,
      0.05,
      1.105,
      0.1,
      1.155,
      0.15,
      1.205,
      0.2,
      1.255,
      0.25,
      1.305,
      0.3025,
      1.355,
      0.3525,
      1.405,
      0.4025,
      1.455,
      0.4525,
      1.505,
      0.5025,
      1.555,
      0.5525,
      1.6075,
      0.6025,
      1.6575,
      0.6525,
      1.7075,
      0.7025,
      1.7575,
      0.7525,
      1.8075,
      0.8025,
      1.8575,
      0.8525,
      1.9075,
      0.9025,
      1.9575,
      0.955
    ],
    "TaskName": "flavor",
    "dataset": "ds000229",
    "modality": "bold",
    "run_id": 1,
    "subject_id": "13",
    "task_id": "flavor"
  },
  "dummy_trs": 2,
  "dvars_nstd": 20.05004293850127,
  "dvars_std": 1.1164448382170533,
  "dvars_vstd": 0.9634524302325584,
  "efc": 0.5336027260485987,
  "fber": 1425.9495849609375,
  "fd_mean": 0.18023568349974348,
  "fd_num": 100,
  "fd_perc": 25.77319587628866,
  "fwhm_avg": 2.1806787744241993,
  "fwhm_x": 1.9436014545454545,
  "fwhm_y": 2.3295882020604775,
  "fwhm_z": 2.2688466666666667,
  "gcor": 0.0607721,
  "gsr_x": -0.026957588270306587,
  "gsr_y": 0.04741881787776947,
  "provenance": {
    "md5sum": "c7a8a4c5f5d3c3d82c77c5a7d4178878",
    "settings": {
      "fd_thres": 0.2,
      "testing": false
    },
    "software": "mriqc",
    "version": "22.0.6",
    "webapi_port": null,
    "webapi_url": "https://mriqc.nimh.nih.gov/api/v1"
  },
  "size_t": 388,
  "size_x": 64,
  "size_y": 64,
  "size_z": 40,
  "snr": 7.210107984353402,
  "spacing_tr": 2.0,
  "spacing_x": 3.4375,
  "spacing_y": 3.437500238418579,
  "spacing_z": 3.0,
  "summary_bg_k": 20.854847400210847,
  "summary_bg_mad": 9.442036701768927,
  "summary_bg_mean": 58.88180160522461,
  "summary_bg_median": 24.68041229248047,
  "summary_bg_n": 100949.0,
  "summary_bg_p05": 17.664947509765625,
  "summary_bg_p95": 239.2463897705078,
  "summary_bg_stdv": 93.41243743896484,
  "summary_fg_k": 1.156503580300086,
  "summary_fg_mad": 117.82674367564438,
  "summary_fg_mean": 961.8829345703125,
  "summary_fg_median": 960.112060546875,
  "summary_fg_n": 29334.0,
  "summary_fg_p05": 736.4577087402344,
  "summary_fg_p95": 1178.9454284667968,
  "summary_fg_stdv": 133.15968322753906,
  "tsnr": 68.41852463257965
}