{
  "aor": 0.0010016752577319587,
  "aqi": 0.00992709644329897,
  "bids_meta": {
    "AcquisitionDateTime": "2011-03-15T12:12:25.882812",
    "ConversionSoftware": "dcm2niix",
    "ConversionSoftwareVersion": "v1.0.20170207",
    "DeviceSerialNumber": "35407",
    "EchoTime": 0.02,
    "EffectiveEchoSpacing": 0.000460005,
    "FlipAngle": 80,
    "HardcopyDeviceSoftwareVersion": "syngo MR B17",
    "ImageType": [
      "ORIGINAL",
      "PRIMARY",
      "M",
      "ND",
      "MOSAIC"
    ],
    "InstitutionAddress": "Cedar Street 333, New Haven, Connecticut, US 06510",
    "InstitutionName": "Yale MRRC",
    "MagneticFieldStrength": 3,
    "Manufacturer": "Siemens",
    "ManufacturersModelName": "TrioTim",
    "PhaseEncodingDirection": "j-",
    "ProcedureStepDescription": "MRRC_Research_SiteProtocols",
    "ProtocolName": "ep2d_bold_390",
    "PulseSequenceType": " EP SK FS",
    "RepetitionTime": 2,
    "SequenceName": "epfid2d1_64",
    "SliceTiming": [
      1.005,
      0,
      1.055,
      0.05,
      1.105,
      0.1,
      1.155,
      0.15,
      1.205,
      0.2,
      1.255,
      0.25,
      1.305,
      0.3025,
      1.355,
      0.3525,
      1.405,
      0.4025,
      1.455,
      0.4525,
      1.505,
      0.5025,
      1.555,
      0.5525,
      1.6075,
      0.6025,
      1.6575,
      0.6525,
      1.7075,
      0.7025,
      1.7575,
      0.7525,
      1.8075,
      0.8025,
      1.8575,
      0.8525,
      1.9075,
      0.9025,
      1.9575,
      0.955
    ],
    "TaskName": "flavor",
    "dataset": "ds000229",
    "modality": "bold",
    "run_id": 3,
    "subject_id": "15",
    "task_id": "flavor"
  },
  "dummy_trs": 2,
  "dvars_nstd": 22.48121210315247,
  "dvars_std": 1.064000337726099,
  "dvars_vstd": 0.9650995604651167,
  "efc": 0.5849182640638647,
  "fber": 1021.1376342773438,
  "fd_mean": 0.2572491364893579,
  "fd_num": 222,
  "fd_perc": 57.21649484536083,
  "fwhm_avg": 2.0507360606060607,
  "fwhm_x": 1.8204392727272727,
  "fwhm_y": 2.1738589090909093,
  "fwhm_z": 2.1579099999999998,
  "gcor": 0.0359514,
  "gsr_x": -0.019976308569312096,
  "gsr_y": 0.05941932648420334,
  "provenance": {
    "md5sum": "ff8b99b1caec97f9d528f9993670f94c",
    "settings": {
      "fd_thres": 0.2,
      "testing": false
    },
    "software": "mriqc",
    "version": "22.0.6",
    "webapi_port": null,
    "webapi_url": "https://mriqc.nimh.nih.gov/api/v1"
  },
  "size_t": 388,
  "size_x": 64,
  "size_y": 64,
  "size_z": 40,
  "snr": 6.959179349805485,
  "spacing_tr": 2.0,
  "spacing_x": 3.4375,
  "spacing_y": 3.4375,
  "spacing_z": 3.0,
  "summary_bg_k": 19.61652579728886,
  "summary_bg_mad": 11.253256471330626,
  "summary_bg_mean": 63.5136604309082,
  "summary_bg_median": 27.177833557128906,
  "summary_bg_n": 91535.0,
  "summary_bg_p05": 18.26030921936035,
  "summary_bg_p95": 255.27499389648443,
  "summary_bg_stdv": 96.412109375,
  "summary_fg_k": 1.2954023488516917,
  "summary_fg_mad": 115.6543748915529,
  "summary_fg_mean": 902.738037109375,
  "summary_fg_median": 900.4277954101562,
  "summary_fg_n": 36953.0,
  "summary_fg_p05": 686.85615234375,
  "summary_fg_p95": 1113.902587890625,
  "summary_fg_stdv": 129.38531494140625,
  "tsnr": 58.921842128038406
}