{
  "aor": 0.0014454381443298968,
  "aqi": 0.007895158350515465,
  "bids_meta": {
    "AcquisitionDateTime": "2011-03-15T12:12:25.882812",
    "ConversionSoftware": "dcm2niix",
    "ConversionSoftwareVersion": "v1.0.20170207",
    "DeviceSerialNumber": "35407",
    "EchoTime": 0.02,
    "EffectiveEchoSpacing": 0.000460005,
    "FlipAngle": 80,
    "HardcopyDeviceSoftwareVersion": "syngo MR B17",
    "ImageType": [
      "ORIGINAL",
      "PRIMARY",
      "M",
      "ND",
      "MOSAIC"
    ],
    "InstitutionAddress": "Cedar Street 333, New Haven, Connecticut, US 06510",
    "InstitutionName": "Yale MRRC",
    "MagneticFieldStrength": 3,
    "Manufacturer": "Siemens",
    "ManufacturersModelName": "TrioTim",
    "PhaseEncodingDirection": "j-",
    "ProcedureStepDescription": "MRRC_Research_SiteProtocols",
    "ProtocolName": "ep2d_bold_390",
    "PulseSequenceType": " EP SK FS",
    "RepetitionTime": 2,
    "SequenceName": "epfid2d1_64",
    "SliceTiming": [
      1.005,
      0,
      1.055,
      0.05,
      1.105,
      0.1,
      1.155,
      0.15,
      1.205,
      0.2,
      1.255,
      0.25,
      1.305,
      0.3025,
      1.355,
      0.3525,
      1.405,
      0.4025,
      1.455,
      0.4525,
      1.505,
      0.5025,
      1.555,
      0.5525,
      1.6075,
      0.6025,
      1.6575,
      0.6525,
      1.7075,
      0.7025,
      1.7575,
      0.7525,
      1.8075,
      0.8025,
      1.8575,
      0.8525,
      1.9075,
      0.9025,
      1.9575,
      0.955
    ],
    "TaskName": "flavor",
    "dataset": "ds000229",
    "modality": "bold",
    "run_id": 2,
    "subject_id": "15",
    "task_id": "flavor"
  },
  "dummy_trs": 2,
  "dvars_nstd": 21.43419147219639,
  "dvars_std": 1.1130974524547812,
  "dvars_vstd": 0.9912370576485786,
  "efc": 0.5843844645161873,
  "fber": 1050.1630859375,
  "fd_mean": 0.21562264826736544,
  "fd_num": 187,
  "fd_perc": 48.1958762886598,
  "fwhm_avg": 2.042848868686869,
  "fwhm_x": 1.7999010909090911,
  "fwhm_y": 2.144442181818182,
  "fwhm_z": 2.184203333333333,
  "gcor": 0.0649749,
  "gsr_x": -0.022554274648427963,
  "gsr_y": 0.06321147084236145,
  "provenance": {
    "md5sum": "187d9e3f943ecee02840de312226f980",
    "settings": {
      "fd_thres": 0.2,
      "testing": false
    },
    "software": "mriqc",
    "version": "22.0.6",
    "webapi_port": null,
    "webapi_url": "https://mriqc.nimh.nih.gov/api/v1"
  },
  "size_t": 388,
  "size_x": 64,
  "size_y": 64,
  "size_z": 40,
  "snr": 6.888969461249756,
  "spacing_tr": 2.0,
  "spacing_x": 3.4375,
  "spacing_y": 3.4375,
  "spacing_z": 3.0,
  "summary_bg_k": 19.796914141370543,
  "summary_bg_mad": 10.737402023584746,
  "summary_bg_mean": 63.44483184814453,
  "summary_bg_median": 26.969070434570312,
  "summary_bg_n": 91500.0,
  "summary_bg_p05": 19.103092193603516,
  "summary_bg_p95": 255.8066864013672,
  "summary_bg_stdv": 96.4189682006836,
  "summary_fg_k": 1.3513448926382123,
  "summary_fg_mad": 118.64446431453145,
  "summary_fg_mean": 914.9735107421875,
  "summary_fg_median": 911.2718505859375,
  "summary_fg_n": 36958.0,
  "summary_fg_p05": 699.3931640625,
  "summary_fg_p95": 1131.699041748047,
  "summary_fg_stdv": 132.27806091308594,
  "tsnr": 66.44866967992857
}