{
  "aor": 0.0004644845360824742,
  "aqi": 0.008578564639175258,
  "bids_meta": {
    "AcquisitionDateTime": "2011-03-15T12:12:25.882812",
    "ConversionSoftware": "dcm2niix",
    "ConversionSoftwareVersion": "v1.0.20170207",
    "DeviceSerialNumber": "35407",
    "EchoTime": 0.02,
    "EffectiveEchoSpacing": 0.000460005,
    "FlipAngle": 80,
    "HardcopyDeviceSoftwareVersion": "syngo MR B17",
    "ImageType": [
      "ORIGINAL",
      "PRIMARY",
      "M",
      "ND",
      "MOSAIC"
    ],
    "InstitutionAddress": "Cedar Street 333, New Haven, Connecticut, US 06510",
    "InstitutionName": "Yale MRRC",
    "MagneticFieldStrength": 3,
    "Manufacturer": "Siemens",
    "ManufacturersModelName": "TrioTim",
    "PhaseEncodingDirection": "j-",
    "ProcedureStepDescription": "MRRC_Research_SiteProtocols",
    "ProtocolName": "ep2d_bold_390",
    "PulseSequenceType": " EP SK FS",
    "RepetitionTime": 2,
    "SequenceName": "epfid2d1_64",
    "SliceTiming": [
      1.005,
      0,
      1.055,
      0.05,
      1.105,
      0.1,
      1.155,
      0.15,
      1.205,
      0.2,
      1.255,
      0.25,
      1.305,
      0.3025,
      1.355,
      0.3525,
      1.405,
      0.4025,
      1.455,
      0.4525,
      1.505,
      0.5025,
      1.555,
      0.5525,
      1.6075,
      0.6025,
      1.6575,
      0.6525,
      1.7075,
      0.7025,
      1.7575,
      0.7525,
      1.8075,
      0.8025,
      1.8575,
      0.8525,
      1.9075,
      0.9025,
      1.9575,
      0.955
    ],
    "TaskName": "flavor",
    "dataset": "ds000229",
    "modality": "bold",
    "run_id": 2,
    "subject_id": "08",
    "task_id": "flavor"
  },
  "dummy_trs": 2,
  "dvars_nstd": 18.7437090097416,
  "dvars_std": 1.1338757681395348,
  "dvars_vstd": 0.9575467886304918,
  "efc": 0.48359124435350553,
  "fber": 1715.2681884765625,
  "fd_mean": 0.15173701706505616,
  "fd_num": 79,
  "fd_perc": 20.36082474226804,
  "fwhm_avg": 1.8235179191919195,
  "fwhm_x": 1.6608523636363637,
  "fwhm_y": 1.8985047272727273,
  "fwhm_z": 1.9111966666666669,
  "gcor": 0.0515039,
  "gsr_x": -0.015927782282233238,
  "gsr_y": 0.019724564626812935,
  "provenance": {
    "md5sum": "9f627fce56535cab28feee19d3bbaeec",
    "settings": {
      "fd_thres": 0.2,
      "testing": false
    },
    "software": "mriqc",
    "version": "22.0.6",
    "webapi_port": null,
    "webapi_url": "https://mriqc.nimh.nih.gov/api/v1"
  },
  "size_t": 388,
  "size_x": 64,
  "size_y": 64,
  "size_z": 40,
  "snr": 8.095221878225072,
  "spacing_tr": 2.0,
  "spacing_x": 3.4375,
  "spacing_y": 3.4375,
  "spacing_z": 3.0,
  "summary_bg_k": 33.323871378164974,
  "summary_bg_mad": 6.8207342873085395,
  "summary_bg_mean": 49.34269332885742,
  "summary_bg_median": 21.963916778564453,
  "summary_bg_n": 110063.0,
  "summary_bg_p05": 16.391752243041992,
  "summary_bg_p95": 173.24690551757809,
  "summary_bg_stdv": 83.94168090820312,
  "summary_fg_k": 1.7231809144483883,
  "summary_fg_mad": 104.41830602757562,
  "summary_fg_mean": 925.3282470703125,
  "summary_fg_median": 921.4290771484375,
  "summary_fg_n": 22624.0,
  "summary_fg_p05": 753.2110412597656,
  "summary_fg_p95": 1115.1405700683595,
  "summary_fg_stdv": 113.82130432128906,
  "tsnr": 74.87022964772768
}