{
  "aor": 0.001589742268041237,
  "aqi": 0.006232898273195876,
  "bids_meta": {
    "AcquisitionDateTime": "2011-03-15T12:12:25.882812",
    "ConversionSoftware": "dcm2niix",
    "ConversionSoftwareVersion": "v1.0.20170207",
    "DeviceSerialNumber": "35407",
    "EchoTime": 0.02,
    "EffectiveEchoSpacing": 0.000460005,
    "FlipAngle": 80,
    "HardcopyDeviceSoftwareVersion": "syngo MR B17",
    "ImageType": [
      "ORIGINAL",
      "PRIMARY",
      "M",
      "ND",
      "MOSAIC"
    ],
    "InstitutionAddress": "Cedar Street 333, New Haven, Connecticut, US 06510",
    "InstitutionName": "Yale MRRC",
    "MagneticFieldStrength": 3,
    "Manufacturer": "Siemens",
    "ManufacturersModelName": "TrioTim",
    "PhaseEncodingDirection": "j-",
    "ProcedureStepDescription": "MRRC_Research_SiteProtocols",
    "ProtocolName": "ep2d_bold_390",
    "PulseSequenceType": " EP SK FS",
    "RepetitionTime": 2,
    "SequenceName": "epfid2d1_64",
    "SliceTiming": [
      1.005,
      0,
      1.055,
      0.05,
      1.105,
      0.1,
      1.155,
      0.15,
      1.205,
      0.2,
      1.255,
      0.25,
      1.305,
      0.3025,
      1.355,
      0.3525,
      1.405,
      0.4025,
      1.455,
      0.4525,
      1.505,
      0.5025,
      1.555,
      0.5525,
      1.6075,
      0.6025,
      1.6575,
      0.6525,
      1.7075,
      0.7025,
      1.7575,
      0.7525,
      1.8075,
      0.8025,
      1.8575,
      0.8525,
      1.9075,
      0.9025,
      1.9575,
      0.955
    ],
    "TaskName": "flavor",
    "dataset": "ds000229",
    "modality": "bold",
    "run_id": 2,
    "subject_id": "02",
    "task_id": "flavor"
  },
  "dummy_trs": 2,
  "dvars_nstd": 23.15127768255814,
  "dvars_std": 1.2012450230232552,
  "dvars_vstd": 1.0056625775710595,
  "efc": 0.5676774328609677,
  "fber": 1102.2515869140625,
  "fd_mean": 0.2622469854807378,
  "fd_num": 194,
  "fd_perc": 50.0,
  "fwhm_avg": 2.1314729090909093,
  "fwhm_x": 1.9045323636363636,
  "fwhm_y": 2.2169163636363636,
  "fwhm_z": 2.27297,
  "gcor": 0.0725744,
  "gsr_x": -0.024935157969594002,
  "gsr_y": 0.053713660687208176,
  "provenance": {
    "md5sum": "a93797c7ee96314e7d8e6995dff16e1a",
    "settings": {
      "fd_thres": 0.2,
      "testing": false
    },
    "software": "mriqc",
    "version": "22.0.6",
    "webapi_port": null,
    "webapi_url": "https://mriqc.nimh.nih.gov/api/v1"
  },
  "size_t": 388,
  "size_x": 64,
  "size_y": 64,
  "size_z": 40,
  "snr": 6.457217048180766,
  "spacing_tr": 2.0,
  "spacing_x": 3.4375,
  "spacing_y": 3.4375,
  "spacing_z": 3.0,
  "summary_bg_k": 12.559558605218845,
  "summary_bg_mad": 12.674720803857356,
  "summary_bg_mean": 78.07128143310547,
  "summary_bg_median": 29.19329833984375,
  "summary_bg_n": 97149.0,
  "summary_bg_p05": 19.81958770751953,
  "summary_bg_p95": 336.31184082031206,
  "summary_bg_stdv": 118.45864868164062,
  "summary_fg_k": 0.9094334507424056,
  "summary_fg_mad": 139.7734462362556,
  "summary_fg_mean": 999.4149169921875,
  "summary_fg_median": 992.704833984375,
  "summary_fg_n": 32850.0,
  "summary_fg_p05": 758.8307739257813,
  "summary_fg_p95": 1269.7864074707031,
  "summary_fg_stdv": 153.73336791992188,
  "tsnr": 71.44327640533447
}