{
  "aor": 0.0034234020618556706,
  "aqi": 0.007580273170103093,
  "bids_meta": {
    "AcquisitionDateTime": "2011-03-15T12:12:25.882812",
    "ConversionSoftware": "dcm2niix",
    "ConversionSoftwareVersion": "v1.0.20170207",
    "DeviceSerialNumber": "35407",
    "EchoTime": 0.02,
    "EffectiveEchoSpacing": 0.000460005,
    "FlipAngle": 80,
    "HardcopyDeviceSoftwareVersion": "syngo MR B17",
    "ImageType": [
      "ORIGINAL",
      "PRIMARY",
      "M",
      "ND",
      "MOSAIC"
    ],
    "InstitutionAddress": "Cedar Street 333, New Haven, Connecticut, US 06510",
    "InstitutionName": "Yale MRRC",
    "MagneticFieldStrength": 3,
    "Manufacturer": "Siemens",
    "ManufacturersModelName": "TrioTim",
    "PhaseEncodingDirection": "j-",
    "ProcedureStepDescription": "MRRC_Research_SiteProtocols",
    "ProtocolName": "ep2d_bold_390",
    "PulseSequenceType": " EP SK FS",
    "RepetitionTime": 2,
    "SequenceName": "epfid2d1_64",
    "SliceTiming": [
      1.005,
      0,
      1.055,
      0.05,
      1.105,
      0.1,
      1.155,
      0.15,
      1.205,
      0.2,
      1.255,
      0.25,
      1.305,
      0.3025,
      1.355,
      0.3525,
      1.405,
      0.4025,
      1.455,
      0.4525,
      1.505,
      0.5025,
      1.555,
      0.5525,
      1.6075,
      0.6025,
      1.6575,
      0.6525,
      1.7075,
      0.7025,
      1.7575,
      0.7525,
      1.8075,
      0.8025,
      1.8575,
      0.8525,
      1.9075,
      0.9025,
      1.9575,
      0.955
    ],
    "TaskName": "flavor",
    "dataset": "ds000229",
    "modality": "bold",
    "run_id": 2,
    "subject_id": "14",
    "task_id": "flavor"
  },
  "dummy_trs": 2,
  "dvars_nstd": 23.879535354496127,
  "dvars_std": 1.1175300357881135,
  "dvars_vstd": 1.0094686815245475,
  "efc": 0.5824070049458152,
  "fber": 750.33154296875,
  "fd_mean": 0.2968234835103795,
  "fd_num": 220,
  "fd_perc": 56.70103092783505,
  "fwhm_avg": 2.108635090909091,
  "fwhm_x": 1.9073134545454546,
  "fwhm_y": 2.1804218181818182,
  "fwhm_z": 2.2381699999999998,
  "gcor": 0.0477927,
  "gsr_x": -0.013841676525771618,
  "gsr_y": 0.05295196920633316,
  "provenance": {
    "md5sum": "ef8db0679492b95f541666f605bf5655",
    "settings": {
      "fd_thres": 0.2,
      "testing": false
    },
    "software": "mriqc",
    "version": "22.0.6",
    "webapi_port": null,
    "webapi_url": "https://mriqc.nimh.nih.gov/api/v1"
  },
  "size_t": 388,
  "size_x": 64,
  "size_y": 64,
  "size_z": 40,
  "snr": 7.342852141326283,
  "spacing_tr": 2.0,
  "spacing_x": 3.4375,
  "spacing_y": 3.4375,
  "spacing_z": 3.0,
  "summary_bg_k": 11.633342048285925,
  "summary_bg_mad": 19.934887181438185,
  "summary_bg_mean": 88.71720123291016,
  "summary_bg_median": 34.93814468383789,
  "summary_bg_n": 96858.0,
  "summary_bg_p05": 20.494844436645508,
  "summary_bg_p95": 376.8927810668943,
  "summary_bg_stdv": 128.44973754882812,
  "summary_fg_k": 0.7145420991954365,
  "summary_fg_mad": 128.67881458343095,
  "summary_fg_mean": 983.9470825195312,
  "summary_fg_median": 981.87109375,
  "summary_fg_n": 32896.0,
  "summary_fg_p05": 760.8234405517578,
  "summary_fg_p95": 1196.2402648925781,
  "summary_fg_stdv": 133.71591186523438,
  "tsnr": 63.39445600961335
}