{
  "aor": 0.007472061855670104,
  "aqi": 0.013581836469072165,
  "bids_meta": {
    "AcquisitionDateTime": "2011-03-15T12:12:25.882812",
    "ConversionSoftware": "dcm2niix",
    "ConversionSoftwareVersion": "v1.0.20170207",
    "DeviceSerialNumber": "35407",
    "EchoTime": 0.02,
    "EffectiveEchoSpacing": 0.000460005,
    "FlipAngle": 80,
    "HardcopyDeviceSoftwareVersion": "syngo MR B17",
    "ImageType": [
      "ORIGINAL",
      "PRIMARY",
      "M",
      "ND",
      "MOSAIC"
    ],
    "InstitutionAddress": "Cedar Street 333, New Haven, Connecticut, US 06510",
    "InstitutionName": "Yale MRRC",
    "MagneticFieldStrength": 3,
    "Manufacturer": "Siemens",
    "ManufacturersModelName": "TrioTim",
    "PhaseEncodingDirection": "j-",
    "ProcedureStepDescription": "MRRC_Research_SiteProtocols",
    "ProtocolName": "ep2d_bold_390",
    "PulseSequenceType": " EP SK FS",
    "RepetitionTime": 2,
    "SequenceName": "epfid2d1_64",
    "SliceTiming": [
      1.005,
      0,
      1.055,
      0.05,
      1.105,
      0.1,
      1.155,
      0.15,
      1.205,
      0.2,
      1.255,
      0.25,
      1.305,
      0.3025,
      1.355,
      0.3525,
      1.405,
      0.4025,
      1.455,
      0.4525,
      1.505,
      0.5025,
      1.555,
      0.5525,
      1.6075,
      0.6025,
      1.6575,
      0.6525,
      1.7075,
      0.7025,
      1.7575,
      0.7525,
      1.8075,
      0.8025,
      1.8575,
      0.8525,
      1.9075,
      0.9025,
      1.9575,
      0.955
    ],
    "TaskName": "flavor",
    "dataset": "ds000229",
    "modality": "bold",
    "run_id": 1,
    "subject_id": "14",
    "task_id": "flavor"
  },
  "dummy_trs": 2,
  "dvars_nstd": 30.309938223875953,
  "dvars_std": 1.1603981943152446,
  "dvars_vstd": 1.0432601959948318,
  "efc": 0.5816006792786056,
  "fber": 751.4022216796875,
  "fd_mean": 0.38401166391513286,
  "fd_num": 222,
  "fd_perc": 57.21649484536083,
  "fwhm_avg": 2.1081644040404037,
  "fwhm_x": 1.9097541818181818,
  "fwhm_y": 2.191412363636364,
  "fwhm_z": 2.2233266666666665,
  "gcor": 0.0517886,
  "gsr_x": -0.015837667509913445,
  "gsr_y": 0.05542948469519615,
  "provenance": {
    "md5sum": "09d728226ca1fdc16967cb67a5493132",
    "settings": {
      "fd_thres": 0.2,
      "testing": false
    },
    "software": "mriqc",
    "version": "22.0.6",
    "webapi_port": null,
    "webapi_url": "https://mriqc.nimh.nih.gov/api/v1"
  },
  "size_t": 388,
  "size_x": 64,
  "size_y": 64,
  "size_z": 40,
  "snr": 7.345652689220964,
  "spacing_tr": 2.0,
  "spacing_x": 3.4375,
  "spacing_y": 3.4375,
  "spacing_z": 3.0,
  "summary_bg_k": 13.458646620876358,
  "summary_bg_mad": 19.839357113716712,
  "summary_bg_mean": 87.40895080566406,
  "summary_bg_median": 34.858245849609375,
  "summary_bg_n": 96856.0,
  "summary_bg_p05": 20.4536075592041,
  "summary_bg_p95": 364.9800109863281,
  "summary_bg_stdv": 127.10372924804688,
  "summary_fg_k": 0.6583865181542903,
  "summary_fg_mad": 127.88213306904353,
  "summary_fg_mean": 981.2127685546875,
  "summary_fg_median": 979.0824584960938,
  "summary_fg_n": 32919.0,
  "summary_fg_p05": 759.5759826660156,
  "summary_fg_p95": 1192.8499633789063,
  "summary_fg_stdv": 133.28530883789062,
  "tsnr": 50.04900176497176
}