{
  "bids_meta": {
    "AcquisitionDateTime": "2011-05-24T11:54:11.164062",
    "ConversionSoftware": "dcm2niix",
    "ConversionSoftwareVersion": "v1.0.20170207",
    "EchoTime": 0.00277,
    "FlipAngle": 7,
    "ImageType": [
      "ORIGINAL",
      "PRIMARY",
      "M",
      "ND"
    ],
    "MagneticFieldStrength": 3,
    "Manufacturer": "Siemens",
    "ManufacturersModelName": "TrioTim",
    "PhaseEncodingDirection": "i-",
    "ProcedureStepDescription": "MRRC_Research_SiteProtocols",
    "ProtocolName": "Sag_3D_MPRAGE_10_05",
    "PulseSequenceType": "T1-weighted 3D FLASH sequence",
    "RepetitionTime": 2.53,
    "SliceTiming": [
      1.005,
      0,
      1.055,
      0.05,
      1.105,
      0.1,
      1.155,
      0.1525,
      1.205,
      0.2025,
      1.255,
      0.2525,
      1.305,
      0.3025,
      1.355,
      0.3525,
      1.405,
      0.4025,
      1.4575,
      0.4525,
      1.5075,
      0.5025,
      1.5575,
      0.5525,
      1.6075,
      0.6025,
      1.6575,
      0.6525,
      1.7075,
      0.7025,
      1.7575,
      0.7525,
      1.8075,
      0.805,
      1.8575,
      0.855,
      1.9075,
      0.905,
      1.9575,
      0.955
    ],
    "dataset": "ds000229",
    "modality": "T1w",
    "subject_id": "07"
  },
  "cjv": 0.25265700194714924,
  "cnr": 5.233406969020461,
  "efc": 0.46593207745020243,
  "fber": -1.0,
  "fwhm_avg": 5.164276666666667,
  "fwhm_x": 5.19628,
  "fwhm_y": 5.50668,
  "fwhm_z": 4.78987,
  "icvs_csf": 0.28169407724606044,
  "icvs_gm": 0.4110670674596363,
  "icvs_wm": 0.3072388552943033,
  "inu_med": 0.5018645524978638,
  "inu_range": 0.13716092705726624,
  "provenance": {
    "md5sum": "7ca33365d4bf9b1f3c04650b80bd82e8",
    "settings": {
      "testing": false
    },
    "software": "mriqc",
    "version": "22.0.6",
    "warnings": {
      "large_rot_frame": true,
      "small_air_mask": false
    },
    "webapi_port": null,
    "webapi_url": "https://mriqc.nimh.nih.gov/api/v1"
  },
  "qi_1": 0.0,
  "qi_2": 0.007122786664177694,
  "rpve_csf": 22.748579370349898,
  "rpve_gm": 14.987795368931272,
  "rpve_wm": 24.458044477415942,
  "size_x": 176,
  "size_y": 256,
  "size_z": 256,
  "snr_csf": 1.6910182668614127,
  "snr_gm": 10.537779679903824,
  "snr_total": 14.104413814842937,
  "snr_wm": 30.084443497763573,
  "snrd_csf": 18.382101037885658,
  "snrd_gm": 77.59114701640415,
  "snrd_total": 72.55446906680498,
  "snrd_wm": 121.69015914612517,
  "spacing_x": 1.0,
  "spacing_y": 1.0,
  "spacing_z": 1.0,
  "summary_bg_k": 10.481562646959398,
  "summary_bg_mad": 0.0,
  "summary_bg_mean": 3.679937768450035,
  "summary_bg_median": 0.0,
  "summary_bg_n": 4141155.0,
  "summary_bg_p05": 0.0,
  "summary_bg_p95": 14.20972142368555,
  "summary_bg_stdv": 5.383774183422989,
  "summary_csf_k": 0.40963626743483594,
  "summary_csf_mad": 82.3607908166565,
  "summary_csf_mean": 168.7978655254807,
  "summary_csf_median": 151.0602692887187,
  "summary_csf_n": 43447.0,
  "summary_csf_p05": 52.976756282150745,
  "summary_csf_p95": 342.90608258172847,
  "summary_csf_stdv": 89.32992256556031,
  "summary_gm_k": 0.017309497266769558,
  "summary_gm_mad": 61.707571081915574,
  "summary_gm_mean": 634.6186290992808,
  "summary_gm_median": 637.6278499700129,
  "summary_gm_n": 33830.0,
  "summary_gm_p05": 530.0347541645169,
  "summary_gm_p95": 727.5510964598507,
  "summary_gm_stdv": 60.50785319759518,
  "summary_wm_k": 1.097516385733579,
  "summary_wm_mad": 29.854436198954193,
  "summary_wm_mean": 998.1662614641555,
  "summary_wm_median": 1000.024326518178,
  "summary_wm_n": 144385.0,
  "summary_wm_p05": 939.3524595573545,
  "summary_wm_p95": 1048.3616694808006,
  "summary_wm_stdv": 33.24046408033691,
  "tpm_overlap_csf": 0.15712000823287742,
  "tpm_overlap_gm": 0.47914388453387796,
  "tpm_overlap_wm": 0.5156087913304176,
  "wm2max": 0.6978675797538733
}