{
  "aor": 0.0011752954048140044,
  "aqi": 0.00537622658643326,
  "bids_meta": {
    "AcquisitionDateTime": "2011-03-15T12:12:25.882812",
    "ConversionSoftware": "dcm2niix",
    "ConversionSoftwareVersion": "v1.0.20170207",
    "DeviceSerialNumber": "35407",
    "EchoTime": 0.02,
    "EffectiveEchoSpacing": 0.000460005,
    "FlipAngle": 80,
    "HardcopyDeviceSoftwareVersion": "syngo MR B17",
    "ImageType": [
      "ORIGINAL",
      "PRIMARY",
      "M",
      "ND",
      "MOSAIC"
    ],
    "InstitutionAddress": "Cedar Street 333, New Haven, Connecticut, US 06510",
    "InstitutionName": "Yale MRRC",
    "MagneticFieldStrength": 3,
    "Manufacturer": "Siemens",
    "ManufacturersModelName": "TrioTim",
    "PhaseEncodingDirection": "j-",
    "ProcedureStepDescription": "MRRC_Research_SiteProtocols",
    "ProtocolName": "ep2d_bold_390",
    "PulseSequenceType": " EP SK FS",
    "RepetitionTime": 2,
    "SequenceName": "epfid2d1_64",
    "SliceTiming": [
      1.005,
      0,
      1.055,
      0.05,
      1.105,
      0.1,
      1.155,
      0.15,
      1.205,
      0.2,
      1.255,
      0.25,
      1.305,
      0.3025,
      1.355,
      0.3525,
      1.405,
      0.4025,
      1.455,
      0.4525,
      1.505,
      0.5025,
      1.555,
      0.5525,
      1.6075,
      0.6025,
      1.6575,
      0.6525,
      1.7075,
      0.7025,
      1.7575,
      0.7525,
      1.8075,
      0.8025,
      1.8575,
      0.8525,
      1.9075,
      0.9025,
      1.9575,
      0.955
    ],
    "TaskName": "flavor",
    "dataset": "ds000229",
    "modality": "bold",
    "run_id": 1,
    "subject_id": "01",
    "task_id": "flavor"
  },
  "dummy_trs": 3,
  "dvars_nstd": 19.71223098964912,
  "dvars_std": 1.1571612690789468,
  "dvars_vstd": 1.005160236600878,
  "efc": 0.5249016829039521,
  "fber": 1480.87548828125,
  "fd_mean": 0.20270793334530007,
  "fd_num": 150,
  "fd_perc": 32.822757111597376,
  "fwhm_avg": 2.1079328484848485,
  "fwhm_x": 1.8717236363636365,
  "fwhm_y": 2.215074909090909,
  "fwhm_z": 2.237,
  "gcor": 0.0538974,
  "gsr_x": -0.02958536334335804,
  "gsr_y": 0.0415610745549202,
  "provenance": {
    "md5sum": "d0f10e03d4c128c9f96ec2c8cd1e3696",
    "settings": {
      "fd_thres": 0.2,
      "testing": false
    },
    "software": "mriqc",
    "version": "22.0.6",
    "webapi_port": null,
    "webapi_url": "https://mriqc.nimh.nih.gov/api/v1"
  },
  "size_t": 457,
  "size_x": 64,
  "size_y": 64,
  "size_z": 40,
  "snr": 6.8554370672834635,
  "spacing_tr": 2.0,
  "spacing_x": 3.4375,
  "spacing_y": 3.4375,
  "spacing_z": 3.0,
  "summary_bg_k": 15.282471673598234,
  "summary_bg_mad": 10.56637712968483,
  "summary_bg_mean": 60.61228561401367,
  "summary_bg_median": 25.571115493774414,
  "summary_bg_n": 102710.0,
  "summary_bg_p05": 17.201313018798828,
  "summary_bg_p95": 252.78676834106443,
  "summary_bg_stdv": 90.43359375,
  "summary_fg_k": 0.7636961036698784,
  "summary_fg_mad": 134.07976144692623,
  "summary_fg_mean": 1005.760986328125,
  "summary_fg_median": 1003.0131225585938,
  "summary_fg_n": 27874.0,
  "summary_fg_p05": 764.5829528808594,
  "summary_fg_p95": 1249.0716735839844,
  "summary_fg_stdv": 146.3065185546875,
  "tsnr": 75.63074478530325
}