{
  "aor": 0.000765414847161572,
  "aqi": 0.0048804075327510904,
  "bids_meta": {
    "AcquisitionDateTime": "2011-03-15T12:12:25.882812",
    "ConversionSoftware": "dcm2niix",
    "ConversionSoftwareVersion": "v1.0.20170207",
    "DeviceSerialNumber": "35407",
    "EchoTime": 0.02,
    "EffectiveEchoSpacing": 0.000460005,
    "FlipAngle": 80,
    "HardcopyDeviceSoftwareVersion": "syngo MR B17",
    "ImageType": [
      "ORIGINAL",
      "PRIMARY",
      "M",
      "ND",
      "MOSAIC"
    ],
    "InstitutionAddress": "Cedar Street 333, New Haven, Connecticut, US 06510",
    "InstitutionName": "Yale MRRC",
    "MagneticFieldStrength": 3,
    "Manufacturer": "Siemens",
    "ManufacturersModelName": "TrioTim",
    "PhaseEncodingDirection": "j-",
    "ProcedureStepDescription": "MRRC_Research_SiteProtocols",
    "ProtocolName": "ep2d_bold_390",
    "PulseSequenceType": " EP SK FS",
    "RepetitionTime": 2,
    "SequenceName": "epfid2d1_64",
    "SliceTiming": [
      1.005,
      0,
      1.055,
      0.05,
      1.105,
      0.1,
      1.155,
      0.15,
      1.205,
      0.2,
      1.255,
      0.25,
      1.305,
      0.3025,
      1.355,
      0.3525,
      1.405,
      0.4025,
      1.455,
      0.4525,
      1.505,
      0.5025,
      1.555,
      0.5525,
      1.6075,
      0.6025,
      1.6575,
      0.6525,
      1.7075,
      0.7025,
      1.7575,
      0.7525,
      1.8075,
      0.8025,
      1.8575,
      0.8525,
      1.9075,
      0.9025,
      1.9575,
      0.955
    ],
    "TaskName": "flavor",
    "dataset": "ds000229",
    "modality": "bold",
    "run_id": 3,
    "subject_id": "01",
    "task_id": "flavor"
  },
  "dummy_trs": 2,
  "dvars_nstd": 20.963450392122528,
  "dvars_std": 1.190854871969366,
  "dvars_vstd": 1.0042637839387303,
  "efc": 0.5256055789384012,
  "fber": 1539.831298828125,
  "fd_mean": 0.18966923980595948,
  "fd_num": 157,
  "fd_perc": 34.27947598253275,
  "fwhm_avg": 2.0561915353535354,
  "fwhm_x": 1.8396421818181816,
  "fwhm_y": 2.157469090909091,
  "fwhm_z": 2.171463333333333,
  "gcor": 0.100612,
  "gsr_x": -0.027475370094180107,
  "gsr_y": 0.04205387085676193,
  "provenance": {
    "md5sum": "3749244699db579af026a55b6aa9216d",
    "settings": {
      "fd_thres": 0.2,
      "testing": false
    },
    "software": "mriqc",
    "version": "22.0.6",
    "webapi_port": null,
    "webapi_url": "https://mriqc.nimh.nih.gov/api/v1"
  },
  "size_t": 458,
  "size_x": 64,
  "size_y": 64,
  "size_z": 40,
  "snr": 6.995569397638506,
  "spacing_tr": 2.0,
  "spacing_x": 3.4375,
  "spacing_y": 3.4375,
  "spacing_z": 3.0,
  "summary_bg_k": 15.752861396034938,
  "summary_bg_mad": 8.934456511857192,
  "summary_bg_mean": 58.83155059814453,
  "summary_bg_median": 24.268558502197266,
  "summary_bg_n": 102383.0,
  "summary_bg_p05": 17.50218391418457,
  "summary_bg_p95": 248.313752746582,
  "summary_bg_stdv": 89.2942886352539,
  "summary_fg_k": 0.8405535787978899,
  "summary_fg_mad": 128.2678051061084,
  "summary_fg_mean": 974.8687133789062,
  "summary_fg_median": 971.4869384765625,
  "summary_fg_n": 28131.0,
  "summary_fg_p05": 745.9432373046875,
  "summary_fg_p95": 1205.4356079101562,
  "summary_fg_stdv": 138.86927795410156,
  "tsnr": 80.28074839909095
}