{
  "aor": 0.00032549234135667397,
  "aqi": 0.007292160678336981,
  "bids_meta": {
    "AcquisitionDateTime": "2011-03-15T12:12:25.882812",
    "ConversionSoftware": "dcm2niix",
    "ConversionSoftwareVersion": "v1.0.20170207",
    "DeviceSerialNumber": "35407",
    "EchoTime": 0.02,
    "EffectiveEchoSpacing": 0.000460005,
    "FlipAngle": 80,
    "HardcopyDeviceSoftwareVersion": "syngo MR B17",
    "ImageType": [
      "ORIGINAL",
      "PRIMARY",
      "M",
      "ND",
      "MOSAIC"
    ],
    "InstitutionAddress": "Cedar Street 333, New Haven, Connecticut, US 06510",
    "InstitutionName": "Yale MRRC",
    "MagneticFieldStrength": 3,
    "Manufacturer": "Siemens",
    "ManufacturersModelName": "TrioTim",
    "PhaseEncodingDirection": "j-",
    "ProcedureStepDescription": "MRRC_Research_SiteProtocols",
    "ProtocolName": "ep2d_bold_390",
    "PulseSequenceType": " EP SK FS",
    "RepetitionTime": 2,
    "SequenceName": "epfid2d1_64",
    "SliceTiming": [
      1.005,
      0,
      1.055,
      0.05,
      1.105,
      0.1,
      1.155,
      0.15,
      1.205,
      0.2,
      1.255,
      0.25,
      1.305,
      0.3025,
      1.355,
      0.3525,
      1.405,
      0.4025,
      1.455,
      0.4525,
      1.505,
      0.5025,
      1.555,
      0.5525,
      1.6075,
      0.6025,
      1.6575,
      0.6525,
      1.7075,
      0.7025,
      1.7575,
      0.7525,
      1.8075,
      0.8025,
      1.8575,
      0.8525,
      1.9075,
      0.9025,
      1.9575,
      0.955
    ],
    "TaskName": "flavor",
    "dataset": "ds000229",
    "modality": "bold",
    "run_id": 2,
    "subject_id": "01",
    "task_id": "flavor"
  },
  "dummy_trs": 3,
  "dvars_nstd": 19.922553836206145,
  "dvars_std": 1.0777348262719313,
  "dvars_vstd": 0.9441198721271928,
  "efc": 0.5237258771244548,
  "fber": 1520.0035400390625,
  "fd_mean": 0.1704194163012414,
  "fd_num": 127,
  "fd_perc": 27.789934354485776,
  "fwhm_avg": 2.0709017979797983,
  "fwhm_x": 1.836477090909091,
  "fwhm_y": 2.1840116363636364,
  "fwhm_z": 2.1922166666666665,
  "gcor": 0.0382422,
  "gsr_x": -0.02704349160194397,
  "gsr_y": 0.041505567729473114,
  "provenance": {
    "md5sum": "5671b66693ec89de58f98e9dbe2f5663",
    "settings": {
      "fd_thres": 0.2,
      "testing": false
    },
    "software": "mriqc",
    "version": "22.0.6",
    "webapi_port": null,
    "webapi_url": "https://mriqc.nimh.nih.gov/api/v1"
  },
  "size_t": 457,
  "size_x": 64,
  "size_y": 64,
  "size_z": 40,
  "snr": 7.044089483411729,
  "spacing_tr": 2.0,
  "spacing_x": 3.4375,
  "spacing_y": 3.4375,
  "spacing_z": 3.0,
  "summary_bg_k": 16.23705852014063,
  "summary_bg_mad": 9.190836907625116,
  "summary_bg_mean": 56.78229904174805,
  "summary_bg_median": 24.199125289916992,
  "summary_bg_n": 102609.0,
  "summary_bg_p05": 16.798686981201172,
  "summary_bg_p95": 236.44027099609352,
  "summary_bg_stdv": 85.14102172851562,
  "summary_fg_k": 0.8095930453135867,
  "summary_fg_mad": 125.6546101069626,
  "summary_fg_mean": 961.6248168945312,
  "summary_fg_median": 959.2724609375,
  "summary_fg_n": 28028.0,
  "summary_fg_p05": 735.4250640869141,
  "summary_fg_p95": 1185.6015869140624,
  "summary_fg_stdv": 136.1787567138672,
  "tsnr": 69.2252490837127
}