{
  "aor": 0.0004456589147286822,
  "aqi": 0.01009136338501292,
  "bids_meta": {
    "AcquisitionDateTime": "2011-03-15T12:12:25.882812",
    "ConversionSoftware": "dcm2niix",
    "ConversionSoftwareVersion": "v1.0.20170207",
    "DeviceSerialNumber": "35407",
    "EchoTime": 0.02,
    "EffectiveEchoSpacing": 0.000460005,
    "FlipAngle": 80,
    "HardcopyDeviceSoftwareVersion": "syngo MR B17",
    "ImageType": [
      "ORIGINAL",
      "PRIMARY",
      "M",
      "ND",
      "MOSAIC"
    ],
    "InstitutionAddress": "Cedar Street 333, New Haven, Connecticut, US 06510",
    "InstitutionName": "Yale MRRC",
    "MagneticFieldStrength": 3,
    "Manufacturer": "Siemens",
    "ManufacturersModelName": "TrioTim",
    "PhaseEncodingDirection": "j-",
    "ProcedureStepDescription": "MRRC_Research_SiteProtocols",
    "ProtocolName": "ep2d_bold_390",
    "PulseSequenceType": " EP SK FS",
    "RepetitionTime": 2,
    "SequenceName": "epfid2d1_64",
    "SliceTiming": [
      1.005,
      0,
      1.055,
      0.05,
      1.105,
      0.1,
      1.155,
      0.15,
      1.205,
      0.2,
      1.255,
      0.25,
      1.305,
      0.3025,
      1.355,
      0.3525,
      1.405,
      0.4025,
      1.455,
      0.4525,
      1.505,
      0.5025,
      1.555,
      0.5525,
      1.6075,
      0.6025,
      1.6575,
      0.6525,
      1.7075,
      0.7025,
      1.7575,
      0.7525,
      1.8075,
      0.8025,
      1.8575,
      0.8525,
      1.9075,
      0.9025,
      1.9575,
      0.955
    ],
    "TaskName": "flavor",
    "dataset": "ds000229",
    "modality": "bold",
    "run_id": 1,
    "subject_id": "08",
    "task_id": "flavor"
  },
  "dummy_trs": 3,
  "dvars_nstd": 19.590278242642494,
  "dvars_std": 1.1014893712953369,
  "dvars_vstd": 0.9378257881088085,
  "efc": 0.4814372079517683,
  "fber": 1744.510009765625,
  "fd_mean": 0.18031955237209332,
  "fd_num": 138,
  "fd_perc": 35.65891472868217,
  "fwhm_avg": 1.8298323838383839,
  "fwhm_x": 1.6548712727272727,
  "fwhm_y": 1.9207825454545455,
  "fwhm_z": 1.9138433333333333,
  "gcor": 0.04672,
  "gsr_x": -0.015628550201654434,
  "gsr_y": 0.02102161943912506,
  "provenance": {
    "md5sum": "c19b29852163842dcbbafbf685c1864e",
    "settings": {
      "fd_thres": 0.2,
      "testing": false
    },
    "software": "mriqc",
    "version": "22.0.6",
    "webapi_port": null,
    "webapi_url": "https://mriqc.nimh.nih.gov/api/v1"
  },
  "size_t": 387,
  "size_x": 64,
  "size_y": 64,
  "size_z": 40,
  "snr": 8.154628985969454,
  "spacing_tr": 2.0,
  "spacing_x": 3.4375,
  "spacing_y": 3.4375,
  "spacing_z": 3.0,
  "summary_bg_k": 34.77089884174775,
  "summary_bg_mad": 6.1832572984865575,
  "summary_bg_mean": 47.22410583496094,
  "summary_bg_median": 21.478036880493164,
  "summary_bg_n": 110051.0,
  "summary_bg_p05": 16.614988327026367,
  "summary_bg_p95": 163.33721923828125,
  "summary_bg_stdv": 79.54795837402344,
  "summary_fg_k": 1.6289640266902978,
  "summary_fg_mad": 103.42969340323641,
  "summary_fg_mean": 913.5185546875,
  "summary_fg_median": 909.3617553710938,
  "summary_fg_n": 22639.0,
  "summary_fg_p05": 742.94033203125,
  "summary_fg_p95": 1098.7357177734375,
  "summary_fg_stdv": 111.5123291015625,
  "tsnr": 68.06387237971649
}