{
  "aor": 0.002897242268041237,
  "aqi": 0.007175508737113402,
  "bids_meta": {
    "AcquisitionDateTime": "2011-03-15T12:12:25.882812",
    "ConversionSoftware": "dcm2niix",
    "ConversionSoftwareVersion": "v1.0.20170207",
    "DeviceSerialNumber": "35407",
    "EchoTime": 0.02,
    "EffectiveEchoSpacing": 0.000460005,
    "FlipAngle": 80,
    "HardcopyDeviceSoftwareVersion": "syngo MR B17",
    "ImageType": [
      "ORIGINAL",
      "PRIMARY",
      "M",
      "ND",
      "MOSAIC"
    ],
    "InstitutionAddress": "Cedar Street 333, New Haven, Connecticut, US 06510",
    "InstitutionName": "Yale MRRC",
    "MagneticFieldStrength": 3,
    "Manufacturer": "Siemens",
    "ManufacturersModelName": "TrioTim",
    "PhaseEncodingDirection": "j-",
    "ProcedureStepDescription": "MRRC_Research_SiteProtocols",
    "ProtocolName": "ep2d_bold_390",
    "PulseSequenceType": " EP SK FS",
    "RepetitionTime": 2,
    "SequenceName": "epfid2d1_64",
    "SliceTiming": [
      1.005,
      0,
      1.055,
      0.05,
      1.105,
      0.1,
      1.155,
      0.15,
      1.205,
      0.2,
      1.255,
      0.25,
      1.305,
      0.3025,
      1.355,
      0.3525,
      1.405,
      0.4025,
      1.455,
      0.4525,
      1.505,
      0.5025,
      1.555,
      0.5525,
      1.6075,
      0.6025,
      1.6575,
      0.6525,
      1.7075,
      0.7025,
      1.7575,
      0.7525,
      1.8075,
      0.8025,
      1.8575,
      0.8525,
      1.9075,
      0.9025,
      1.9575,
      0.955
    ],
    "TaskName": "flavor",
    "dataset": "ds000229",
    "modality": "bold",
    "run_id": 3,
    "subject_id": "08",
    "task_id": "flavor"
  },
  "dummy_trs": 2,
  "dvars_nstd": 20.399819492170543,
  "dvars_std": 1.1684699557881137,
  "dvars_vstd": 0.9994361165116271,
  "efc": 0.4839338988532898,
  "fber": 1670.5218505859375,
  "fd_mean": 0.2230081624446298,
  "fd_num": 169,
  "fd_perc": 43.55670103092783,
  "fwhm_avg": 1.8111047070707071,
  "fwhm_x": 1.6514036363636364,
  "fwhm_y": 1.8815738181818182,
  "fwhm_z": 1.9003366666666668,
  "gcor": 0.0478508,
  "gsr_x": -0.015181438066065311,
  "gsr_y": 0.01771126128733158,
  "provenance": {
    "md5sum": "a7df9246ad83eb823620ce43664bd26d",
    "settings": {
      "fd_thres": 0.2,
      "testing": false
    },
    "software": "mriqc",
    "version": "22.0.6",
    "webapi_port": null,
    "webapi_url": "https://mriqc.nimh.nih.gov/api/v1"
  },
  "size_t": 388,
  "size_x": 64,
  "size_y": 64,
  "size_z": 40,
  "snr": 8.190483526240524,
  "spacing_tr": 2.0,
  "spacing_x": 3.4375,
  "spacing_y": 3.4375,
  "spacing_z": 3.0,
  "summary_bg_k": 31.575975712734248,
  "summary_bg_mad": 6.855123641211827,
  "summary_bg_mean": 49.42337417602539,
  "summary_bg_median": 22.1365966796875,
  "summary_bg_n": 110259.0,
  "summary_bg_p05": 16.587627410888672,
  "summary_bg_p95": 173.22525787353507,
  "summary_bg_stdv": 82.77383422851562,
  "summary_fg_k": 1.6638179129044204,
  "summary_fg_mad": 103.65601103925219,
  "summary_fg_mean": 918.8036499023438,
  "summary_fg_median": 915.2576904296875,
  "summary_fg_n": 22505.0,
  "summary_fg_p05": 747.9773071289062,
  "summary_fg_p95": 1105.8443115234375,
  "summary_fg_stdv": 111.7439956665039,
  "tsnr": 78.14548772806302
}