{
  "aor": 0.0011889175257731957,
  "aqi": 0.005751709896907217,
  "bids_meta": {
    "AcquisitionDateTime": "2011-03-15T12:12:25.882812",
    "ConversionSoftware": "dcm2niix",
    "ConversionSoftwareVersion": "v1.0.20170207",
    "DeviceSerialNumber": "35407",
    "EchoTime": 0.02,
    "EffectiveEchoSpacing": 0.000460005,
    "FlipAngle": 80,
    "HardcopyDeviceSoftwareVersion": "syngo MR B17",
    "ImageType": [
      "ORIGINAL",
      "PRIMARY",
      "M",
      "ND",
      "MOSAIC"
    ],
    "InstitutionAddress": "Cedar Street 333, New Haven, Connecticut, US 06510",
    "InstitutionName": "Yale MRRC",
    "MagneticFieldStrength": 3,
    "Manufacturer": "Siemens",
    "ManufacturersModelName": "TrioTim",
    "PhaseEncodingDirection": "j-",
    "ProcedureStepDescription": "MRRC_Research_SiteProtocols",
    "ProtocolName": "ep2d_bold_390",
    "PulseSequenceType": " EP SK FS",
    "RepetitionTime": 2,
    "SequenceName": "epfid2d1_64",
    "SliceTiming": [
      1.005,
      0,
      1.055,
      0.05,
      1.105,
      0.1,
      1.155,
      0.15,
      1.205,
      0.2,
      1.255,
      0.25,
      1.305,
      0.3025,
      1.355,
      0.3525,
      1.405,
      0.4025,
      1.455,
      0.4525,
      1.505,
      0.5025,
      1.555,
      0.5525,
      1.6075,
      0.6025,
      1.6575,
      0.6525,
      1.7075,
      0.7025,
      1.7575,
      0.7525,
      1.8075,
      0.8025,
      1.8575,
      0.8525,
      1.9075,
      0.9025,
      1.9575,
      0.955
    ],
    "TaskName": "flavor",
    "dataset": "ds000229",
    "modality": "bold",
    "run_id": 3,
    "subject_id": "10",
    "task_id": "flavor"
  },
  "dummy_trs": 2,
  "dvars_nstd": 22.03359324423774,
  "dvars_std": 1.1523248726356596,
  "dvars_vstd": 1.0031818175193803,
  "efc": 0.5830374068396421,
  "fber": 855.0818481445312,
  "fd_mean": 0.21233165336022022,
  "fd_num": 190,
  "fd_perc": 48.96907216494845,
  "fwhm_avg": 2.0553841212121213,
  "fwhm_x": 1.7974109090909092,
  "fwhm_y": 2.1648814545454544,
  "fwhm_z": 2.20386,
  "gcor": 0.0463919,
  "gsr_x": -0.024816546589136124,
  "gsr_y": 0.05725491791963577,
  "provenance": {
    "md5sum": "271ddae5e5a9efa0d29394aabfc74172",
    "settings": {
      "fd_thres": 0.2,
      "testing": false
    },
    "software": "mriqc",
    "version": "22.0.6",
    "webapi_port": null,
    "webapi_url": "https://mriqc.nimh.nih.gov/api/v1"
  },
  "size_t": 388,
  "size_x": 64,
  "size_y": 64,
  "size_z": 40,
  "snr": 6.451481953253074,
  "spacing_tr": 2.0,
  "spacing_x": 3.4375,
  "spacing_y": 3.4375,
  "spacing_z": 3.0,
  "summary_bg_k": 10.827146366196558,
  "summary_bg_mad": 17.099596510373114,
  "summary_bg_mean": 76.73085021972656,
  "summary_bg_median": 32.5438117980957,
  "summary_bg_n": 94171.0,
  "summary_bg_p05": 18.25515365600586,
  "summary_bg_p95": 316.0077209472656,
  "summary_bg_stdv": 108.22743225097656,
  "summary_fg_k": 0.7362925516526024,
  "summary_fg_mad": 143.76083540594743,
  "summary_fg_mean": 986.1082153320312,
  "summary_fg_median": 977.3775634765625,
  "summary_fg_n": 35714.0,
  "summary_fg_p05": 742.8899291992187,
  "summary_fg_p95": 1236.2393798828123,
  "summary_fg_stdv": 151.49447631835938,
  "tsnr": 69.96893477626145
}