{
  "bids_meta": {
    "AcquisitionDateTime": "2011-03-29T11:51:52.562500",
    "ConversionSoftware": "dcm2niix",
    "ConversionSoftwareVersion": "v1.0.20170207",
    "EchoTime": 0.00277,
    "FlipAngle": 7,
    "ImageType": [
      "ORIGINAL",
      "PRIMARY",
      "M",
      "ND"
    ],
    "MagneticFieldStrength": 3,
    "Manufacturer": "Siemens",
    "ManufacturersModelName": "TrioTim",
    "PhaseEncodingDirection": "i-",
    "ProcedureStepDescription": "MRRC_Research_SiteProtocols",
    "ProtocolName": "Sag_3D_MPRAGE_10_05",
    "PulseSequenceType": "T1-weighted 3D FLASH sequence",
    "RepetitionTime": 2.53,
    "dataset": "ds000229",
    "modality": "T1w",
    "subject_id": "06"
  },
  "cjv": 0.25042742468227785,
  "cnr": 5.2508668995667565,
  "efc": 0.4659593938766711,
  "fber": -1.0,
  "fwhm_avg": 5.172530000000001,
  "fwhm_x": 5.20945,
  "fwhm_y": 5.51266,
  "fwhm_z": 4.79548,
  "icvs_csf": 0.2812817835175341,
  "icvs_gm": 0.41153404559945206,
  "icvs_wm": 0.3071841708830138,
  "inu_med": 0.5012640357017517,
  "inu_range": 0.13711463212966923,
  "provenance": {
    "md5sum": "ba246d7555424e53d27dda8da15b79ef",
    "settings": {
      "testing": false
    },
    "software": "mriqc",
    "version": "22.0.6",
    "warnings": {
      "large_rot_frame": true,
      "small_air_mask": false
    },
    "webapi_port": null,
    "webapi_url": "https://mriqc.nimh.nih.gov/api/v1"
  },
  "qi_1": 0.0,
  "qi_2": 0.007134375260771564,
  "rpve_csf": 22.75852239951943,
  "rpve_gm": 14.963538742141177,
  "rpve_wm": 24.423379946482513,
  "size_x": 176,
  "size_y": 256,
  "size_z": 256,
  "snr_csf": 1.6791287913719903,
  "snr_gm": 10.524399841351476,
  "snr_total": 13.983897409774528,
  "snr_wm": 29.74816359660012,
  "snrd_csf": 18.47114205502309,
  "snrd_gm": 78.69916991859307,
  "snrd_total": 73.64439432734001,
  "snrd_wm": 123.76287100840386,
  "spacing_x": 1.0,
  "spacing_y": 1.0,
  "spacing_z": 1.0,
  "summary_bg_k": 9.032838957369606,
  "summary_bg_mad": 0.0,
  "summary_bg_mean": 3.6281313083315894,
  "summary_bg_median": 0.0,
  "summary_bg_n": 3996473.0,
  "summary_bg_p05": 0.0,
  "summary_bg_p95": 14.02132661640644,
  "summary_bg_stdv": 5.293481128757194,
  "summary_csf_k": 0.4011789893698259,
  "summary_csf_mad": 81.71666137727065,
  "summary_csf_mean": 166.97628346341935,
  "summary_csf_median": 149.2462361957878,
  "summary_csf_n": 43552.0,
  "summary_csf_p05": 51.23177032917738,
  "summary_csf_p95": 340.6054778583348,
  "summary_csf_stdv": 88.88211763569402,
  "summary_gm_k": 0.012942871192165306,
  "summary_gm_mad": 61.23752475903983,
  "summary_gm_mean": 633.0366268224822,
  "summary_gm_median": 635.886772301048,
  "summary_gm_n": 34143.0,
  "summary_gm_p05": 529.2560541518033,
  "summary_gm_p95": 726.3856109987944,
  "summary_gm_stdv": 60.41935594503075,
  "summary_wm_k": 1.160055042239204,
  "summary_wm_mad": 29.94642160323372,
  "summary_wm_mean": 997.8968089372155,
  "summary_wm_median": 1000.0000337697566,
  "summary_wm_n": 144572.0,
  "summary_wm_p05": 937.958114773035,
  "summary_wm_p95": 1048.4128310903907,
  "summary_wm_stdv": 33.61540526802783,
  "tpm_overlap_csf": 0.1592989891259082,
  "tpm_overlap_gm": 0.48090738302407005,
  "tpm_overlap_wm": 0.5173660374304038,
  "wm2max": 0.6971875714843366
}