{
  "aor": 0.001654613402061856,
  "aqi": 0.007579164046391753,
  "bids_meta": {
    "AcquisitionDateTime": "2011-03-15T12:12:25.882812",
    "ConversionSoftware": "dcm2niix",
    "ConversionSoftwareVersion": "v1.0.20170207",
    "DeviceSerialNumber": "35407",
    "EchoTime": 0.02,
    "EffectiveEchoSpacing": 0.000460005,
    "FlipAngle": 80,
    "HardcopyDeviceSoftwareVersion": "syngo MR B17",
    "ImageType": [
      "ORIGINAL",
      "PRIMARY",
      "M",
      "ND",
      "MOSAIC"
    ],
    "InstitutionAddress": "Cedar Street 333, New Haven, Connecticut, US 06510",
    "InstitutionName": "Yale MRRC",
    "MagneticFieldStrength": 3,
    "Manufacturer": "Siemens",
    "ManufacturersModelName": "TrioTim",
    "PhaseEncodingDirection": "j-",
    "ProcedureStepDescription": "MRRC_Research_SiteProtocols",
    "ProtocolName": "ep2d_bold_390",
    "PulseSequenceType": " EP SK FS",
    "RepetitionTime": 2,
    "SequenceName": "epfid2d1_64",
    "SliceTiming": [
      1.005,
      0,
      1.055,
      0.05,
      1.105,
      0.1,
      1.155,
      0.15,
      1.205,
      0.2,
      1.255,
      0.25,
      1.305,
      0.3025,
      1.355,
      0.3525,
      1.405,
      0.4025,
      1.455,
      0.4525,
      1.505,
      0.5025,
      1.555,
      0.5525,
      1.6075,
      0.6025,
      1.6575,
      0.6525,
      1.7075,
      0.7025,
      1.7575,
      0.7525,
      1.8075,
      0.8025,
      1.8575,
      0.8525,
      1.9075,
      0.9025,
      1.9575,
      0.955
    ],
    "TaskName": "flavor",
    "dataset": "ds000229",
    "modality": "bold",
    "run_id": 2,
    "subject_id": "12",
    "task_id": "flavor"
  },
  "dummy_trs": 2,
  "dvars_nstd": 22.089195571834644,
  "dvars_std": 1.1367435573385014,
  "dvars_vstd": 1.0051129000258396,
  "efc": 0.5362797111884614,
  "fber": 836.6721801757812,
  "fd_mean": 0.19496521884356027,
  "fd_num": 124,
  "fd_perc": 31.95876288659794,
  "fwhm_avg": 2.2504537373737374,
  "fwhm_x": 2.0750545454545453,
  "fwhm_y": 2.30448,
  "fwhm_z": 2.3718266666666667,
  "gcor": 0.0795895,
  "gsr_x": -0.009903893806040287,
  "gsr_y": 0.01930369809269905,
  "provenance": {
    "md5sum": "b2a61488ad75b939be920f301f82353a",
    "settings": {
      "fd_thres": 0.2,
      "testing": false
    },
    "software": "mriqc",
    "version": "22.0.6",
    "webapi_port": null,
    "webapi_url": "https://mriqc.nimh.nih.gov/api/v1"
  },
  "size_t": 388,
  "size_x": 64,
  "size_y": 64,
  "size_z": 40,
  "snr": 6.69805431367606,
  "spacing_tr": 2.0,
  "spacing_x": 3.4375,
  "spacing_y": 3.4375,
  "spacing_z": 3.0,
  "summary_bg_k": 21.97003563885262,
  "summary_bg_mad": 12.399597489113116,
  "summary_bg_mean": 64.17950439453125,
  "summary_bg_median": 34.27577209472656,
  "summary_bg_n": 102497.0,
  "summary_bg_p05": 24.618555068969727,
  "summary_bg_p95": 218.62112426757812,
  "summary_bg_stdv": 83.61491394042969,
  "summary_fg_k": 1.1960613596966585,
  "summary_fg_mad": 132.24392816397136,
  "summary_fg_mean": 1003.7777099609375,
  "summary_fg_median": 1009.8787841796875,
  "summary_fg_n": 28684.0,
  "summary_fg_p05": 746.5891326904297,
  "summary_fg_p95": 1243.100811767578,
  "summary_fg_stdv": 150.7693328857422,
  "tsnr": 62.7996124306228
}