{
  "bids_meta": {
    "AcquisitionDateTime": "2011-07-19T12:25:27.375000",
    "ConversionSoftware": "dcm2niix",
    "ConversionSoftwareVersion": "v1.0.20170207",
    "EchoTime": 0.00277,
    "FlipAngle": 7,
    "ImageType": [
      "ORIGINAL",
      "PRIMARY",
      "M",
      "ND"
    ],
    "MagneticFieldStrength": 3,
    "Manufacturer": "Siemens",
    "ManufacturersModelName": "TrioTim",
    "PhaseEncodingDirection": "i-",
    "ProcedureStepDescription": "MRRC_Research_SiteProtocols",
    "ProtocolName": "Sag_3D_MPRAGE_10_05",
    "PulseSequenceType": "T1-weighted 3D FLASH sequence",
    "RepetitionTime": 2.53,
    "SliceTiming": [
      1.0025,
      0,
      1.0525,
      0.05,
      1.1025,
      0.1,
      1.155,
      0.15,
      1.205,
      0.2,
      1.255,
      0.25,
      1.305,
      0.3,
      1.355,
      0.35,
      1.405,
      0.4,
      1.455,
      0.45,
      1.505,
      0.5025,
      1.555,
      0.5525,
      1.605,
      0.6025,
      1.655,
      0.6525,
      1.705,
      0.7025,
      1.755,
      0.7525,
      1.8075,
      0.8025,
      1.8575,
      0.8525,
      1.9075,
      0.9025,
      1.9575,
      0.9525
    ],
    "dataset": "ds000229",
    "modality": "T1w",
    "subject_id": "11"
  },
  "cjv": 0.2823011721896796,
  "cnr": 4.767747751570554,
  "efc": 0.5316503700390405,
  "fber": -1.0,
  "fwhm_avg": 5.145466666666667,
  "fwhm_x": 5.02997,
  "fwhm_y": 5.49065,
  "fwhm_z": 4.91578,
  "icvs_csf": 0.24305786309031874,
  "icvs_gm": 0.4149283897588329,
  "icvs_wm": 0.3420137471508483,
  "inu_med": 0.5151880383491516,
  "inu_range": 0.19547982513904572,
  "provenance": {
    "md5sum": "cacaeb1311e3b8cd23687f031b9d5643",
    "settings": {
      "testing": false
    },
    "software": "mriqc",
    "version": "22.0.6",
    "warnings": {
      "large_rot_frame": true,
      "small_air_mask": false
    },
    "webapi_port": null,
    "webapi_url": "https://mriqc.nimh.nih.gov/api/v1"
  },
  "qi_1": 0.0,
  "qi_2": 0.005752280141935623,
  "rpve_csf": 19.647216296194344,
  "rpve_gm": 11.512580443332142,
  "rpve_wm": 17.107022746797146,
  "size_x": 176,
  "size_y": 256,
  "size_z": 256,
  "snr_csf": 1.8854914749647154,
  "snr_gm": 10.984372694136354,
  "snr_total": 13.418396068968091,
  "snr_wm": 27.3853240378032,
  "snrd_csf": 17.240747919828955,
  "snrd_gm": 67.48598056468873,
  "snrd_total": 62.19917593257503,
  "snrd_wm": 101.87079931320741,
  "spacing_x": 1.0,
  "spacing_y": 1.0,
  "spacing_z": 1.0,
  "summary_bg_k": 9.712560401438877,
  "summary_bg_mad": 0.0,
  "summary_bg_mean": 3.9435143278867564,
  "summary_bg_median": 0.0,
  "summary_bg_n": 3784344.0,
  "summary_bg_p05": 0.0,
  "summary_bg_p95": 16.92457741498947,
  "summary_bg_stdv": 6.431221412630868,
  "summary_csf_k": 0.45934677941984114,
  "summary_csf_mad": 79.81108024676197,
  "summary_csf_mean": 186.47567593879214,
  "summary_csf_median": 169.24577414989471,
  "summary_csf_n": 41047.0,
  "summary_csf_p05": 66.82835474610329,
  "summary_csf_p95": 362.71056585609904,
  "summary_csf_stdv": 89.76105953009328,
  "summary_gm_k": -0.046694884205481735,
  "summary_gm_mad": 60.97222584963207,
  "summary_gm_mean": 660.0991456242751,
  "summary_gm_median": 662.4838480353355,
  "summary_gm_n": 41173.0,
  "summary_gm_p05": 557.3669321715831,
  "summary_gm_p95": 754.6727066338062,
  "summary_gm_stdv": 60.31075431511088,
  "summary_wm_k": 0.6922900855244922,
  "summary_wm_mad": 34.31641942049805,
  "summary_wm_mean": 1000.0841908003189,
  "summary_wm_median": 1000.02635461092,
  "summary_wm_n": 208695.0,
  "summary_wm_p05": 940.3342663854361,
  "summary_wm_p95": 1058.9196660518646,
  "summary_wm_stdv": 36.51678385560225,
  "tpm_overlap_csf": 0.16935297623802878,
  "tpm_overlap_gm": 0.48030039027825283,
  "tpm_overlap_wm": 0.5256526687763777,
  "wm2max": 0.6743482650406812
}