{
  "aor": 0.0005685567010309278,
  "aqi": 0.004603071056701031,
  "bids_meta": {
    "AcquisitionDateTime": "2011-03-15T12:12:25.882812",
    "ConversionSoftware": "dcm2niix",
    "ConversionSoftwareVersion": "v1.0.20170207",
    "DeviceSerialNumber": "35407",
    "EchoTime": 0.02,
    "EffectiveEchoSpacing": 0.000460005,
    "FlipAngle": 80,
    "HardcopyDeviceSoftwareVersion": "syngo MR B17",
    "ImageType": [
      "ORIGINAL",
      "PRIMARY",
      "M",
      "ND",
      "MOSAIC"
    ],
    "InstitutionAddress": "Cedar Street 333, New Haven, Connecticut, US 06510",
    "InstitutionName": "Yale MRRC",
    "MagneticFieldStrength": 3,
    "Manufacturer": "Siemens",
    "ManufacturersModelName": "TrioTim",
    "PhaseEncodingDirection": "j-",
    "ProcedureStepDescription": "MRRC_Research_SiteProtocols",
    "ProtocolName": "ep2d_bold_390",
    "PulseSequenceType": " EP SK FS",
    "RepetitionTime": 2,
    "SequenceName": "epfid2d1_64",
    "SliceTiming": [
      1.005,
      0,
      1.055,
      0.05,
      1.105,
      0.1,
      1.155,
      0.15,
      1.205,
      0.2,
      1.255,
      0.25,
      1.305,
      0.3025,
      1.355,
      0.3525,
      1.405,
      0.4025,
      1.455,
      0.4525,
      1.505,
      0.5025,
      1.555,
      0.5525,
      1.6075,
      0.6025,
      1.6575,
      0.6525,
      1.7075,
      0.7025,
      1.7575,
      0.7525,
      1.8075,
      0.8025,
      1.8575,
      0.8525,
      1.9075,
      0.9025,
      1.9575,
      0.955
    ],
    "TaskName": "flavor",
    "dataset": "ds000229",
    "modality": "bold",
    "run_id": 2,
    "subject_id": "10",
    "task_id": "flavor"
  },
  "dummy_trs": 2,
  "dvars_nstd": 21.613493847958654,
  "dvars_std": 1.177343965529716,
  "dvars_vstd": 1.0062814550645993,
  "efc": 0.5828774076339812,
  "fber": 910.5514526367188,
  "fd_mean": 0.18684561314273768,
  "fd_num": 153,
  "fd_perc": 39.43298969072165,
  "fwhm_avg": 2.035241414141414,
  "fwhm_x": 1.8187170909090908,
  "fwhm_y": 2.137093818181818,
  "fwhm_z": 2.1499133333333336,
  "gcor": 0.0553562,
  "gsr_x": -0.02546282298862934,
  "gsr_y": 0.0581505224108696,
  "provenance": {
    "md5sum": "31d0381d6b5a72daaa1be99dd6eb059d",
    "settings": {
      "fd_thres": 0.2,
      "testing": false
    },
    "software": "mriqc",
    "version": "22.0.6",
    "webapi_port": null,
    "webapi_url": "https://mriqc.nimh.nih.gov/api/v1"
  },
  "size_t": 388,
  "size_x": 64,
  "size_y": 64,
  "size_z": 40,
  "snr": 6.49224764593758,
  "spacing_tr": 2.0,
  "spacing_x": 3.4375,
  "spacing_y": 3.4375,
  "spacing_z": 3.0,
  "summary_bg_k": 11.691097187028767,
  "summary_bg_mad": 15.26927468624216,
  "summary_bg_mean": 77.37277221679688,
  "summary_bg_median": 31.6829891204834,
  "summary_bg_n": 94093.0,
  "summary_bg_p05": 20.438142776489258,
  "summary_bg_p95": 321.22473144531193,
  "summary_bg_stdv": 111.48021697998047,
  "summary_fg_k": 0.6411368223084373,
  "summary_fg_mad": 144.91667513598722,
  "summary_fg_mean": 998.1329956054688,
  "summary_fg_median": 988.4484252929688,
  "summary_fg_n": 35747.0,
  "summary_fg_p05": 757.2340026855469,
  "summary_fg_p95": 1249.9030517578124,
  "summary_fg_stdv": 152.24844360351562,
  "tsnr": 77.89946753159165
}