{
  "aor": 0.0004498453608247422,
  "aqi": 0.00448217543814433,
  "bids_meta": {
    "AcquisitionDateTime": "2011-03-15T12:12:25.882812",
    "ConversionSoftware": "dcm2niix",
    "ConversionSoftwareVersion": "v1.0.20170207",
    "DeviceSerialNumber": "35407",
    "EchoTime": 0.02,
    "EffectiveEchoSpacing": 0.000460005,
    "FlipAngle": 80,
    "HardcopyDeviceSoftwareVersion": "syngo MR B17",
    "ImageType": [
      "ORIGINAL",
      "PRIMARY",
      "M",
      "ND",
      "MOSAIC"
    ],
    "InstitutionAddress": "Cedar Street 333, New Haven, Connecticut, US 06510",
    "InstitutionName": "Yale MRRC",
    "MagneticFieldStrength": 3,
    "Manufacturer": "Siemens",
    "ManufacturersModelName": "TrioTim",
    "PhaseEncodingDirection": "j-",
    "ProcedureStepDescription": "MRRC_Research_SiteProtocols",
    "ProtocolName": "ep2d_bold_390",
    "PulseSequenceType": " EP SK FS",
    "RepetitionTime": 2,
    "SequenceName": "epfid2d1_64",
    "SliceTiming": [
      1.005,
      0,
      1.055,
      0.05,
      1.105,
      0.1,
      1.155,
      0.15,
      1.205,
      0.2,
      1.255,
      0.25,
      1.305,
      0.3025,
      1.355,
      0.3525,
      1.405,
      0.4025,
      1.455,
      0.4525,
      1.505,
      0.5025,
      1.555,
      0.5525,
      1.6075,
      0.6025,
      1.6575,
      0.6525,
      1.7075,
      0.7025,
      1.7575,
      0.7525,
      1.8075,
      0.8025,
      1.8575,
      0.8525,
      1.9075,
      0.9025,
      1.9575,
      0.955
    ],
    "TaskName": "flavor",
    "dataset": "ds000229",
    "modality": "bold",
    "run_id": 1,
    "subject_id": "10",
    "task_id": "flavor"
  },
  "dummy_trs": 2,
  "dvars_nstd": 21.686302254186053,
  "dvars_std": 1.1638008915245475,
  "dvars_vstd": 0.9986712930749353,
  "efc": 0.5817110460776125,
  "fber": 905.6102905273438,
  "fd_mean": 0.16045939695184003,
  "fd_num": 92,
  "fd_perc": 23.711340206185568,
  "fwhm_avg": 2.0735005858585858,
  "fwhm_x": 1.8328116363636364,
  "fwhm_y": 2.1729134545454545,
  "fwhm_z": 2.214776666666667,
  "gcor": 0.0519094,
  "gsr_x": -0.023981239646673203,
  "gsr_y": 0.05774230882525444,
  "provenance": {
    "md5sum": "3b0380dfc675683dcc22730a981192dc",
    "settings": {
      "fd_thres": 0.2,
      "testing": false
    },
    "software": "mriqc",
    "version": "22.0.6",
    "webapi_port": null,
    "webapi_url": "https://mriqc.nimh.nih.gov/api/v1"
  },
  "size_t": 388,
  "size_x": 64,
  "size_y": 64,
  "size_z": 40,
  "snr": 6.481269821722863,
  "spacing_tr": 2.0,
  "spacing_x": 3.4375,
  "spacing_y": 3.4375,
  "spacing_z": 3.0,
  "summary_bg_k": 12.078630313056546,
  "summary_bg_mad": 15.242526154166574,
  "summary_bg_mean": 75.23711395263672,
  "summary_bg_median": 31.4536075592041,
  "summary_bg_n": 94032.0,
  "summary_bg_p05": 19.98079881668091,
  "summary_bg_p95": 308.852815246582,
  "summary_bg_stdv": 107.68789672851562,
  "summary_fg_k": 0.6789774547683822,
  "summary_fg_mad": 142.34510593155045,
  "summary_fg_mean": 985.0565185546875,
  "summary_fg_median": 976.2860717773438,
  "summary_fg_n": 35755.0,
  "summary_fg_p05": 741.9620971679688,
  "summary_fg_p95": 1234.8834350585937,
  "summary_fg_stdv": 150.6298065185547,
  "tsnr": 76.95029076840729
}