{
  "bids_meta": {
    "AcquisitionDateTime": "2011-06-21T12:01:44.523438",
    "ConversionSoftware": "dcm2niix",
    "ConversionSoftwareVersion": "v1.0.20170207",
    "EchoTime": 0.00277,
    "FlipAngle": 7,
    "ImageType": [
      "ORIGINAL",
      "PRIMARY",
      "M",
      "ND"
    ],
    "MagneticFieldStrength": 3,
    "Manufacturer": "Siemens",
    "ManufacturersModelName": "TrioTim",
    "PhaseEncodingDirection": "i-",
    "ProcedureStepDescription": "MRRC_Research_SiteProtocols",
    "ProtocolName": "Sag_3D_MPRAGE_10_05",
    "PulseSequenceType": "T1-weighted 3D FLASH sequence",
    "RepetitionTime": 2.53,
    "SliceTiming": [
      1.005,
      0,
      1.055,
      0.05,
      1.105,
      0.1,
      1.155,
      0.1525,
      1.205,
      0.2025,
      1.255,
      0.2525,
      1.305,
      0.3025,
      1.355,
      0.3525,
      1.405,
      0.4025,
      1.4575,
      0.4525,
      1.5075,
      0.5025,
      1.5575,
      0.5525,
      1.6075,
      0.6025,
      1.6575,
      0.6525,
      1.7075,
      0.7025,
      1.7575,
      0.7525,
      1.8075,
      0.805,
      1.8575,
      0.855,
      1.9075,
      0.905,
      1.9575,
      0.955
    ],
    "dataset": "ds000229",
    "modality": "T1w",
    "subject_id": "10"
  },
  "cjv": 0.2757282130202311,
  "cnr": 4.8756224383170546,
  "efc": 0.560425453798889,
  "fber": 24557.010797670868,
  "fwhm_avg": 5.2485133333333325,
  "fwhm_x": 5.1687,
  "fwhm_y": 5.52172,
  "fwhm_z": 5.05512,
  "icvs_csf": 0.24372481262490175,
  "icvs_gm": 0.4094694844749436,
  "icvs_wm": 0.34680570290015467,
  "inu_med": 0.4340817332267761,
  "inu_range": 0.1384498029947281,
  "provenance": {
    "md5sum": "2296adf98ea9cf556803c139b5155f94",
    "settings": {
      "testing": false
    },
    "software": "mriqc",
    "version": "22.0.6",
    "warnings": {
      "large_rot_frame": true,
      "small_air_mask": false
    },
    "webapi_port": null,
    "webapi_url": "https://mriqc.nimh.nih.gov/api/v1"
  },
  "qi_1": 0.0,
  "qi_2": 0.005309832540406108,
  "rpve_csf": 18.107362099573493,
  "rpve_gm": 10.758365301882936,
  "rpve_wm": 15.978344005940185,
  "size_x": 176,
  "size_y": 256,
  "size_z": 256,
  "snr_csf": 1.640667484301456,
  "snr_gm": 11.097622668391908,
  "snr_total": 14.44488839960387,
  "snr_wm": 30.596375046118254,
  "snrd_csf": 16.640559752990292,
  "snrd_gm": 69.38305081598565,
  "snrd_total": 63.42273865431995,
  "snrd_wm": 104.24460539398392,
  "spacing_x": 1.0,
  "spacing_y": 1.0,
  "spacing_z": 1.0,
  "summary_bg_k": 9.371096083811382,
  "summary_bg_mad": 0.0,
  "summary_bg_mean": 4.25573351977087,
  "summary_bg_median": 0.0,
  "summary_bg_n": 3049289.0,
  "summary_bg_p05": 0.0,
  "summary_bg_p95": 16.685830682516098,
  "summary_bg_stdv": 6.284943426104965,
  "summary_csf_k": 0.15092200173971104,
  "summary_csf_mad": 84.12658657802932,
  "summary_csf_mean": 184.387075312497,
  "summary_csf_median": 159.63847624137998,
  "summary_csf_n": 53053.0,
  "summary_csf_p05": 58.427147502079606,
  "summary_csf_p95": 372.7036988027394,
  "summary_csf_stdv": 97.30001553813729,
  "summary_gm_k": -0.0103449815966985,
  "summary_gm_mad": 60.69642038216913,
  "summary_gm_mean": 662.9334206363068,
  "summary_gm_median": 665.614899598062,
  "summary_gm_n": 54088.0,
  "summary_gm_p05": 561.3017177190632,
  "summary_gm_p95": 756.8789061997086,
  "summary_gm_stdv": 59.977597579678765,
  "summary_wm_k": 0.4867880205510735,
  "summary_wm_mad": 31.517736253314474,
  "summary_wm_mean": 999.8348058735777,
  "summary_wm_median": 1000.0534963067621,
  "summary_wm_n": 247564.0,
  "summary_wm_p05": 945.7978064753115,
  "summary_wm_p95": 1052.303677642718,
  "summary_wm_stdv": 32.685292784178806,
  "tpm_overlap_csf": 0.16339313106379003,
  "tpm_overlap_gm": 0.4799473521425223,
  "tpm_overlap_wm": 0.5297379326604514,
  "wm2max": 0.6648849111668061
}