{
  "bids_meta": {
    "AcquisitionDateTime": "2010-08-03T12:04:33.093750",
    "ConversionSoftware": "dcm2niix",
    "ConversionSoftwareVersion": "v1.0.20170207",
    "EchoTime": 0.00277,
    "FlipAngle": 7,
    "ImageType": [
      "ORIGINAL",
      "PRIMARY",
      "M",
      "ND"
    ],
    "MagneticFieldStrength": 3,
    "Manufacturer": "Siemens",
    "ManufacturersModelName": "TrioTim",
    "PhaseEncodingDirection": "i-",
    "ProcedureStepDescription": "MRRC_Research_SiteProtocols",
    "ProtocolName": "Sag_3D_MPRAGE_10_05",
    "PulseSequenceType": "T1-weighted 3D FLASH sequence",
    "RepetitionTime": 2.53,
    "SliceTiming": [
      1.005,
      0,
      1.055,
      0.05,
      1.105,
      0.1,
      1.155,
      0.15,
      1.205,
      0.2,
      1.255,
      0.2525,
      1.305,
      0.3025,
      1.355,
      0.3525,
      1.405,
      0.4025,
      1.455,
      0.4525,
      1.505,
      0.5025,
      1.5575,
      0.5525,
      1.6075,
      0.6025,
      1.6575,
      0.6525,
      1.7075,
      0.7025,
      1.7575,
      0.7525,
      1.8075,
      0.8025,
      1.8575,
      0.8525,
      1.9075,
      0.905,
      1.9575,
      0.955
    ],
    "dataset": "ds000229",
    "modality": "T1w",
    "subject_id": "03"
  },
  "cjv": 0.2590755406412995,
  "cnr": 5.1879005323820095,
  "efc": 0.5285404278340817,
  "fber": -1.0,
  "fwhm_avg": 5.172913333333333,
  "fwhm_x": 5.128,
  "fwhm_y": 5.52686,
  "fwhm_z": 4.86388,
  "icvs_csf": 0.24692856050022524,
  "icvs_gm": 0.41517365311741394,
  "icvs_wm": 0.3378977863823608,
  "inu_med": 0.45651474595069885,
  "inu_range": 0.15648933053016667,
  "provenance": {
    "md5sum": "229196acc8b984a6f95a1b45649fc4a9",
    "settings": {
      "testing": false
    },
    "software": "mriqc",
    "version": "22.0.6",
    "warnings": {
      "large_rot_frame": true,
      "small_air_mask": false
    },
    "webapi_port": null,
    "webapi_url": "https://mriqc.nimh.nih.gov/api/v1"
  },
  "qi_1": 0.0,
  "qi_2": 0.0062981826880032414,
  "rpve_csf": 18.760103427516853,
  "rpve_gm": 11.301910065265552,
  "rpve_wm": 17.422482235417224,
  "size_x": 176,
  "size_y": 256,
  "size_z": 256,
  "snr_csf": 1.8921441480095513,
  "snr_gm": 11.518294697476161,
  "snr_total": 14.569565265352898,
  "snr_wm": 30.298256950572984,
  "snrd_csf": 24.276301676802163,
  "snrd_gm": 78.02463315516059,
  "snrd_total": 73.69001628570133,
  "snrd_wm": 118.76911402514125,
  "spacing_x": 1.0,
  "spacing_y": 1.0,
  "spacing_z": 1.0,
  "summary_bg_k": 8.387452778669974,
  "summary_bg_mad": 0.0,
  "summary_bg_mean": 3.465129669302959,
  "summary_bg_median": 0.0,
  "summary_bg_n": 3699754.0,
  "summary_bg_p05": 0.0,
  "summary_bg_p95": 14.47558256238699,
  "summary_bg_stdv": 5.516334568179336,
  "summary_csf_k": 4.064673611864969,
  "summary_csf_mad": 112.31025292708127,
  "summary_csf_mean": 222.16819796006797,
  "summary_csf_median": 204.409649848938,
  "summary_csf_n": 38921.0,
  "summary_csf_p05": 75.03091103956103,
  "summary_csf_p95": 413.12076284363866,
  "summary_csf_stdv": 108.02930849180655,
  "summary_gm_k": -0.10095829812717572,
  "summary_gm_mad": 58.21726643568017,
  "summary_gm_mean": 655.2600542503477,
  "summary_gm_median": 656.9776630382985,
  "summary_gm_n": 54684.0,
  "summary_gm_p05": 559.0137716883794,
  "summary_gm_p95": 745.8788609281182,
  "summary_gm_stdv": 57.03723278736903,
  "summary_wm_k": 0.895086109037754,
  "summary_wm_mad": 30.6647851412602,
  "summary_wm_mean": 1000.0244155200301,
  "summary_wm_median": 1000.0515454933047,
  "summary_wm_n": 221976.0,
  "summary_wm_p05": 945.9612903669477,
  "summary_wm_p95": 1053.21453910321,
  "summary_wm_stdv": 33.006825921053,
  "tpm_overlap_csf": 0.17034308732081177,
  "tpm_overlap_gm": 0.4897348677763617,
  "tpm_overlap_wm": 0.5324513799654534,
  "wm2max": 0.6706896645540806
}