{
  "aor": 0.0009683204134366924,
  "aqi": 0.008030664987080103,
  "bids_meta": {
    "AcquisitionDateTime": "2011-03-15T12:12:25.882812",
    "ConversionSoftware": "dcm2niix",
    "ConversionSoftwareVersion": "v1.0.20170207",
    "DeviceSerialNumber": "35407",
    "EchoTime": 0.02,
    "EffectiveEchoSpacing": 0.000460005,
    "FlipAngle": 80,
    "HardcopyDeviceSoftwareVersion": "syngo MR B17",
    "ImageType": [
      "ORIGINAL",
      "PRIMARY",
      "M",
      "ND",
      "MOSAIC"
    ],
    "InstitutionAddress": "Cedar Street 333, New Haven, Connecticut, US 06510",
    "InstitutionName": "Yale MRRC",
    "MagneticFieldStrength": 3,
    "Manufacturer": "Siemens",
    "ManufacturersModelName": "TrioTim",
    "PhaseEncodingDirection": "j-",
    "ProcedureStepDescription": "MRRC_Research_SiteProtocols",
    "ProtocolName": "ep2d_bold_390",
    "PulseSequenceType": " EP SK FS",
    "RepetitionTime": 2,
    "SequenceName": "epfid2d1_64",
    "SliceTiming": [
      1.005,
      0,
      1.055,
      0.05,
      1.105,
      0.1,
      1.155,
      0.15,
      1.205,
      0.2,
      1.255,
      0.25,
      1.305,
      0.3025,
      1.355,
      0.3525,
      1.405,
      0.4025,
      1.455,
      0.4525,
      1.505,
      0.5025,
      1.555,
      0.5525,
      1.6075,
      0.6025,
      1.6575,
      0.6525,
      1.7075,
      0.7025,
      1.7575,
      0.7525,
      1.8075,
      0.8025,
      1.8575,
      0.8525,
      1.9075,
      0.9025,
      1.9575,
      0.955
    ],
    "TaskName": "flavor",
    "dataset": "ds000229",
    "modality": "bold",
    "run_id": 1,
    "subject_id": "11",
    "task_id": "flavor"
  },
  "dummy_trs": 3,
  "dvars_nstd": 24.94212891772022,
  "dvars_std": 1.1343079411398966,
  "dvars_vstd": 0.9995261089378233,
  "efc": 0.5784823274131741,
  "fber": 917.0394287109375,
  "fd_mean": 0.3079520023564432,
  "fd_num": 263,
  "fd_perc": 67.95865633074935,
  "fwhm_avg": 2.3008647929671175,
  "fwhm_x": 2.0430225454545456,
  "fwhm_y": 2.3796916363636362,
  "fwhm_z": 2.4798801970831708,
  "gcor": 0.0403332,
  "gsr_x": -0.027962198480963707,
  "gsr_y": 0.06481821835041046,
  "provenance": {
    "md5sum": "9b4c9a9556f0c5d5f48b0ce81cd07ce0",
    "settings": {
      "fd_thres": 0.2,
      "testing": false
    },
    "software": "mriqc",
    "version": "22.0.6",
    "webapi_port": null,
    "webapi_url": "https://mriqc.nimh.nih.gov/api/v1"
  },
  "size_t": 387,
  "size_x": 64,
  "size_y": 64,
  "size_z": 40,
  "snr": 6.054650405281344,
  "spacing_tr": 2.0,
  "spacing_x": 3.4375,
  "spacing_y": 3.4375,
  "spacing_z": 2.999999761581421,
  "summary_bg_k": 10.643829962697705,
  "summary_bg_mad": 14.010018044632826,
  "summary_bg_mean": 81.08483123779297,
  "summary_bg_median": 29.596900939941406,
  "summary_bg_n": 96255.0,
  "summary_bg_p05": 19.281654357910156,
  "summary_bg_p95": 356.2635803222656,
  "summary_bg_stdv": 121.6324462890625,
  "summary_fg_k": 0.8499121930647093,
  "summary_fg_mad": 135.97608786849628,
  "summary_fg_mean": 930.6028442382812,
  "summary_fg_median": 923.8914794921875,
  "summary_fg_n": 33518.0,
  "summary_fg_p05": 690.1549346923828,
  "summary_fg_p95": 1198.7481689453125,
  "summary_fg_stdv": 152.5897674560547,
  "tsnr": 66.17332433257252
}