{
  "bids_meta": {
    "AcquisitionDateTime": "2011-02-15T11:41:42.476562",
    "ConversionSoftware": "dcm2niix",
    "ConversionSoftwareVersion": "v1.0.20170207",
    "EchoTime": 0.00277,
    "FlipAngle": 7,
    "ImageType": [
      "ORIGINAL",
      "PRIMARY",
      "M",
      "ND"
    ],
    "MagneticFieldStrength": 3,
    "Manufacturer": "Siemens",
    "ManufacturersModelName": "TrioTim",
    "PhaseEncodingDirection": "i-",
    "ProcedureStepDescription": "MRRC_Research_SiteProtocols",
    "ProtocolName": "Sag_3D_MPRAGE_10_05",
    "PulseSequenceType": "T1-weighted 3D FLASH sequence",
    "RepetitionTime": 2.53,
    "SliceTiming": [
      1.0025,
      0,
      1.0525,
      0.05,
      1.1025,
      0.1,
      1.155,
      0.15,
      1.205,
      0.2,
      1.255,
      0.25,
      1.305,
      0.3,
      1.355,
      0.35,
      1.405,
      0.4,
      1.455,
      0.45,
      1.505,
      0.5025,
      1.555,
      0.5525,
      1.605,
      0.6025,
      1.655,
      0.6525,
      1.705,
      0.7025,
      1.755,
      0.7525,
      1.8075,
      0.8025,
      1.8575,
      0.8525,
      1.9075,
      0.9025,
      1.9575,
      0.9525
    ],
    "dataset": "ds000229",
    "modality": "T1w",
    "subject_id": "04"
  },
  "cjv": 0.2519062739393368,
  "cnr": 5.373853543153512,
  "efc": 0.5392407334064239,
  "fber": 26780.667904,
  "fwhm_avg": 5.191306666666667,
  "fwhm_x": 5.18548,
  "fwhm_y": 5.44405,
  "fwhm_z": 4.94439,
  "icvs_csf": 0.2073085525278735,
  "icvs_gm": 0.46297129816085,
  "icvs_wm": 0.3297201493112765,
  "inu_med": 0.43904972076416016,
  "inu_range": 0.1319810301065445,
  "provenance": {
    "md5sum": "0f79cb885b7aa788074000e16e5e6ab3",
    "settings": {
      "testing": false
    },
    "software": "mriqc",
    "version": "22.0.6",
    "warnings": {
      "large_rot_frame": true,
      "small_air_mask": false
    },
    "webapi_port": null,
    "webapi_url": "https://mriqc.nimh.nih.gov/api/v1"
  },
  "qi_1": 0.0,
  "qi_2": 0.004837209637977936,
  "rpve_csf": 23.298838740718693,
  "rpve_gm": 11.558813402899874,
  "rpve_wm": 18.910289597152563,
  "size_x": 176,
  "size_y": 256,
  "size_z": 256,
  "snr_csf": 1.7957261468373507,
  "snr_gm": 10.983494158578463,
  "snr_total": 13.508689919631967,
  "snr_wm": 27.746849453480085,
  "snrd_csf": 19.423603339541167,
  "snrd_gm": 62.82598433743777,
  "snrd_total": 60.49998811969176,
  "snrd_wm": 99.25037668209634,
  "spacing_x": 1.0,
  "spacing_y": 1.0,
  "spacing_z": 1.0,
  "summary_bg_k": 14.786483031879268,
  "summary_bg_mad": 0.0,
  "summary_bg_mean": 4.209576220409973,
  "summary_bg_median": 0.0,
  "summary_bg_n": 3180299.0,
  "summary_bg_p05": 0.0,
  "summary_bg_p95": 17.10206974297762,
  "summary_bg_stdv": 6.600845396955719,
  "summary_csf_k": 5.741146494731936,
  "summary_csf_mad": 108.25853327396327,
  "summary_csf_mean": 214.33877387740986,
  "summary_csf_median": 195.7030668668449,
  "summary_csf_n": 26256.0,
  "summary_csf_p05": 62.7194853220135,
  "summary_csf_p95": 403.4832213819027,
  "summary_csf_stdv": 108.98061508454835,
  "summary_gm_k": -0.06397937507219131,
  "summary_gm_mad": 59.05010905852542,
  "summary_gm_mean": 632.0397617479408,
  "summary_gm_median": 633.0049887672067,
  "summary_gm_n": 61921.0,
  "summary_gm_p05": 535.8458179235458,
  "summary_gm_p95": 723.9685850962996,
  "summary_gm_stdv": 57.63192188346841,
  "summary_wm_k": 0.6520637937833706,
  "summary_wm_mad": 33.39823372557459,
  "summary_wm_mean": 998.0881408525811,
  "summary_wm_median": 999.9999878928065,
  "summary_wm_n": 194107.0,
  "summary_wm_p05": 934.5324654877186,
  "summary_wm_p95": 1053.3047695457935,
  "summary_wm_stdv": 36.04003451517043,
  "tpm_overlap_csf": 0.14462764702008438,
  "tpm_overlap_gm": 0.5049046275234833,
  "tpm_overlap_wm": 0.5348026250419695,
  "wm2max": 0.5888929988566817
}