{
  "aor": 0.0017814470284237727,
  "aqi": 0.00734029700258398,
  "bids_meta": {
    "AcquisitionDateTime": "2011-03-15T12:12:25.882812",
    "ConversionSoftware": "dcm2niix",
    "ConversionSoftwareVersion": "v1.0.20170207",
    "DeviceSerialNumber": "35407",
    "EchoTime": 0.02,
    "EffectiveEchoSpacing": 0.000460005,
    "FlipAngle": 80,
    "HardcopyDeviceSoftwareVersion": "syngo MR B17",
    "ImageType": [
      "ORIGINAL",
      "PRIMARY",
      "M",
      "ND",
      "MOSAIC"
    ],
    "InstitutionAddress": "Cedar Street 333, New Haven, Connecticut, US 06510",
    "InstitutionName": "Yale MRRC",
    "MagneticFieldStrength": 3,
    "Manufacturer": "Siemens",
    "ManufacturersModelName": "TrioTim",
    "PhaseEncodingDirection": "j-",
    "ProcedureStepDescription": "MRRC_Research_SiteProtocols",
    "ProtocolName": "ep2d_bold_390",
    "PulseSequenceType": " EP SK FS",
    "RepetitionTime": 2,
    "SequenceName": "epfid2d1_64",
    "SliceTiming": [
      1.005,
      0,
      1.055,
      0.05,
      1.105,
      0.1,
      1.155,
      0.15,
      1.205,
      0.2,
      1.255,
      0.25,
      1.305,
      0.3025,
      1.355,
      0.3525,
      1.405,
      0.4025,
      1.455,
      0.4525,
      1.505,
      0.5025,
      1.555,
      0.5525,
      1.6075,
      0.6025,
      1.6575,
      0.6525,
      1.7075,
      0.7025,
      1.7575,
      0.7525,
      1.8075,
      0.8025,
      1.8575,
      0.8525,
      1.9075,
      0.9025,
      1.9575,
      0.955
    ],
    "TaskName": "flavor",
    "dataset": "ds000229",
    "modality": "bold",
    "run_id": 2,
    "subject_id": "11",
    "task_id": "flavor"
  },
  "dummy_trs": 3,
  "dvars_nstd": 23.1634851465544,
  "dvars_std": 1.1611995802072523,
  "dvars_vstd": 1.0231233068393777,
  "efc": 0.58082449474904,
  "fber": 879.7894287109375,
  "fd_mean": 0.2347448613357366,
  "fd_num": 194,
  "fd_perc": 50.12919896640827,
  "fwhm_avg": 2.2803136215306616,
  "fwhm_x": 2.024875636363636,
  "fwhm_y": 2.3255883636363635,
  "fwhm_z": 2.4904768645919853,
  "gcor": 0.03031,
  "gsr_x": -0.028009094297885895,
  "gsr_y": 0.06474190950393677,
  "provenance": {
    "md5sum": "f60c28e332513e2602a09d919279cfaf",
    "settings": {
      "fd_thres": 0.2,
      "testing": false
    },
    "software": "mriqc",
    "version": "22.0.6",
    "webapi_port": null,
    "webapi_url": "https://mriqc.nimh.nih.gov/api/v1"
  },
  "size_t": 387,
  "size_x": 64,
  "size_y": 64,
  "size_z": 40,
  "snr": 6.107945522694482,
  "spacing_tr": 2.0,
  "spacing_x": 3.4375,
  "spacing_y": 3.4375,
  "spacing_z": 2.999999761581421,
  "summary_bg_k": 10.500378513512896,
  "summary_bg_mad": 14.983094519778335,
  "summary_bg_mean": 84.4527816772461,
  "summary_bg_median": 30.51421356201172,
  "summary_bg_n": 96364.0,
  "summary_bg_p05": 19.697675704956055,
  "summary_bg_p95": 372.5846374511718,
  "summary_bg_stdv": 126.98799133300781,
  "summary_fg_k": 0.8656479585015169,
  "summary_fg_mad": 137.02772737547642,
  "summary_fg_mean": 940.09326171875,
  "summary_fg_median": 933.4121704101562,
  "summary_fg_n": 33404.0,
  "summary_fg_p05": 703.1390502929687,
  "summary_fg_p95": 1210.296453857422,
  "summary_fg_stdv": 152.81704711914062,
  "tsnr": 70.60272735031322
}