{
  "aor": 0.002925581395348837,
  "aqi": 0.009427235400516794,
  "bids_meta": {
    "AcquisitionDateTime": "2011-03-15T12:12:25.882812",
    "ConversionSoftware": "dcm2niix",
    "ConversionSoftwareVersion": "v1.0.20170207",
    "DeviceSerialNumber": "35407",
    "EchoTime": 0.02,
    "EffectiveEchoSpacing": 0.000460005,
    "FlipAngle": 80,
    "HardcopyDeviceSoftwareVersion": "syngo MR B17",
    "ImageType": [
      "ORIGINAL",
      "PRIMARY",
      "M",
      "ND",
      "MOSAIC"
    ],
    "InstitutionAddress": "Cedar Street 333, New Haven, Connecticut, US 06510",
    "InstitutionName": "Yale MRRC",
    "MagneticFieldStrength": 3,
    "Manufacturer": "Siemens",
    "ManufacturersModelName": "TrioTim",
    "PhaseEncodingDirection": "j-",
    "ProcedureStepDescription": "MRRC_Research_SiteProtocols",
    "ProtocolName": "ep2d_bold_390",
    "PulseSequenceType": " EP SK FS",
    "RepetitionTime": 2,
    "SequenceName": "epfid2d1_64",
    "SliceTiming": [
      1.005,
      0,
      1.055,
      0.05,
      1.105,
      0.1,
      1.155,
      0.15,
      1.205,
      0.2,
      1.255,
      0.25,
      1.305,
      0.3025,
      1.355,
      0.3525,
      1.405,
      0.4025,
      1.455,
      0.4525,
      1.505,
      0.5025,
      1.555,
      0.5525,
      1.6075,
      0.6025,
      1.6575,
      0.6525,
      1.7075,
      0.7025,
      1.7575,
      0.7525,
      1.8075,
      0.8025,
      1.8575,
      0.8525,
      1.9075,
      0.9025,
      1.9575,
      0.955
    ],
    "TaskName": "flavor",
    "dataset": "ds000229",
    "modality": "bold",
    "run_id": 3,
    "subject_id": "11",
    "task_id": "flavor"
  },
  "dummy_trs": 3,
  "dvars_nstd": 24.75638170694298,
  "dvars_std": 1.1479401880051816,
  "dvars_vstd": 1.031450948911917,
  "efc": 0.5820029629956958,
  "fber": 879.73193359375,
  "fd_mean": 0.31000443024319807,
  "fd_num": 295,
  "fd_perc": 76.22739018087856,
  "fwhm_avg": 2.288054509315584,
  "fwhm_x": 2.0494021818181816,
  "fwhm_y": 2.365957818181818,
  "fwhm_z": 2.4488035279467524,
  "gcor": 0.0292853,
  "gsr_x": -0.02496984414756298,
  "gsr_y": 0.06906653195619583,
  "provenance": {
    "md5sum": "63713bb0862bb936c2cf43a8dc33a9bd",
    "settings": {
      "fd_thres": 0.2,
      "testing": false
    },
    "software": "mriqc",
    "version": "22.0.6",
    "webapi_port": null,
    "webapi_url": "https://mriqc.nimh.nih.gov/api/v1"
  },
  "size_t": 387,
  "size_x": 64,
  "size_y": 64,
  "size_z": 40,
  "snr": 6.053107920683515,
  "spacing_tr": 2.0,
  "spacing_x": 3.4375,
  "spacing_y": 3.4375,
  "spacing_z": 2.999999761581421,
  "summary_bg_k": 10.804185274615323,
  "summary_bg_mad": 15.1056870097393,
  "summary_bg_mean": 83.11407470703125,
  "summary_bg_median": 30.346254348754883,
  "summary_bg_n": 95724.0,
  "summary_bg_p05": 18.87338638305664,
  "summary_bg_p95": 364.55724182128887,
  "summary_bg_stdv": 123.49039459228516,
  "summary_fg_k": 0.9477955655412718,
  "summary_fg_mad": 133.67169292249076,
  "summary_fg_mean": 923.0191040039062,
  "summary_fg_median": 915.6265869140625,
  "summary_fg_n": 33520.0,
  "summary_fg_p05": 686.8403381347656,
  "summary_fg_p95": 1189.5454162597657,
  "summary_fg_stdv": 151.26327514648438,
  "tsnr": 58.71031758910976
}