{
  "aor": 0.0016580412371134021,
  "aqi": 0.010143787886597937,
  "bids_meta": {
    "AcquisitionDateTime": "2011-03-15T12:12:25.882812",
    "ConversionSoftware": "dcm2niix",
    "ConversionSoftwareVersion": "v1.0.20170207",
    "DeviceSerialNumber": "35407",
    "EchoTime": 0.02,
    "EffectiveEchoSpacing": 0.000460005,
    "FlipAngle": 80,
    "HardcopyDeviceSoftwareVersion": "syngo MR B17",
    "ImageType": [
      "ORIGINAL",
      "PRIMARY",
      "M",
      "ND",
      "MOSAIC"
    ],
    "InstitutionAddress": "Cedar Street 333, New Haven, Connecticut, US 06510",
    "InstitutionName": "Yale MRRC",
    "MagneticFieldStrength": 3,
    "Manufacturer": "Siemens",
    "ManufacturersModelName": "TrioTim",
    "PhaseEncodingDirection": "j-",
    "ProcedureStepDescription": "MRRC_Research_SiteProtocols",
    "ProtocolName": "ep2d_bold_390",
    "PulseSequenceType": " EP SK FS",
    "RepetitionTime": 2,
    "SequenceName": "epfid2d1_64",
    "SliceTiming": [
      1.005,
      0,
      1.055,
      0.05,
      1.105,
      0.1,
      1.155,
      0.15,
      1.205,
      0.2,
      1.255,
      0.25,
      1.305,
      0.3025,
      1.355,
      0.3525,
      1.405,
      0.4025,
      1.455,
      0.4525,
      1.505,
      0.5025,
      1.555,
      0.5525,
      1.6075,
      0.6025,
      1.6575,
      0.6525,
      1.7075,
      0.7025,
      1.7575,
      0.7525,
      1.8075,
      0.8025,
      1.8575,
      0.8525,
      1.9075,
      0.9025,
      1.9575,
      0.955
    ],
    "TaskName": "flavor",
    "dataset": "ds000229",
    "modality": "bold",
    "run_id": 2,
    "subject_id": "07",
    "task_id": "flavor"
  },
  "dummy_trs": 2,
  "dvars_nstd": 20.40317795599484,
  "dvars_std": 1.103830557674419,
  "dvars_vstd": 0.9801263232816546,
  "efc": 0.5562557501621038,
  "fber": 1215.9312744140625,
  "fd_mean": 0.25962953454030974,
  "fd_num": 206,
  "fd_perc": 53.09278350515464,
  "fwhm_avg": 2.1258421212121212,
  "fwhm_x": 1.940037818181818,
  "fwhm_y": 2.1867985454545456,
  "fwhm_z": 2.25069,
  "gcor": 0.0321451,
  "gsr_x": -0.02599680982530117,
  "gsr_y": 0.057256147265434265,
  "provenance": {
    "md5sum": "88b57584e8eee283af9cb4741ccd930d",
    "settings": {
      "fd_thres": 0.2,
      "testing": false
    },
    "software": "mriqc",
    "version": "22.0.6",
    "webapi_port": null,
    "webapi_url": "https://mriqc.nimh.nih.gov/api/v1"
  },
  "size_t": 388,
  "size_x": 64,
  "size_y": 64,
  "size_z": 40,
  "snr": 7.015909702053923,
  "spacing_tr": 2.0,
  "spacing_x": 3.4375,
  "spacing_y": 3.4375,
  "spacing_z": 3.0,
  "summary_bg_k": 23.570647647031635,
  "summary_bg_mad": 12.888706232622724,
  "summary_bg_mean": 71.99855041503906,
  "summary_bg_median": 29.041236877441406,
  "summary_bg_n": 97721.0,
  "summary_bg_p05": 19.463916778564453,
  "summary_bg_p95": 284.685546875,
  "summary_bg_stdv": 111.0997314453125,
  "summary_fg_k": 0.5830551826759147,
  "summary_fg_mad": 138.67289642049235,
  "summary_fg_mean": 1037.1463623046875,
  "summary_fg_median": 1034.5283203125,
  "summary_fg_n": 32609.0,
  "summary_fg_p05": 793.7283081054687,
  "summary_fg_p95": 1281.347412109375,
  "summary_fg_stdv": 147.45236206054688,
  "tsnr": 63.07534991588909
}