{
  "aor": 0.001020438144329897,
  "aqi": 0.008008209201030929,
  "bids_meta": {
    "AcquisitionDateTime": "2011-03-15T12:12:25.882812",
    "ConversionSoftware": "dcm2niix",
    "ConversionSoftwareVersion": "v1.0.20170207",
    "DeviceSerialNumber": "35407",
    "EchoTime": 0.02,
    "EffectiveEchoSpacing": 0.000460005,
    "FlipAngle": 80,
    "HardcopyDeviceSoftwareVersion": "syngo MR B17",
    "ImageType": [
      "ORIGINAL",
      "PRIMARY",
      "M",
      "ND",
      "MOSAIC"
    ],
    "InstitutionAddress": "Cedar Street 333, New Haven, Connecticut, US 06510",
    "InstitutionName": "Yale MRRC",
    "MagneticFieldStrength": 3,
    "Manufacturer": "Siemens",
    "ManufacturersModelName": "TrioTim",
    "PhaseEncodingDirection": "j-",
    "ProcedureStepDescription": "MRRC_Research_SiteProtocols",
    "ProtocolName": "ep2d_bold_390",
    "PulseSequenceType": " EP SK FS",
    "RepetitionTime": 2,
    "SequenceName": "epfid2d1_64",
    "SliceTiming": [
      1.005,
      0,
      1.055,
      0.05,
      1.105,
      0.1,
      1.155,
      0.15,
      1.205,
      0.2,
      1.255,
      0.25,
      1.305,
      0.3025,
      1.355,
      0.3525,
      1.405,
      0.4025,
      1.455,
      0.4525,
      1.505,
      0.5025,
      1.555,
      0.5525,
      1.6075,
      0.6025,
      1.6575,
      0.6525,
      1.7075,
      0.7025,
      1.7575,
      0.7525,
      1.8075,
      0.8025,
      1.8575,
      0.8525,
      1.9075,
      0.9025,
      1.9575,
      0.955
    ],
    "TaskName": "flavor",
    "dataset": "ds000229",
    "modality": "bold",
    "run_id": 1,
    "subject_id": "07",
    "task_id": "flavor"
  },
  "dummy_trs": 2,
  "dvars_nstd": 20.973610424418602,
  "dvars_std": 1.0885413970025843,
  "dvars_vstd": 0.9702683856847548,
  "efc": 0.5546876072409389,
  "fber": 1238.3668212890625,
  "fd_mean": 0.23082788922206612,
  "fd_num": 176,
  "fd_perc": 45.36082474226804,
  "fwhm_avg": 2.1090611515151516,
  "fwhm_x": 1.9329163636363638,
  "fwhm_y": 2.142877090909091,
  "fwhm_z": 2.2513900000000002,
  "gcor": 0.0438494,
  "gsr_x": -0.025181030854582787,
  "gsr_y": 0.05544700846076012,
  "provenance": {
    "md5sum": "b833134c3f92da7378c5da899713e401",
    "settings": {
      "fd_thres": 0.2,
      "testing": false
    },
    "software": "mriqc",
    "version": "22.0.6",
    "webapi_port": null,
    "webapi_url": "https://mriqc.nimh.nih.gov/api/v1"
  },
  "size_t": 388,
  "size_x": 64,
  "size_y": 64,
  "size_z": 40,
  "snr": 6.9860119407023324,
  "spacing_tr": 2.0,
  "spacing_x": 3.4375,
  "spacing_y": 3.4375,
  "spacing_z": 3.0,
  "summary_bg_k": 22.875369409322985,
  "summary_bg_mad": 12.5944752076306,
  "summary_bg_mean": 69.85718536376953,
  "summary_bg_median": 28.56700897216797,
  "summary_bg_n": 97714.0,
  "summary_bg_p05": 18.93041229248047,
  "summary_bg_p95": 278.1016799926756,
  "summary_bg_stdv": 107.48843383789062,
  "summary_fg_k": 0.6012327926946761,
  "summary_fg_mad": 136.96497196540966,
  "summary_fg_mean": 1026.54541015625,
  "summary_fg_median": 1025.25,
  "summary_fg_n": 32531.0,
  "summary_fg_p05": 780.5876159667969,
  "summary_fg_p95": 1268.9522705078125,
  "summary_fg_stdv": 146.7552947998047,
  "tsnr": 68.17676676320843
}