{
  "bids_meta": {
    "AcquisitionDateTime": "2010-04-20T14:14:43.109375",
    "ConversionSoftware": "dcm2niix",
    "ConversionSoftwareVersion": "v1.0.20170207",
    "EchoTime": 0.00277,
    "FlipAngle": 7,
    "ImageType": [
      "ORIGINAL",
      "PRIMARY",
      "M",
      "ND"
    ],
    "MagneticFieldStrength": 3,
    "Manufacturer": "Siemens",
    "ManufacturersModelName": "TrioTim",
    "PhaseEncodingDirection": "i-",
    "ProcedureStepDescription": "MRRC_Research_SiteProtocols",
    "ProtocolName": "Sag_3D_MPRAGE_10_05",
    "PulseSequenceType": "T1-weighted 3D FLASH sequence",
    "RepetitionTime": 2.53,
    "dataset": "ds000229",
    "modality": "T1w",
    "subject_id": "01"
  },
  "cjv": 0.25079277866219163,
  "cnr": 5.386751797875214,
  "efc": 0.5146490218522739,
  "fber": 28031.19654039308,
  "fwhm_avg": 5.2442166666666665,
  "fwhm_x": 5.25771,
  "fwhm_y": 5.48994,
  "fwhm_z": 4.985,
  "icvs_csf": 0.22162031515028566,
  "icvs_gm": 0.4528740552041787,
  "icvs_wm": 0.32550562964553564,
  "inu_med": 0.5108321905136108,
  "inu_range": 0.1818364322185516,
  "provenance": {
    "md5sum": "8b03c06071fe9022027073db10d6f44a",
    "settings": {
      "testing": false
    },
    "software": "mriqc",
    "version": "22.0.6",
    "warnings": {
      "large_rot_frame": true,
      "small_air_mask": false
    },
    "webapi_port": null,
    "webapi_url": "https://mriqc.nimh.nih.gov/api/v1"
  },
  "qi_1": 0.0,
  "qi_2": 0.006520529994452411,
  "rpve_csf": 24.013175186312584,
  "rpve_gm": 12.599964070222754,
  "rpve_wm": 20.289824893181123,
  "size_x": 176,
  "size_y": 256,
  "size_z": 256,
  "snr_csf": 1.5985513448539066,
  "snr_gm": 11.31483230955081,
  "snr_total": 13.443939129259173,
  "snr_wm": 27.418433733372805,
  "snrd_csf": 16.685160610577874,
  "snrd_gm": 65.51508551999304,
  "snrd_total": 61.68178528090275,
  "snrd_wm": 102.84510971213736,
  "spacing_x": 1.0,
  "spacing_y": 1.0,
  "spacing_z": 1.0,
  "summary_bg_k": 10.265001356370673,
  "summary_bg_mad": 0.0,
  "summary_bg_mean": 4.326186318002395,
  "summary_bg_median": 0.0,
  "summary_bg_n": 2995683.0,
  "summary_bg_p05": 0.0,
  "summary_bg_p95": 16.85993711464107,
  "summary_bg_stdv": 6.370297171933804,
  "summary_csf_k": 0.6365735234980505,
  "summary_csf_mad": 93.41035822652132,
  "summary_csf_mean": 185.15595497736103,
  "summary_csf_median": 162.24015556275845,
  "summary_csf_n": 31486.0,
  "summary_csf_p05": 55.128788037691265,
  "summary_csf_p95": 383.89088192489,
  "summary_csf_stdv": 101.49037732128889,
  "summary_gm_k": -0.05834224517944886,
  "summary_gm_mad": 57.876392438060925,
  "summary_gm_mean": 636.3422267502373,
  "summary_gm_median": 637.043772879988,
  "summary_gm_n": 54615.0,
  "summary_gm_p05": 542.7617220040411,
  "summary_gm_p95": 726.4468625560403,
  "summary_gm_stdv": 56.30113847852785,
  "summary_wm_k": 0.7961495515563617,
  "summary_wm_mad": 33.15711188956673,
  "summary_wm_mean": 998.1332908765341,
  "summary_wm_median": 1000.0267296191305,
  "summary_wm_n": 169812.0,
  "summary_wm_p05": 933.308404777199,
  "summary_wm_p95": 1053.7861487548798,
  "summary_wm_stdv": 36.47268092802214,
  "tpm_overlap_csf": 0.15699644468386187,
  "tpm_overlap_gm": 0.5076689048711741,
  "tpm_overlap_wm": 0.5351306825611555,
  "wm2max": 0.6588700001887879
}