{
  "bids_meta": {
    "AcquisitionDateTime": "2011-05-31T12:09:4.406250",
    "ConversionSoftware": "dcm2niix",
    "ConversionSoftwareVersion": "v1.0.20170207",
    "EchoTime": 0.00277,
    "FlipAngle": 7,
    "ImageType": [
      "ORIGINAL",
      "PRIMARY",
      "M",
      "ND"
    ],
    "MagneticFieldStrength": 3,
    "Manufacturer": "Siemens",
    "ManufacturersModelName": "TrioTim",
    "PhaseEncodingDirection": "i-",
    "ProcedureStepDescription": "MRRC_Research_SiteProtocols",
    "ProtocolName": "Sag_3D_MPRAGE_10_05",
    "PulseSequenceType": "T1-weighted 3D FLASH sequence",
    "RepetitionTime": 2.53,
    "dataset": "ds000229",
    "modality": "T1w",
    "subject_id": "08"
  },
  "cjv": 0.27173095323093027,
  "cnr": 5.024123803878054,
  "efc": 0.4836113008098931,
  "fber": 25578.019987180232,
  "fwhm_avg": 5.147763333333333,
  "fwhm_x": 5.13947,
  "fwhm_y": 5.41084,
  "fwhm_z": 4.89298,
  "icvs_csf": 0.2357433387053055,
  "icvs_gm": 0.4350137759002335,
  "icvs_wm": 0.329242885394461,
  "inu_med": 0.47417986392974854,
  "inu_range": 0.13802901804447176,
  "provenance": {
    "md5sum": "8134b6c1ea7956e4d73a0e05f488bc51",
    "settings": {
      "testing": false
    },
    "software": "mriqc",
    "version": "22.0.6",
    "warnings": {
      "large_rot_frame": true,
      "small_air_mask": false
    },
    "webapi_port": null,
    "webapi_url": "https://mriqc.nimh.nih.gov/api/v1"
  },
  "qi_1": 0.0,
  "qi_2": 0.004104642174097137,
  "rpve_csf": 28.770346100252326,
  "rpve_gm": 15.93663391810903,
  "rpve_wm": 24.705286504877368,
  "size_x": 176,
  "size_y": 256,
  "size_z": 256,
  "snr_csf": 1.823536847339184,
  "snr_gm": 11.435668714563628,
  "snr_total": 13.739283909901749,
  "snr_wm": 27.958646167802435,
  "snrd_csf": 20.353851966489472,
  "snrd_gm": 70.00719587124138,
  "snrd_total": 65.5765148527109,
  "snrd_wm": 106.36849672040185,
  "spacing_x": 1.0,
  "spacing_y": 1.0,
  "spacing_z": 1.0,
  "summary_bg_k": 11.031292252467894,
  "summary_bg_mad": 0.0,
  "summary_bg_mean": 4.175964156815553,
  "summary_bg_median": 0.0,
  "summary_bg_n": 3265872.0,
  "summary_bg_p05": 0.0,
  "summary_bg_p95": 16.13080519810319,
  "summary_bg_stdv": 6.159289871458335,
  "summary_csf_k": -0.21422837106389725,
  "summary_csf_mad": 103.66807783555663,
  "summary_csf_mean": 211.73390327084024,
  "summary_csf_median": 191.35751617886126,
  "summary_csf_n": 28090.0,
  "summary_csf_p05": 70.37372918538749,
  "summary_csf_p95": 402.75075649730854,
  "summary_csf_stdv": 104.93569695484757,
  "summary_gm_k": -0.06555421475090206,
  "summary_gm_mad": 59.36112768968599,
  "summary_gm_mean": 656.5936872876546,
  "summary_gm_median": 658.175324190408,
  "summary_gm_n": 39979.0,
  "summary_gm_p05": 560.5908227611333,
  "summary_gm_p95": 747.0761212881654,
  "summary_gm_stdv": 57.553878925125154,
  "summary_wm_k": 0.5861700503505185,
  "summary_wm_mad": 33.53068502993245,
  "summary_wm_mean": 998.8787945041536,
  "summary_wm_median": 1000.0274820514023,
  "summary_wm_n": 143019.0,
  "summary_wm_p05": 937.1530658788979,
  "summary_wm_p95": 1054.6029149703681,
  "summary_wm_stdv": 35.76796887475425,
  "tpm_overlap_csf": 0.1385321486260549,
  "tpm_overlap_gm": 0.4792563910929798,
  "tpm_overlap_wm": 0.5056292622204772,
  "wm2max": 0.6633430550492162
}