{
  "bids_meta": {
    "AcquisitionDateTime": "2010-06-30T10:35:40.023438",
    "ConversionSoftware": "dcm2niix",
    "ConversionSoftwareVersion": "v1.0.20170207",
    "EchoTime": 0.00277,
    "FlipAngle": 7,
    "ImageType": [
      "ORIGINAL",
      "PRIMARY",
      "M",
      "ND"
    ],
    "MagneticFieldStrength": 3,
    "Manufacturer": "Siemens",
    "ManufacturersModelName": "TrioTim",
    "PhaseEncodingDirection": "i-",
    "ProcedureStepDescription": "MRRC_Research_SiteProtocols",
    "ProtocolName": "Sag_3D_MPRAGE_10_05",
    "PulseSequenceType": "T1-weighted 3D FLASH sequence",
    "RepetitionTime": 2.53,
    "SliceTiming": [
      1.005,
      0,
      1.055,
      0.05,
      1.105,
      0.1,
      1.155,
      0.15,
      1.205,
      0.2025,
      1.255,
      0.2525,
      1.305,
      0.3025,
      1.355,
      0.3525,
      1.405,
      0.4025,
      1.455,
      0.4525,
      1.5075,
      0.5025,
      1.5575,
      0.5525,
      1.6075,
      0.6025,
      1.6575,
      0.6525,
      1.7075,
      0.7025,
      1.7575,
      0.7525,
      1.8075,
      0.8025,
      1.8575,
      0.855,
      1.9075,
      0.905,
      1.9575,
      0.955
    ],
    "dataset": "ds000229",
    "modality": "T1w",
    "subject_id": "02"
  },
  "cjv": 0.28724736139258644,
  "cnr": 4.737999213749269,
  "efc": 0.5642557075973947,
  "fber": 33665.025978051955,
  "fwhm_avg": 5.237369999999999,
  "fwhm_x": 5.17921,
  "fwhm_y": 5.60412,
  "fwhm_z": 4.92878,
  "icvs_csf": 0.21234847943657797,
  "icvs_gm": 0.4251209901855953,
  "icvs_wm": 0.36253053037782673,
  "inu_med": 0.45686769485473633,
  "inu_range": 0.17890721559524536,
  "provenance": {
    "md5sum": "5fcf3c4522953fd2e15e165835e95753",
    "settings": {
      "testing": false
    },
    "software": "mriqc",
    "version": "22.0.6",
    "warnings": {
      "large_rot_frame": true,
      "small_air_mask": false
    },
    "webapi_port": null,
    "webapi_url": "https://mriqc.nimh.nih.gov/api/v1"
  },
  "qi_1": 0.0,
  "qi_2": 0.004368154131071138,
  "rpve_csf": 21.38984038367867,
  "rpve_gm": 11.236922210198797,
  "rpve_wm": 16.253066376273722,
  "size_x": 176,
  "size_y": 256,
  "size_z": 256,
  "snr_csf": 1.8672731036453696,
  "snr_gm": 11.269185245291332,
  "snr_total": 13.867696926120038,
  "snr_wm": 28.466632429423406,
  "snrd_csf": 18.498095846638893,
  "snrd_gm": 62.33330490683428,
  "snrd_total": 57.91763525481371,
  "snrd_wm": 92.92150501096795,
  "spacing_x": 1.0,
  "spacing_y": 1.0,
  "spacing_z": 1.0,
  "summary_bg_k": 11.994357724276483,
  "summary_bg_mad": 0.0,
  "summary_bg_mean": 4.403134520658564,
  "summary_bg_median": 0.0,
  "summary_bg_n": 3066312.0,
  "summary_bg_p05": 0.0,
  "summary_bg_p95": 18.313066631555557,
  "summary_bg_stdv": 7.050769936929083,
  "summary_csf_k": -0.11997809819081784,
  "summary_csf_mad": 105.42558278353214,
  "summary_csf_mean": 218.00793399169868,
  "summary_csf_median": 199.08192871883512,
  "summary_csf_n": 29588.0,
  "summary_csf_p05": 69.64294519275427,
  "summary_csf_p95": 414.3525114454328,
  "summary_csf_stdv": 106.61459433409235,
  "summary_gm_k": -0.1053201778290509,
  "summary_gm_mad": 60.91016467411702,
  "summary_gm_mean": 668.5416182740544,
  "summary_gm_median": 670.8492953628302,
  "summary_gm_n": 50327.0,
  "summary_gm_p05": 567.8504073768854,
  "summary_gm_p95": 762.2862432651222,
  "summary_gm_stdv": 59.5289380574825,
  "summary_wm_k": 0.4721238023514185,
  "summary_wm_mad": 33.65142942196206,
  "summary_wm_mean": 1000.326382808765,
  "summary_wm_median": 1000.0484693348408,
  "summary_wm_n": 230606.0,
  "summary_wm_p05": 943.1229315251112,
  "summary_wm_p95": 1058.0882942676544,
  "summary_wm_stdv": 35.13047437228415,
  "tpm_overlap_csf": 0.1531715215066284,
  "tpm_overlap_gm": 0.47157802655377873,
  "tpm_overlap_wm": 0.51195880555216,
  "wm2max": 0.7091034008931638
}