{
  "aor": 0.002350798969072165,
  "aqi": 0.0079867156185567,
  "bids_meta": {
    "AcquisitionDateTime": "2011-03-15T12:12:25.882812",
    "ConversionSoftware": "dcm2niix",
    "ConversionSoftwareVersion": "v1.0.20170207",
    "DeviceSerialNumber": "35407",
    "EchoTime": 0.02,
    "EffectiveEchoSpacing": 0.000460005,
    "FlipAngle": 80,
    "HardcopyDeviceSoftwareVersion": "syngo MR B17",
    "ImageType": [
      "ORIGINAL",
      "PRIMARY",
      "M",
      "ND",
      "MOSAIC"
    ],
    "InstitutionAddress": "Cedar Street 333, New Haven, Connecticut, US 06510",
    "InstitutionName": "Yale MRRC",
    "MagneticFieldStrength": 3,
    "Manufacturer": "Siemens",
    "ManufacturersModelName": "TrioTim",
    "PhaseEncodingDirection": "j-",
    "ProcedureStepDescription": "MRRC_Research_SiteProtocols",
    "ProtocolName": "ep2d_bold_390",
    "PulseSequenceType": " EP SK FS",
    "RepetitionTime": 2,
    "SequenceName": "epfid2d1_64",
    "SliceTiming": [
      1.005,
      0,
      1.055,
      0.05,
      1.105,
      0.1,
      1.155,
      0.15,
      1.205,
      0.2,
      1.255,
      0.25,
      1.305,
      0.3025,
      1.355,
      0.3525,
      1.405,
      0.4025,
      1.455,
      0.4525,
      1.505,
      0.5025,
      1.555,
      0.5525,
      1.6075,
      0.6025,
      1.6575,
      0.6525,
      1.7075,
      0.7025,
      1.7575,
      0.7525,
      1.8075,
      0.8025,
      1.8575,
      0.8525,
      1.9075,
      0.9025,
      1.9575,
      0.955
    ],
    "TaskName": "flavor",
    "dataset": "ds000229",
    "modality": "bold",
    "run_id": 3,
    "subject_id": "07",
    "task_id": "flavor"
  },
  "dummy_trs": 2,
  "dvars_nstd": 20.89586608335918,
  "dvars_std": 1.1661683379586563,
  "dvars_vstd": 1.0214013406976736,
  "efc": 0.5565387252093528,
  "fber": 1208.951904296875,
  "fd_mean": 0.22917274055452275,
  "fd_num": 178,
  "fd_perc": 45.876288659793815,
  "fwhm_avg": 2.132483393939394,
  "fwhm_x": 1.9409018181818183,
  "fwhm_y": 2.1700683636363634,
  "fwhm_z": 2.28648,
  "gcor": 0.0312936,
  "gsr_x": -0.02457897551357746,
  "gsr_y": 0.05515044182538986,
  "provenance": {
    "md5sum": "e382407c199014c714f43f869b0b675a",
    "settings": {
      "fd_thres": 0.2,
      "testing": false
    },
    "software": "mriqc",
    "version": "22.0.6",
    "webapi_port": null,
    "webapi_url": "https://mriqc.nimh.nih.gov/api/v1"
  },
  "size_t": 388,
  "size_x": 64,
  "size_y": 64,
  "size_z": 40,
  "snr": 6.9115783067835945,
  "spacing_tr": 2.0,
  "spacing_x": 3.4375,
  "spacing_y": 3.4375,
  "spacing_z": 3.0,
  "summary_bg_k": 22.162826219181913,
  "summary_bg_mad": 12.5944752076306,
  "summary_bg_mean": 71.68140411376953,
  "summary_bg_median": 28.868555068969727,
  "summary_bg_n": 97689.0,
  "summary_bg_p05": 19.615978240966797,
  "summary_bg_p95": 285.59483642578107,
  "summary_bg_stdv": 110.20565795898438,
  "summary_fg_k": 0.5686564739904156,
  "summary_fg_mad": 139.11811144216273,
  "summary_fg_mean": 1027.8931884765625,
  "summary_fg_median": 1026.2718505859375,
  "summary_fg_n": 32604.0,
  "summary_fg_p05": 780.2146453857422,
  "summary_fg_p95": 1274.1615844726562,
  "summary_fg_stdv": 148.48361206054688,
  "tsnr": 68.86131422501057
}