{
  "aor": 0.0013573453608247419,
  "aqi": 0.007172661159793815,
  "bids_meta": {
    "AcquisitionDateTime": "2011-03-15T12:12:25.882812",
    "ConversionSoftware": "dcm2niix",
    "ConversionSoftwareVersion": "v1.0.20170207",
    "DeviceSerialNumber": "35407",
    "EchoTime": 0.02,
    "EffectiveEchoSpacing": 0.000460005,
    "FlipAngle": 80,
    "HardcopyDeviceSoftwareVersion": "syngo MR B17",
    "ImageType": [
      "ORIGINAL",
      "PRIMARY",
      "M",
      "ND",
      "MOSAIC"
    ],
    "InstitutionAddress": "Cedar Street 333, New Haven, Connecticut, US 06510",
    "InstitutionName": "Yale MRRC",
    "MagneticFieldStrength": 3,
    "Manufacturer": "Siemens",
    "ManufacturersModelName": "TrioTim",
    "PhaseEncodingDirection": "j-",
    "ProcedureStepDescription": "MRRC_Research_SiteProtocols",
    "ProtocolName": "ep2d_bold_390",
    "PulseSequenceType": " EP SK FS",
    "RepetitionTime": 2,
    "SequenceName": "epfid2d1_64",
    "SliceTiming": [
      1.005,
      0,
      1.055,
      0.05,
      1.105,
      0.1,
      1.155,
      0.15,
      1.205,
      0.2,
      1.255,
      0.25,
      1.305,
      0.3025,
      1.355,
      0.3525,
      1.405,
      0.4025,
      1.455,
      0.4525,
      1.505,
      0.5025,
      1.555,
      0.5525,
      1.6075,
      0.6025,
      1.6575,
      0.6525,
      1.7075,
      0.7025,
      1.7575,
      0.7525,
      1.8075,
      0.8025,
      1.8575,
      0.8525,
      1.9075,
      0.9025,
      1.9575,
      0.955
    ],
    "TaskName": "flavor",
    "dataset": "ds000229",
    "modality": "bold",
    "run_id": 3,
    "subject_id": "03",
    "task_id": "flavor"
  },
  "dummy_trs": 2,
  "dvars_nstd": 21.33946118395349,
  "dvars_std": 1.1205245897416019,
  "dvars_vstd": 0.9849005876227388,
  "efc": 0.5660141444153062,
  "fber": 1051.6209716796875,
  "fd_mean": 0.2168142459802733,
  "fd_num": 200,
  "fd_perc": 51.54639175257732,
  "fwhm_avg": 2.0103984646464643,
  "fwhm_x": 1.7933643636363636,
  "fwhm_y": 2.1044043636363634,
  "fwhm_z": 2.133426666666667,
  "gcor": 0.0311573,
  "gsr_x": -0.01638912595808506,
  "gsr_y": 0.04219136759638786,
  "provenance": {
    "md5sum": "ffd8c17c153eead663e7858696d2e18a",
    "settings": {
      "fd_thres": 0.2,
      "testing": false
    },
    "software": "mriqc",
    "version": "22.0.6",
    "webapi_port": null,
    "webapi_url": "https://mriqc.nimh.nih.gov/api/v1"
  },
  "size_t": 388,
  "size_x": 64,
  "size_y": 64,
  "size_z": 40,
  "snr": 6.505993224878406,
  "spacing_tr": 2.0,
  "spacing_x": 3.4375,
  "spacing_y": 3.4375,
  "spacing_z": 3.0,
  "summary_bg_k": 15.036967518994793,
  "summary_bg_mad": 13.580330688638206,
  "summary_bg_mean": 67.5024642944336,
  "summary_bg_median": 28.670103073120117,
  "summary_bg_n": 95996.0,
  "summary_bg_p05": 17.69072151184082,
  "summary_bg_p95": 262.4271774291992,
  "summary_bg_stdv": 98.19692993164062,
  "summary_fg_k": 0.8937644731710166,
  "summary_fg_mad": 138.04439216581517,
  "summary_fg_mean": 957.9800415039062,
  "summary_fg_median": 950.6224365234375,
  "summary_fg_n": 33494.0,
  "summary_fg_p05": 733.4809143066407,
  "summary_fg_p95": 1208.4572021484375,
  "summary_fg_stdv": 146.11270141601562,
  "tsnr": 65.60748781543225
}