{
  "bids_meta": {
    "AcquisitionDateTime": "2011-05-26T14:03:43.937500",
    "ConversionSoftware": "dcm2niix",
    "ConversionSoftwareVersion": "v1.0.20170207",
    "EchoTime": 0.00277,
    "FlipAngle": 7,
    "ImageType": [
      "ORIGINAL",
      "PRIMARY",
      "M",
      "ND"
    ],
    "MagneticFieldStrength": 3,
    "Manufacturer": "Siemens",
    "ManufacturersModelName": "TrioTim",
    "PhaseEncodingDirection": "i-",
    "ProcedureStepDescription": "MRRC_Research_SiteProtocols",
    "ProtocolName": "Sag_3D_MPRAGE_10_05",
    "PulseSequenceType": "T1-weighted 3D FLASH sequence",
    "RepetitionTime": 2.53,
    "SliceTiming": [
      1.0025,
      0,
      1.0525,
      0.05,
      1.105,
      0.1,
      1.155,
      0.15,
      1.205,
      0.2,
      1.255,
      0.25,
      1.305,
      0.3,
      1.355,
      0.35,
      1.405,
      0.4,
      1.455,
      0.4525,
      1.505,
      0.5025,
      1.555,
      0.5525,
      1.605,
      0.6025,
      1.655,
      0.6525,
      1.705,
      0.7025,
      1.7575,
      0.7525,
      1.8075,
      0.8025,
      1.8575,
      0.8525,
      1.9075,
      0.9025,
      1.9575,
      0.9525
    ],
    "dataset": "ds000229",
    "modality": "T1w",
    "subject_id": "09"
  },
  "cjv": 0.25749875296321556,
  "cnr": 5.19482223313589,
  "efc": 0.5711122245149348,
  "fber": -1.0,
  "fwhm_avg": 5.312393333333333,
  "fwhm_x": 5.23164,
  "fwhm_y": 5.56223,
  "fwhm_z": 5.14331,
  "icvs_csf": 0.24763609425482322,
  "icvs_gm": 0.42083016575915966,
  "icvs_wm": 0.3315337399860171,
  "inu_med": 0.4918234199285507,
  "inu_range": 0.18533177971839904,
  "provenance": {
    "md5sum": "94826d61c6112b1ccc04028568e736e5",
    "settings": {
      "testing": false
    },
    "software": "mriqc",
    "version": "22.0.6",
    "warnings": {
      "large_rot_frame": true,
      "small_air_mask": false
    },
    "webapi_port": null,
    "webapi_url": "https://mriqc.nimh.nih.gov/api/v1"
  },
  "qi_1": 0.0,
  "qi_2": 0.0049346254012115716,
  "rpve_csf": 19.453030863072478,
  "rpve_gm": 11.526440770660965,
  "rpve_wm": 17.812795471510327,
  "size_x": 176,
  "size_y": 256,
  "size_z": 256,
  "snr_csf": 1.703686245134507,
  "snr_gm": 11.724944379068262,
  "snr_total": 14.617956976316707,
  "snr_wm": 30.42524030474735,
  "snrd_csf": 16.341850379205734,
  "snrd_gm": 68.25218729229132,
  "snrd_total": 62.67669113142415,
  "snrd_wm": 103.43603572277537,
  "spacing_x": 1.0,
  "spacing_y": 1.0,
  "spacing_z": 1.0,
  "summary_bg_k": 8.391215893926965,
  "summary_bg_mad": 0.0,
  "summary_bg_mean": 3.9289488006111792,
  "summary_bg_median": 0.0,
  "summary_bg_n": 2594546.0,
  "summary_bg_p05": 0.0,
  "summary_bg_p95": 16.91288870573044,
  "summary_bg_stdv": 6.334057372864204,
  "summary_csf_k": 0.4016527518801585,
  "summary_csf_mad": 87.72503842337848,
  "summary_csf_mean": 173.22881388053784,
  "summary_csf_median": 157.9979648217559,
  "summary_csf_n": 42413.0,
  "summary_csf_p05": 48.52267015725374,
  "summary_csf_p95": 353.43862000107765,
  "summary_csf_stdv": 92.73779291787346,
  "summary_gm_k": 0.052962840640347064,
  "summary_gm_mad": 56.51335342255096,
  "summary_gm_mean": 658.0880924345714,
  "summary_gm_median": 659.8828429207206,
  "summary_gm_n": 63522.0,
  "summary_gm_p05": 563.0158011317253,
  "summary_gm_p95": 746.9676634635775,
  "summary_gm_stdv": 56.27981058485496,
  "summary_wm_k": 0.5615679343942768,
  "summary_wm_mad": 31.079512106087165,
  "summary_wm_mean": 999.927367474893,
  "summary_wm_median": 1000.0509583801031,
  "summary_wm_n": 217912.0,
  "summary_wm_p05": 945.3642534837127,
  "summary_wm_p95": 1052.9037355855107,
  "summary_wm_stdv": 32.86904733502801,
  "tpm_overlap_csf": 0.16234773484257237,
  "tpm_overlap_gm": 0.48388741282426806,
  "tpm_overlap_wm": 0.5259086296036495,
  "wm2max": 0.704265869603619
}