{
  "aor": 0.0005198195876288661,
  "aqi": 0.0054311691752577315,
  "bids_meta": {
    "AcquisitionDateTime": "2011-03-15T12:12:25.882812",
    "ConversionSoftware": "dcm2niix",
    "ConversionSoftwareVersion": "v1.0.20170207",
    "DeviceSerialNumber": "35407",
    "EchoTime": 0.02,
    "EffectiveEchoSpacing": 0.000460005,
    "FlipAngle": 80,
    "HardcopyDeviceSoftwareVersion": "syngo MR B17",
    "ImageType": [
      "ORIGINAL",
      "PRIMARY",
      "M",
      "ND",
      "MOSAIC"
    ],
    "InstitutionAddress": "Cedar Street 333, New Haven, Connecticut, US 06510",
    "InstitutionName": "Yale MRRC",
    "MagneticFieldStrength": 3,
    "Manufacturer": "Siemens",
    "ManufacturersModelName": "TrioTim",
    "PhaseEncodingDirection": "j-",
    "ProcedureStepDescription": "MRRC_Research_SiteProtocols",
    "ProtocolName": "ep2d_bold_390",
    "PulseSequenceType": " EP SK FS",
    "RepetitionTime": 2,
    "SequenceName": "epfid2d1_64",
    "SliceTiming": [
      1.005,
      0,
      1.055,
      0.05,
      1.105,
      0.1,
      1.155,
      0.15,
      1.205,
      0.2,
      1.255,
      0.25,
      1.305,
      0.3025,
      1.355,
      0.3525,
      1.405,
      0.4025,
      1.455,
      0.4525,
      1.505,
      0.5025,
      1.555,
      0.5525,
      1.6075,
      0.6025,
      1.6575,
      0.6525,
      1.7075,
      0.7025,
      1.7575,
      0.7525,
      1.8075,
      0.8025,
      1.8575,
      0.8525,
      1.9075,
      0.9025,
      1.9575,
      0.955
    ],
    "TaskName": "flavor",
    "dataset": "ds000229",
    "modality": "bold",
    "run_id": 1,
    "subject_id": "12",
    "task_id": "flavor"
  },
  "dummy_trs": 2,
  "dvars_nstd": 21.159837653462525,
  "dvars_std": 1.1078272894056846,
  "dvars_vstd": 0.9937273283204126,
  "efc": 0.5364176068931833,
  "fber": 799.364990234375,
  "fd_mean": 0.13992078927979779,
  "fd_num": 59,
  "fd_perc": 15.206185567010309,
  "fwhm_avg": 2.2592951313131313,
  "fwhm_x": 2.0932334545454547,
  "fwhm_y": 2.3083752727272726,
  "fwhm_z": 2.3762766666666666,
  "gcor": 0.100651,
  "gsr_x": -0.009566934779286385,
  "gsr_y": 0.01856250688433647,
  "provenance": {
    "md5sum": "d21798593eec32bac1ad2db9a754c35f",
    "settings": {
      "fd_thres": 0.2,
      "testing": false
    },
    "software": "mriqc",
    "version": "22.0.6",
    "webapi_port": null,
    "webapi_url": "https://mriqc.nimh.nih.gov/api/v1"
  },
  "size_t": 388,
  "size_x": 64,
  "size_y": 64,
  "size_z": 40,
  "snr": 6.7047765603423555,
  "spacing_tr": 2.0,
  "spacing_x": 3.4375,
  "spacing_y": 3.4375,
  "spacing_z": 3.0,
  "summary_bg_k": 22.795910927371988,
  "summary_bg_mad": 12.088174615008661,
  "summary_bg_mean": 63.260833740234375,
  "summary_bg_median": 34.528350830078125,
  "summary_bg_n": 102500.0,
  "summary_bg_p05": 25.100515365600586,
  "summary_bg_p95": 211.92627716064368,
  "summary_bg_stdv": 81.51256561279297,
  "summary_fg_k": 1.29277877529473,
  "summary_fg_mad": 130.1098370128406,
  "summary_fg_mean": 988.114501953125,
  "summary_fg_median": 995.9561767578125,
  "summary_fg_n": 28525.0,
  "summary_fg_p05": 730.4979248046875,
  "summary_fg_p95": 1222.1334228515625,
  "summary_fg_stdv": 148.5416717529297,
  "tsnr": 66.08948305575177
}