{
  "aor": 0.001188611825192802,
  "aqi": 0.00777279354755784,
  "bids_meta": {
    "AcquisitionDateTime": "2011-03-15T12:12:25.882812",
    "ConversionSoftware": "dcm2niix",
    "ConversionSoftwareVersion": "v1.0.20170207",
    "DeviceSerialNumber": "35407",
    "EchoTime": 0.02,
    "EffectiveEchoSpacing": 0.000460005,
    "FlipAngle": 80,
    "HardcopyDeviceSoftwareVersion": "syngo MR B17",
    "ImageType": [
      "ORIGINAL",
      "PRIMARY",
      "M",
      "ND",
      "MOSAIC"
    ],
    "InstitutionAddress": "Cedar Street 333, New Haven, Connecticut, US 06510",
    "InstitutionName": "Yale MRRC",
    "MagneticFieldStrength": 3,
    "Manufacturer": "Siemens",
    "ManufacturersModelName": "TrioTim",
    "PhaseEncodingDirection": "j-",
    "ProcedureStepDescription": "MRRC_Research_SiteProtocols",
    "ProtocolName": "ep2d_bold_390",
    "PulseSequenceType": " EP SK FS",
    "RepetitionTime": 2,
    "SequenceName": "epfid2d1_64",
    "SliceTiming": [
      1.005,
      0,
      1.055,
      0.05,
      1.105,
      0.1,
      1.155,
      0.15,
      1.205,
      0.2,
      1.255,
      0.25,
      1.305,
      0.3025,
      1.355,
      0.3525,
      1.405,
      0.4025,
      1.455,
      0.4525,
      1.505,
      0.5025,
      1.555,
      0.5525,
      1.6075,
      0.6025,
      1.6575,
      0.6525,
      1.7075,
      0.7025,
      1.7575,
      0.7525,
      1.8075,
      0.8025,
      1.8575,
      0.8525,
      1.9075,
      0.9025,
      1.9575,
      0.955
    ],
    "TaskName": "flavor",
    "dataset": "ds000229",
    "modality": "bold",
    "run_id": 3,
    "subject_id": "12",
    "task_id": "flavor"
  },
  "dummy_trs": 1,
  "dvars_nstd": 26.78464997675257,
  "dvars_std": 1.0951064256443301,
  "dvars_vstd": 1.015349327989691,
  "efc": 0.5543549495518066,
  "fber": 465.9534606933594,
  "fd_mean": 0.19004962541413287,
  "fd_num": 147,
  "fd_perc": 37.789203084832906,
  "fwhm_avg": 2.272101898989899,
  "fwhm_x": 2.1055912727272728,
  "fwhm_y": 2.3339810909090906,
  "fwhm_z": 2.3767333333333336,
  "gcor": 0.0537752,
  "gsr_x": -0.007459431886672974,
  "gsr_y": 0.01619870215654373,
  "provenance": {
    "md5sum": "92ca950759f5b508d0eff05293057491",
    "settings": {
      "fd_thres": 0.2,
      "testing": false
    },
    "software": "mriqc",
    "version": "22.0.6",
    "webapi_port": null,
    "webapi_url": "https://mriqc.nimh.nih.gov/api/v1"
  },
  "size_t": 389,
  "size_x": 64,
  "size_y": 64,
  "size_z": 40,
  "snr": 6.665521216616829,
  "spacing_tr": 2.0,
  "spacing_x": 3.4375,
  "spacing_y": 3.4375,
  "spacing_z": 3.0,
  "summary_bg_k": 22.602436188086152,
  "summary_bg_mad": 10.275310456885597,
  "summary_bg_mean": 74.22015380859375,
  "summary_bg_median": 45.68380355834961,
  "summary_bg_n": 102663.0,
  "summary_bg_p05": 36.858612060546875,
  "summary_bg_p95": 222.9264816284179,
  "summary_bg_stdv": 80.98975372314453,
  "summary_fg_k": 1.1701106210392167,
  "summary_fg_mad": 131.97449163408854,
  "summary_fg_mean": 994.853271484375,
  "summary_fg_median": 1002.5012817382812,
  "summary_fg_n": 28463.0,
  "summary_fg_p05": 733.6953979492188,
  "summary_fg_p95": 1231.4488037109375,
  "summary_fg_stdv": 150.3983917236328,
  "tsnr": 51.970038674771786
}