{
  "aor": 0.0013536082474226805,
  "aqi": 0.005647848530927834,
  "bids_meta": {
    "AcquisitionDateTime": "2011-03-15T12:12:25.882812",
    "ConversionSoftware": "dcm2niix",
    "ConversionSoftwareVersion": "v1.0.20170207",
    "DeviceSerialNumber": "35407",
    "EchoTime": 0.02,
    "EffectiveEchoSpacing": 0.000460005,
    "FlipAngle": 80,
    "HardcopyDeviceSoftwareVersion": "syngo MR B17",
    "ImageType": [
      "ORIGINAL",
      "PRIMARY",
      "M",
      "ND",
      "MOSAIC"
    ],
    "InstitutionAddress": "Cedar Street 333, New Haven, Connecticut, US 06510",
    "InstitutionName": "Yale MRRC",
    "MagneticFieldStrength": 3,
    "Manufacturer": "Siemens",
    "ManufacturersModelName": "TrioTim",
    "PhaseEncodingDirection": "j-",
    "ProcedureStepDescription": "MRRC_Research_SiteProtocols",
    "ProtocolName": "ep2d_bold_390",
    "PulseSequenceType": " EP SK FS",
    "RepetitionTime": 2,
    "SequenceName": "epfid2d1_64",
    "SliceTiming": [
      1.005,
      0,
      1.055,
      0.05,
      1.105,
      0.1,
      1.155,
      0.15,
      1.205,
      0.2,
      1.255,
      0.25,
      1.305,
      0.3025,
      1.355,
      0.3525,
      1.405,
      0.4025,
      1.455,
      0.4525,
      1.505,
      0.5025,
      1.555,
      0.5525,
      1.6075,
      0.6025,
      1.6575,
      0.6525,
      1.7075,
      0.7025,
      1.7575,
      0.7525,
      1.8075,
      0.8025,
      1.8575,
      0.8525,
      1.9075,
      0.9025,
      1.9575,
      0.955
    ],
    "TaskName": "flavor",
    "dataset": "ds000229",
    "modality": "bold",
    "run_id": 3,
    "subject_id": "05",
    "task_id": "flavor"
  },
  "dummy_trs": 2,
  "dvars_nstd": 26.219600426072333,
  "dvars_std": 1.1801379260465117,
  "dvars_vstd": 1.0055992729198968,
  "efc": 0.5710141572686309,
  "fber": 895.3997192382812,
  "fd_mean": 0.3021955060445103,
  "fd_num": 280,
  "fd_perc": 72.16494845360825,
  "fwhm_avg": 2.134619797108634,
  "fwhm_x": 1.8759156363636362,
  "fwhm_y": 2.273026909090909,
  "fwhm_z": 2.254916845871357,
  "gcor": 0.0306372,
  "gsr_x": -0.013857755810022354,
  "gsr_y": 0.06395284831523895,
  "provenance": {
    "md5sum": "93f1e7302ee8fe9b570779ea6449c433",
    "settings": {
      "fd_thres": 0.2,
      "testing": false
    },
    "software": "mriqc",
    "version": "22.0.6",
    "webapi_port": null,
    "webapi_url": "https://mriqc.nimh.nih.gov/api/v1"
  },
  "size_t": 388,
  "size_x": 64,
  "size_y": 64,
  "size_z": 40,
  "snr": 6.316447907621487,
  "spacing_tr": 2.0,
  "spacing_x": 3.4375,
  "spacing_y": 3.4375,
  "spacing_z": 2.999999761581421,
  "summary_bg_k": 8.285495558062303,
  "summary_bg_mad": 16.052608799065265,
  "summary_bg_mean": 99.68053436279297,
  "summary_bg_median": 33.402061462402344,
  "summary_bg_n": 99779.0,
  "summary_bg_p05": 21.729381561279297,
  "summary_bg_p95": 466.61054992675736,
  "summary_bg_stdv": 154.8939208984375,
  "summary_fg_k": 0.9023372608115117,
  "summary_fg_mad": 148.8333909455318,
  "summary_fg_mean": 1039.8480224609375,
  "summary_fg_median": 1030.819580078125,
  "summary_fg_n": 29753.0,
  "summary_fg_p05": 788.9515258789063,
  "summary_fg_p95": 1323.41181640625,
  "summary_fg_stdv": 163.19334411621094,
  "tsnr": 67.30909466545563
}