{
  "aor": 0.0015814690721649483,
  "aqi": 0.006741069432989691,
  "bids_meta": {
    "AcquisitionDateTime": "2011-03-15T12:12:25.882812",
    "ConversionSoftware": "dcm2niix",
    "ConversionSoftwareVersion": "v1.0.20170207",
    "DeviceSerialNumber": "35407",
    "EchoTime": 0.02,
    "EffectiveEchoSpacing": 0.000460005,
    "FlipAngle": 80,
    "HardcopyDeviceSoftwareVersion": "syngo MR B17",
    "ImageType": [
      "ORIGINAL",
      "PRIMARY",
      "M",
      "ND",
      "MOSAIC"
    ],
    "InstitutionAddress": "Cedar Street 333, New Haven, Connecticut, US 06510",
    "InstitutionName": "Yale MRRC",
    "MagneticFieldStrength": 3,
    "Manufacturer": "Siemens",
    "ManufacturersModelName": "TrioTim",
    "PhaseEncodingDirection": "j-",
    "ProcedureStepDescription": "MRRC_Research_SiteProtocols",
    "ProtocolName": "ep2d_bold_390",
    "PulseSequenceType": " EP SK FS",
    "RepetitionTime": 2,
    "SequenceName": "epfid2d1_64",
    "SliceTiming": [
      1.005,
      0,
      1.055,
      0.05,
      1.105,
      0.1,
      1.155,
      0.15,
      1.205,
      0.2,
      1.255,
      0.25,
      1.305,
      0.3025,
      1.355,
      0.3525,
      1.405,
      0.4025,
      1.455,
      0.4525,
      1.505,
      0.5025,
      1.555,
      0.5525,
      1.6075,
      0.6025,
      1.6575,
      0.6525,
      1.7075,
      0.7025,
      1.7575,
      0.7525,
      1.8075,
      0.8025,
      1.8575,
      0.8525,
      1.9075,
      0.9025,
      1.9575,
      0.955
    ],
    "TaskName": "flavor",
    "dataset": "ds000229",
    "modality": "bold",
    "run_id": 2,
    "subject_id": "05",
    "task_id": "flavor"
  },
  "dummy_trs": 2,
  "dvars_nstd": 28.983059501214466,
  "dvars_std": 1.1567386215503868,
  "dvars_vstd": 1.003754284832042,
  "efc": 0.5701819102230473,
  "fber": 894.9495239257812,
  "fd_mean": 0.40097013089606526,
  "fd_num": 327,
  "fd_perc": 84.27835051546391,
  "fwhm_avg": 2.143270645094658,
  "fwhm_x": 1.8945658181818181,
  "fwhm_y": 2.2991592727272727,
  "fwhm_z": 2.2360868443748827,
  "gcor": 0.0362455,
  "gsr_x": -0.01344242598861456,
  "gsr_y": 0.06327304989099503,
  "provenance": {
    "md5sum": "e6ab4cfcbe660b254e9255c133d59931",
    "settings": {
      "fd_thres": 0.2,
      "testing": false
    },
    "software": "mriqc",
    "version": "22.0.6",
    "webapi_port": null,
    "webapi_url": "https://mriqc.nimh.nih.gov/api/v1"
  },
  "size_t": 388,
  "size_x": 64,
  "size_y": 64,
  "size_z": 40,
  "snr": 6.327646801208484,
  "spacing_tr": 2.0,
  "spacing_x": 3.4375,
  "spacing_y": 3.4375,
  "spacing_z": 2.999999761581421,
  "summary_bg_k": 8.34473127419832,
  "summary_bg_mad": 16.108014654753703,
  "summary_bg_mean": 98.35955810546875,
  "summary_bg_median": 33.266754150390625,
  "summary_bg_n": 99826.0,
  "summary_bg_p05": 21.237112045288086,
  "summary_bg_p95": 458.0901870727539,
  "summary_bg_stdv": 152.02456665039062,
  "summary_fg_k": 0.999021736117979,
  "summary_fg_mad": 147.4692865056598,
  "summary_fg_mean": 1030.6199951171875,
  "summary_fg_median": 1022.4922485351562,
  "summary_fg_n": 29740.0,
  "summary_fg_p05": 781.9413513183594,
  "summary_fg_p95": 1311.1198181152345,
  "summary_fg_stdv": 161.58851623535156,
  "tsnr": 59.94692430831492
}