{
  "aor": 0.0022459278350515466,
  "aqi": 0.009435606649484535,
  "bids_meta": {
    "AcquisitionDateTime": "2011-03-15T12:12:25.882812",
    "ConversionSoftware": "dcm2niix",
    "ConversionSoftwareVersion": "v1.0.20170207",
    "DeviceSerialNumber": "35407",
    "EchoTime": 0.02,
    "EffectiveEchoSpacing": 0.000460005,
    "FlipAngle": 80,
    "HardcopyDeviceSoftwareVersion": "syngo MR B17",
    "ImageType": [
      "ORIGINAL",
      "PRIMARY",
      "M",
      "ND",
      "MOSAIC"
    ],
    "InstitutionAddress": "Cedar Street 333, New Haven, Connecticut, US 06510",
    "InstitutionName": "Yale MRRC",
    "MagneticFieldStrength": 3,
    "Manufacturer": "Siemens",
    "ManufacturersModelName": "TrioTim",
    "PhaseEncodingDirection": "j-",
    "ProcedureStepDescription": "MRRC_Research_SiteProtocols",
    "ProtocolName": "ep2d_bold_390",
    "PulseSequenceType": " EP SK FS",
    "RepetitionTime": 2,
    "SequenceName": "epfid2d1_64",
    "SliceTiming": [
      1.005,
      0,
      1.055,
      0.05,
      1.105,
      0.1,
      1.155,
      0.15,
      1.205,
      0.2,
      1.255,
      0.25,
      1.305,
      0.3025,
      1.355,
      0.3525,
      1.405,
      0.4025,
      1.455,
      0.4525,
      1.505,
      0.5025,
      1.555,
      0.5525,
      1.6075,
      0.6025,
      1.6575,
      0.6525,
      1.7075,
      0.7025,
      1.7575,
      0.7525,
      1.8075,
      0.8025,
      1.8575,
      0.8525,
      1.9075,
      0.9025,
      1.9575,
      0.955
    ],
    "TaskName": "flavor",
    "dataset": "ds000229",
    "modality": "bold",
    "run_id": 1,
    "subject_id": "05",
    "task_id": "flavor"
  },
  "dummy_trs": 2,
  "dvars_nstd": 30.222196470645986,
  "dvars_std": 1.1234044828940568,
  "dvars_vstd": 1.0030824728165384,
  "efc": 0.5684570836213624,
  "fber": 897.4019165039062,
  "fd_mean": 0.49286452397041014,
  "fd_num": 357,
  "fd_perc": 92.01030927835052,
  "fwhm_avg": 2.1446658562312013,
  "fwhm_x": 1.8818938181818181,
  "fwhm_y": 2.3531869090909088,
  "fwhm_z": 2.198916841420876,
  "gcor": 0.0237214,
  "gsr_x": -0.012295199558138847,
  "gsr_y": 0.06261371821165085,
  "provenance": {
    "md5sum": "24317b5ace6a4689e9eb797de728b277",
    "settings": {
      "fd_thres": 0.2,
      "testing": false
    },
    "software": "mriqc",
    "version": "22.0.6",
    "webapi_port": null,
    "webapi_url": "https://mriqc.nimh.nih.gov/api/v1"
  },
  "size_t": 388,
  "size_x": 64,
  "size_y": 64,
  "size_z": 40,
  "snr": 6.344759443212471,
  "spacing_tr": 2.0,
  "spacing_x": 3.4375,
  "spacing_y": 3.4375,
  "spacing_z": 2.999999761581421,
  "summary_bg_k": 8.406339995748763,
  "summary_bg_mad": 16.251309756335914,
  "summary_bg_mean": 96.24324798583984,
  "summary_bg_median": 33.146907806396484,
  "summary_bg_n": 99866.0,
  "summary_bg_p05": 20.31443214416504,
  "summary_bg_p95": 445.0309066772461,
  "summary_bg_stdv": 147.78848266601562,
  "summary_fg_k": 0.9728997645675501,
  "summary_fg_mad": 145.237646209537,
  "summary_fg_mean": 1021.3158569335938,
  "summary_fg_median": 1013.0205688476562,
  "summary_fg_n": 29747.0,
  "summary_fg_p05": 773.765185546875,
  "summary_fg_p95": 1299.4924926757812,
  "summary_fg_stdv": 159.65988159179688,
  "tsnr": 49.63457328034565
}