{
  "aor": 0.0005620360824742268,
  "aqi": 0.006935693170103093,
  "bids_meta": {
    "AcquisitionDateTime": "2011-03-15T12:12:25.882812",
    "ConversionSoftware": "dcm2niix",
    "ConversionSoftwareVersion": "v1.0.20170207",
    "DeviceSerialNumber": "35407",
    "EchoTime": 0.02,
    "EffectiveEchoSpacing": 0.000460005,
    "FlipAngle": 80,
    "HardcopyDeviceSoftwareVersion": "syngo MR B17",
    "ImageType": [
      "ORIGINAL",
      "PRIMARY",
      "M",
      "ND",
      "MOSAIC"
    ],
    "InstitutionAddress": "Cedar Street 333, New Haven, Connecticut, US 06510",
    "InstitutionName": "Yale MRRC",
    "MagneticFieldStrength": 3,
    "Manufacturer": "Siemens",
    "ManufacturersModelName": "TrioTim",
    "PhaseEncodingDirection": "j-",
    "ProcedureStepDescription": "MRRC_Research_SiteProtocols",
    "ProtocolName": "ep2d_bold_390",
    "PulseSequenceType": " EP SK FS",
    "RepetitionTime": 2,
    "SequenceName": "epfid2d1_64",
    "SliceTiming": [
      1.005,
      0,
      1.055,
      0.05,
      1.105,
      0.1,
      1.155,
      0.15,
      1.205,
      0.2,
      1.255,
      0.25,
      1.305,
      0.3025,
      1.355,
      0.3525,
      1.405,
      0.4025,
      1.455,
      0.4525,
      1.505,
      0.5025,
      1.555,
      0.5525,
      1.6075,
      0.6025,
      1.6575,
      0.6525,
      1.7075,
      0.7025,
      1.7575,
      0.7525,
      1.8075,
      0.8025,
      1.8575,
      0.8525,
      1.9075,
      0.9025,
      1.9575,
      0.955
    ],
    "TaskName": "flavor",
    "dataset": "ds000229",
    "modality": "bold",
    "run_id": 1,
    "subject_id": "03",
    "task_id": "flavor"
  },
  "dummy_trs": 2,
  "dvars_nstd": 21.424915463979346,
  "dvars_std": 1.137613582015504,
  "dvars_vstd": 0.9800800332041336,
  "efc": 0.5643108687270368,
  "fber": 1098.4832763671875,
  "fd_mean": 0.16995311640937577,
  "fd_num": 110,
  "fd_perc": 28.350515463917525,
  "fwhm_avg": 2.001820626262626,
  "fwhm_x": 1.7794734545454545,
  "fwhm_y": 2.0903650909090907,
  "fwhm_z": 2.135623333333333,
  "gcor": 0.0584749,
  "gsr_x": -0.017944788560271263,
  "gsr_y": 0.04268025979399681,
  "provenance": {
    "md5sum": "09c13c668f32bf8808a491948ae1426b",
    "settings": {
      "fd_thres": 0.2,
      "testing": false
    },
    "software": "mriqc",
    "version": "22.0.6",
    "webapi_port": null,
    "webapi_url": "https://mriqc.nimh.nih.gov/api/v1"
  },
  "size_t": 388,
  "size_x": 64,
  "size_y": 64,
  "size_z": 40,
  "snr": 6.537767092651023,
  "spacing_tr": 2.0,
  "spacing_x": 3.4375,
  "spacing_y": 3.4375,
  "spacing_z": 3.0,
  "summary_bg_k": 15.9232103495061,
  "summary_bg_mad": 12.120653763455024,
  "summary_bg_mean": 65.65400695800781,
  "summary_bg_median": 27.87371063232422,
  "summary_bg_n": 96122.0,
  "summary_bg_p05": 18.75257682800293,
  "summary_bg_p95": 252.32551193237293,
  "summary_bg_stdv": 95.82240295410156,
  "summary_fg_k": 0.7672421262946041,
  "summary_fg_mad": 139.70467318412767,
  "summary_fg_mean": 956.902099609375,
  "summary_fg_median": 949.9200439453125,
  "summary_fg_n": 33475.0,
  "summary_fg_p05": 733.349462890625,
  "summary_fg_p95": 1206.3123291015625,
  "summary_fg_stdv": 145.29515075683594,
  "tsnr": 66.31053103948943
}