{
  "aor": 0.0005452835051546392,
  "aqi": 0.005353973711340205,
  "bids_meta": {
    "AcquisitionDateTime": "2011-03-15T12:12:25.882812",
    "ConversionSoftware": "dcm2niix",
    "ConversionSoftwareVersion": "v1.0.20170207",
    "DeviceSerialNumber": "35407",
    "EchoTime": 0.02,
    "EffectiveEchoSpacing": 0.000460005,
    "FlipAngle": 80,
    "HardcopyDeviceSoftwareVersion": "syngo MR B17",
    "ImageType": [
      "ORIGINAL",
      "PRIMARY",
      "M",
      "ND",
      "MOSAIC"
    ],
    "InstitutionAddress": "Cedar Street 333, New Haven, Connecticut, US 06510",
    "InstitutionName": "Yale MRRC",
    "MagneticFieldStrength": 3,
    "Manufacturer": "Siemens",
    "ManufacturersModelName": "TrioTim",
    "PhaseEncodingDirection": "j-",
    "ProcedureStepDescription": "MRRC_Research_SiteProtocols",
    "ProtocolName": "ep2d_bold_390",
    "PulseSequenceType": " EP SK FS",
    "RepetitionTime": 2,
    "SequenceName": "epfid2d1_64",
    "SliceTiming": [
      1.005,
      0,
      1.055,
      0.05,
      1.105,
      0.1,
      1.155,
      0.15,
      1.205,
      0.2,
      1.255,
      0.25,
      1.305,
      0.3025,
      1.355,
      0.3525,
      1.405,
      0.4025,
      1.455,
      0.4525,
      1.505,
      0.5025,
      1.555,
      0.5525,
      1.6075,
      0.6025,
      1.6575,
      0.6525,
      1.7075,
      0.7025,
      1.7575,
      0.7525,
      1.8075,
      0.8025,
      1.8575,
      0.8525,
      1.9075,
      0.9025,
      1.9575,
      0.955
    ],
    "TaskName": "flavor",
    "dataset": "ds000229",
    "modality": "bold",
    "run_id": 2,
    "subject_id": "03",
    "task_id": "flavor"
  },
  "dummy_trs": 2,
  "dvars_nstd": 21.93092795948319,
  "dvars_std": 1.1840348674418602,
  "dvars_vstd": 1.00168465509044,
  "efc": 0.5663049561583425,
  "fber": 1085.623291015625,
  "fd_mean": 0.1797303714745711,
  "fd_num": 129,
  "fd_perc": 33.24742268041237,
  "fwhm_avg": 2.0050510505050503,
  "fwhm_x": 1.7722385454545453,
  "fwhm_y": 2.0867112727272725,
  "fwhm_z": 2.1562033333333335,
  "gcor": 0.074851,
  "gsr_x": -0.018640460446476936,
  "gsr_y": 0.043428223580121994,
  "provenance": {
    "md5sum": "8b1a60a5560b624ccef13663b3b77035",
    "settings": {
      "fd_thres": 0.2,
      "testing": false
    },
    "software": "mriqc",
    "version": "22.0.6",
    "webapi_port": null,
    "webapi_url": "https://mriqc.nimh.nih.gov/api/v1"
  },
  "size_t": 388,
  "size_x": 64,
  "size_y": 64,
  "size_z": 40,
  "snr": 6.486917463169059,
  "spacing_tr": 2.0,
  "spacing_x": 3.4375,
  "spacing_y": 3.4375,
  "spacing_z": 3.0,
  "summary_bg_k": 15.3454503632362,
  "summary_bg_mad": 12.36902854612368,
  "summary_bg_mean": 68.98170471191406,
  "summary_bg_median": 28.347936630249023,
  "summary_bg_n": 96174.0,
  "summary_bg_p05": 19.389175415039062,
  "summary_bg_p95": 269.66841888427734,
  "summary_bg_stdv": 102.2430419921875,
  "summary_fg_k": 0.8570157718852074,
  "summary_fg_mad": 141.3210208908505,
  "summary_fg_mean": 967.5633544921875,
  "summary_fg_median": 959.9767456054688,
  "summary_fg_n": 33521.0,
  "summary_fg_p05": 743.2783203125,
  "summary_fg_p95": 1223.015380859375,
  "summary_fg_stdv": 147.984375,
  "tsnr": 76.13212307658978
}